GENERATE-LOAD-SCRIPTS: ON
REDIRECTS: ON
STORAGE: NONE
RESTRICTION: || (== net45) (== net462) (== netstandard1.6)
NUGET
  remote: https://www.nuget.org/api/v2
    FParsec (1.0.3)
      FSharp.Core (>= 4.0.0.1) - restriction: || (== net45) (== net462) (&& (== netstandard1.6) (>= net40))
      FSharp.Core (>= 4.2.3) - restriction: || (&& (== net45) (< net40) (>= netstandard1.6)) (&& (== net462) (< net40) (>= netstandard1.6)) (== netstandard1.6)
      NETStandard.Library (>= 1.6.1) - restriction: || (&& (== net45) (< net40) (>= netstandard1.6)) (&& (== net462) (< net40) (>= netstandard1.6)) (== netstandard1.6)
    FSharp.Core (4.3.3)
      System.Collections (>= 4.0.11) - restriction: || (&& (== net462) (< net45) (>= netstandard1.6)) (== netstandard1.6)
      System.Console (>= 4.0) - restriction: || (&& (== net462) (< net45) (>= netstandard1.6)) (== netstandard1.6)
      System.Diagnostics.Debug (>= 4.0.11) - restriction: || (&& (== net462) (< net45) (>= netstandard1.6)) (== netstandard1.6)
      System.Diagnostics.Tools (>= 4.0.1) - restriction: || (&& (== net462) (< net45) (>= netstandard1.6)) (== netstandard1.6)
      System.Globalization (>= 4.0.11) - restriction: || (&& (== net462) (< net45) (>= netstandard1.6)) (== netstandard1.6)
      System.IO (>= 4.1) - restriction: || (&& (== net462) (< net45) (>= netstandard1.6)) (== netstandard1.6)
      System.Linq (>= 4.1) - restriction: || (&& (== net462) (< net45) (>= netstandard1.6)) (== netstandard1.6)
      System.Linq.Expressions (>= 4.1) - restriction: || (&& (== net462) (< net45) (>= netstandard1.6)) (== netstandard1.6)
      System.Linq.Queryable (>= 4.0.1) - restriction: || (&& (== net462) (< net45) (>= netstandard1.6)) (== netstandard1.6)
      System.Net.Requests (>= 4.0.11) - restriction: || (&& (== net462) (< net45) (>= netstandard1.6)) (== netstandard1.6)
      System.Reflection (>= 4.1) - restriction: || (&& (== net462) (< net45) (>= netstandard1.6)) (== netstandard1.6)
      System.Reflection.Extensions (>= 4.0.1) - restriction: || (&& (== net462) (< net45) (>= netstandard1.6)) (== netstandard1.6)
      System.Resources.ResourceManager (>= 4.0.1) - restriction: || (&& (== net462) (< net45) (>= netstandard1.6)) (== netstandard1.6)
      System.Runtime (>= 4.1) - restriction: || (&& (== net462) (< net45) (>= netstandard1.6)) (== netstandard1.6)
      System.Runtime.Extensions (>= 4.1) - restriction: || (&& (== net462) (< net45) (>= netstandard1.6)) (== netstandard1.6)
      System.Runtime.Numerics (>= 4.0.1) - restriction: || (&& (== net462) (< net45) (>= netstandard1.6)) (== netstandard1.6)
      System.Text.RegularExpressions (>= 4.1) - restriction: || (&& (== net462) (< net45) (>= netstandard1.6)) (== netstandard1.6)
      System.Threading (>= 4.0.11) - restriction: || (&& (== net462) (< net45) (>= netstandard1.6)) (== netstandard1.6)
      System.Threading.Tasks (>= 4.0.11) - restriction: || (&& (== net462) (< net45) (>= netstandard1.6)) (== netstandard1.6)
      System.Threading.Tasks.Parallel (>= 4.0.1) - restriction: || (&& (== net462) (< net45) (>= netstandard1.6)) (== netstandard1.6)
      System.Threading.Thread (>= 4.0) - restriction: || (&& (== net462) (< net45) (>= netstandard1.6)) (== netstandard1.6)
      System.Threading.ThreadPool (>= 4.0.10) - restriction: || (&& (== net462) (< net45) (>= netstandard1.6)) (== netstandard1.6)
      System.Threading.Timer (>= 4.0.1) - restriction: || (&& (== net462) (< net45) (>= netstandard1.6)) (== netstandard1.6)
    Microsoft.NETCore.Platforms (2.0.1) - restriction: || (&& (== net45) (>= monoandroid) (< netstandard1.0) (>= netstandard1.6)) (&& (== net45) (>= monotouch)) (&& (== net45) (< net40) (>= netstandard1.6)) (&& (== net45) (< net40) (>= netstandard2.0)) (&& (== net45) (>= netcoreapp1.1)) (&& (== net45) (>= netcoreapp2.0)) (&& (== net45) (>= netstandard1.6) (>= uap10.0)) (&& (== net45) (>= netstandard1.6) (>= wpa81)) (&& (== net45) (>= xamarinios)) (&& (== net45) (>= xamarinmac)) (&& (== net45) (>= xamarintvos)) (&& (== net45) (>= xamarinwatchos)) (&& (== net462) (>= monoandroid) (< netstandard1.0) (>= netstandard1.6)) (&& (== net462) (>= monotouch)) (&& (== net462) (< net40) (>= netstandard1.6)) (&& (== net462) (< net40) (>= netstandard2.0)) (&& (== net462) (< net45) (>= netstandard1.6)) (&& (== net462) (>= netcoreapp1.1)) (&& (== net462) (>= netcoreapp2.0)) (&& (== net462) (< netstandard1.3) (>= netstandard1.6) (>= wpa81)) (&& (== net462) (>= netstandard1.6) (>= uap10.0)) (&& (== net462) (>= xamarinios)) (&& (== net462) (>= xamarinmac)) (&& (== net462) (>= xamarintvos)) (&& (== net462) (>= xamarinwatchos)) (== netstandard1.6)
    Microsoft.NETCore.Targets (2.0) - restriction: || (&& (== net45) (< net40) (>= netstandard1.6)) (&& (== net45) (>= netcoreapp1.1)) (&& (== net45) (>= netstandard1.6) (>= uap10.0)) (&& (== net462) (< net40) (>= netstandard1.6)) (&& (== net462) (>= netcoreapp1.1)) (&& (== net462) (>= netstandard1.6) (>= uap10.0)) (== netstandard1.6)
    Microsoft.Win32.Primitives (4.3) - restriction: || (&& (== net45) (< net40) (>= netstandard1.6)) (&& (== net45) (>= netstandard1.6) (>= uap10.0)) (&& (== net462) (< net40) (>= netstandard1.6)) (&& (== net462) (>= netstandard1.6) (>= uap10.0)) (== netstandard1.6)
      Microsoft.NETCore.Platforms (>= 1.1) - restriction: || (&& (== net45) (== net462)) (&& (== net45) (>= netstandard1.3)) (&& (== net462) (< net46)) (== netstandard1.6)
      Microsoft.NETCore.Targets (>= 1.1) - restriction: || (&& (== net45) (== net462)) (&& (== net45) (>= netstandard1.3)) (&& (== net462) (< net46)) (== netstandard1.6)
      System.Runtime (>= 4.3) - restriction: || (&& (== net45) (== net462)) (&& (== net45) (>= netstandard1.3)) (&& (== net462) (< net46)) (== netstandard1.6)
    NETStandard.Library (2.0.1) - restriction: || (&& (== net45) (< net40) (>= netstandard1.6)) (&& (== net462) (< net40) (>= netstandard1.6)) (== netstandard1.6)
      Microsoft.NETCore.Platforms (>= 1.1)
      Microsoft.Win32.Primitives (>= 4.3) - restriction: || (&& (== net45) (== net462)) (&& (== net45) (>= net46)) (&& (== net45) (>= uap10.0)) (&& (== net462) (< net45)) (&& (== net462) (< netstandard1.4)) (&& (== net462) (>= uap10.0)) (== netstandard1.6)
      System.AppContext (>= 4.3) - restriction: || (&& (== net45) (== net462)) (&& (== net45) (>= net46)) (&& (== net45) (>= uap10.0)) (&& (== net462) (< net45)) (&& (== net462) (< netstandard1.4)) (&& (== net462) (>= uap10.0)) (== netstandard1.6)
      System.Collections (>= 4.3) - restriction: || (&& (== net45) (< portable-net45+win8+wpa81)) (&& (== net45) (>= uap10.0)) (&& (== net462) (< net45)) (&& (== net462) (< portable-net45+win8+wpa81)) (&& (== net462) (>= uap10.0)) (== netstandard1.6)
      System.Collections.Concurrent (>= 4.3) - restriction: || (&& (== net45) (>= uap10.0)) (&& (== net462) (< net45)) (&& (== net462) (>= uap10.0)) (== netstandard1.6)
      System.Console (>= 4.3) - restriction: || (&& (== net45) (== net462)) (&& (== net45) (>= net46)) (&& (== net45) (>= uap10.0)) (&& (== net462) (< net45)) (&& (== net462) (< netstandard1.4)) (&& (== net462) (>= uap10.0)) (== netstandard1.6)
      System.Diagnostics.Debug (>= 4.3) - restriction: || (&& (== net45) (< portable-net45+win8+wpa81)) (&& (== net45) (>= uap10.0)) (&& (== net462) (< net45)) (&& (== net462) (< portable-net45+win8+wpa81)) (&& (== net462) (>= uap10.0)) (== netstandard1.6)
      System.Diagnostics.Tools (>= 4.3) - restriction: || (&& (== net45) (< portable-net45+win8+wpa81)) (&& (== net45) (>= uap10.0)) (&& (== net462) (< net45)) (&& (== net462) (< portable-net45+win8+wpa81)) (&& (== net462) (>= uap10.0)) (== netstandard1.6)
      System.Diagnostics.Tracing (>= 4.3) - restriction: || (&& (== net45) (>= uap10.0)) (&& (== net462) (< net45)) (&& (== net462) (>= uap10.0)) (== netstandard1.6)
      System.Globalization (>= 4.3) - restriction: || (&& (== net45) (< portable-net45+win8+wpa81)) (&& (== net45) (>= uap10.0)) (&& (== net462) (< net45)) (&& (== net462) (< portable-net45+win8+wpa81)) (&& (== net462) (>= uap10.0)) (== netstandard1.6)
      System.Globalization.Calendars (>= 4.3) - restriction: || (&& (== net45) (== net462)) (&& (== net45) (>= net46)) (&& (== net45) (>= uap10.0)) (&& (== net462) (< net45)) (&& (== net462) (< netstandard1.4)) (&& (== net462) (>= uap10.0)) (== netstandard1.6)
      System.IO (>= 4.3) - restriction: || (&& (== net45) (< portable-net45+win8+wpa81)) (&& (== net45) (>= uap10.0)) (&& (== net462) (< net45)) (&& (== net462) (< portable-net45+win8+wpa81)) (&& (== net462) (>= uap10.0)) (== netstandard1.6)
      System.IO.Compression (>= 4.3) - restriction: || (&& (== net45) (== net462)) (&& (== net45) (>= net46)) (&& (== net45) (>= uap10.0)) (&& (== net462) (< net45)) (&& (== net462) (< netstandard1.4)) (&& (== net462) (>= uap10.0)) (== netstandard1.6)
      System.IO.Compression.ZipFile (>= 4.3) - restriction: || (&& (== net45) (== net462)) (&& (== net45) (>= net46)) (&& (== net45) (>= uap10.0)) (&& (== net462) (< net45)) (&& (== net462) (< netstandard1.4)) (&& (== net462) (>= uap10.0)) (== netstandard1.6)
      System.IO.FileSystem (>= 4.3) - restriction: || (&& (== net45) (== net462)) (&& (== net45) (>= net46)) (&& (== net45) (>= uap10.0)) (&& (== net462) (< net45)) (&& (== net462) (< netstandard1.4)) (&& (== net462) (>= uap10.0)) (== netstandard1.6)
      System.IO.FileSystem.Primitives (>= 4.3) - restriction: || (&& (== net45) (== net462)) (&& (== net45) (>= net46)) (&& (== net45) (>= uap10.0)) (&& (== net462) (< net45)) (&& (== net462) (< netstandard1.4)) (&& (== net462) (>= uap10.0)) (== netstandard1.6)
      System.Linq (>= 4.3) - restriction: || (&& (== net45) (< portable-net45+win8+wpa81)) (&& (== net45) (>= uap10.0)) (&& (== net462) (< net45)) (&& (== net462) (< portable-net45+win8+wpa81)) (&& (== net462) (>= uap10.0)) (== netstandard1.6)
      System.Linq.Expressions (>= 4.3) - restriction: || (&& (== net45) (< portable-net45+win8+wpa81)) (&& (== net45) (>= uap10.0)) (&& (== net462) (< net45)) (&& (== net462) (< portable-net45+win8+wpa81)) (&& (== net462) (>= uap10.0)) (== netstandard1.6)
      System.Net.Http (>= 4.3.2) - restriction: || (&& (== net45) (== net462)) (&& (== net45) (>= net46)) (&& (== net45) (>= uap10.0)) (&& (== net462) (< net45)) (&& (== net462) (< netstandard1.4)) (&& (== net462) (>= uap10.0)) (== netstandard1.6)
      System.Net.Primitives (>= 4.3) - restriction: || (&& (== net45) (< portable-net45+win8+wpa81)) (&& (== net45) (>= uap10.0)) (&& (== net462) (< net45)) (&& (== net462) (< portable-net45+win8+wpa81)) (&& (== net462) (>= uap10.0)) (== netstandard1.6)
      System.Net.Sockets (>= 4.3) - restriction: || (&& (== net45) (== net462)) (&& (== net45) (>= net46)) (&& (== net45) (>= uap10.0)) (&& (== net462) (< net45)) (&& (== net462) (< netstandard1.4)) (&& (== net462) (>= uap10.0)) (== netstandard1.6)
      System.ObjectModel (>= 4.3) - restriction: || (&& (== net45) (< portable-net45+win8+wpa81)) (&& (== net45) (>= uap10.0)) (&& (== net462) (< net45)) (&& (== net462) (< portable-net45+win8+wpa81)) (&& (== net462) (>= uap10.0)) (== netstandard1.6)
      System.Reflection (>= 4.3) - restriction: || (&& (== net45) (< portable-net45+win8+wpa81)) (&& (== net45) (>= uap10.0)) (&& (== net462) (< net45)) (&& (== net462) (< portable-net45+win8+wpa81)) (&& (== net462) (>= uap10.0)) (== netstandard1.6)
      System.Reflection.Extensions (>= 4.3) - restriction: || (&& (== net45) (< portable-net45+win8+wpa81)) (&& (== net45) (>= uap10.0)) (&& (== net462) (< net45)) (&& (== net462) (< portable-net45+win8+wpa81)) (&& (== net462) (>= uap10.0)) (== netstandard1.6)
      System.Reflection.Primitives (>= 4.3) - restriction: || (&& (== net45) (< portable-net45+win8+wpa81)) (&& (== net45) (>= uap10.0)) (&& (== net462) (< net45)) (&& (== net462) (< portable-net45+win8+wpa81)) (&& (== net462) (>= uap10.0)) (== netstandard1.6)
      System.Resources.ResourceManager (>= 4.3) - restriction: || (&& (== net45) (< portable-net45+win8+wpa81)) (&& (== net45) (>= uap10.0)) (&& (== net462) (< net45)) (&& (== net462) (< portable-net45+win8+wpa81)) (&& (== net462) (>= uap10.0)) (== netstandard1.6)
      System.Runtime (>= 4.3) - restriction: || (&& (== net45) (< portable-net45+win8+wpa81)) (&& (== net45) (>= uap10.0)) (&& (== net462) (< net45)) (&& (== net462) (< portable-net45+win8+wpa81)) (&& (== net462) (>= uap10.0)) (== netstandard1.6)
      System.Runtime.Extensions (>= 4.3) - restriction: || (&& (== net45) (< portable-net45+win8+wpa81)) (&& (== net45) (>= uap10.0)) (&& (== net462) (< net45)) (&& (== net462) (< portable-net45+win8+wpa81)) (&& (== net462) (>= uap10.0)) (== netstandard1.6)
      System.Runtime.Handles (>= 4.3) - restriction: || (&& (== net45) (>= uap10.0)) (&& (== net462) (< net45)) (&& (== net462) (>= uap10.0)) (== netstandard1.6)
      System.Runtime.InteropServices (>= 4.3) - restriction: || (&& (== net45) (>= uap10.0)) (&& (== net462) (< net45)) (&& (== net462) (>= uap10.0)) (== netstandard1.6)
      System.Runtime.InteropServices.RuntimeInformation (>= 4.3) - restriction: || (== net45) (&& (== net462) (< net45)) (&& (== net462) (< netstandard1.0)) (&& (== net462) (< netstandard1.3)) (&& (== net462) (< netstandard1.4)) (&& (== net462) (< portable-net451+win81+wpa81)) (&& (== net462) (>= uap10.0)) (== netstandard1.6)
      System.Runtime.Numerics (>= 4.3) - restriction: || (&& (== net45) (>= uap10.0)) (&& (== net462) (< net45)) (&& (== net462) (>= uap10.0)) (== netstandard1.6)
      System.Security.Cryptography.Algorithms (>= 4.3) - restriction: || (&& (== net45) (== net462)) (&& (== net45) (>= net46)) (&& (== net45) (>= uap10.0)) (&& (== net462) (< net45)) (&& (== net462) (< netstandard1.4)) (&& (== net462) (>= uap10.0)) (== netstandard1.6)
      System.Security.Cryptography.Encoding (>= 4.3) - restriction: || (&& (== net45) (== net462)) (&& (== net45) (>= net46)) (&& (== net45) (>= uap10.0)) (&& (== net462) (< net45)) (&& (== net462) (< netstandard1.4)) (&& (== net462) (>= uap10.0)) (== netstandard1.6)
      System.Security.Cryptography.Primitives (>= 4.3) - restriction: || (&& (== net45) (== net462)) (&& (== net45) (>= net46)) (&& (== net45) (>= uap10.0)) (&& (== net462) (< net45)) (&& (== net462) (< netstandard1.4)) (&& (== net462) (>= uap10.0)) (== netstandard1.6)
      System.Security.Cryptography.X509Certificates (>= 4.3) - restriction: || (&& (== net45) (== net462)) (&& (== net45) (>= net46)) (&& (== net45) (>= uap10.0)) (&& (== net462) (< net45)) (&& (== net462) (< netstandard1.4)) (&& (== net462) (>= uap10.0)) (== netstandard1.6)
      System.Text.Encoding (>= 4.3) - restriction: || (&& (== net45) (< portable-net45+win8+wpa81)) (&& (== net45) (>= uap10.0)) (&& (== net462) (< net45)) (&& (== net462) (< portable-net45+win8+wpa81)) (&& (== net462) (>= uap10.0)) (== netstandard1.6)
      System.Text.Encoding.Extensions (>= 4.3) - restriction: || (&& (== net45) (< portable-net45+win8+wpa81)) (&& (== net45) (>= uap10.0)) (&& (== net462) (< net45)) (&& (== net462) (< portable-net45+win8+wpa81)) (&& (== net462) (>= uap10.0)) (== netstandard1.6)
      System.Text.RegularExpressions (>= 4.3) - restriction: || (&& (== net45) (< portable-net45+win8+wpa81)) (&& (== net45) (>= uap10.0)) (&& (== net462) (< net45)) (&& (== net462) (< portable-net45+win8+wpa81)) (&& (== net462) (>= uap10.0)) (== netstandard1.6)
      System.Threading (>= 4.3) - restriction: || (&& (== net45) (< portable-net45+win8+wpa81)) (&& (== net45) (>= uap10.0)) (&& (== net462) (< net45)) (&& (== net462) (< portable-net45+win8+wpa81)) (&& (== net462) (>= uap10.0)) (== netstandard1.6)
      System.Threading.Tasks (>= 4.3) - restriction: || (&& (== net45) (< portable-net45+win8+wpa81)) (&& (== net45) (>= uap10.0)) (&& (== net462) (< net45)) (&& (== net462) (< portable-net45+win8+wpa81)) (&& (== net462) (>= uap10.0)) (== netstandard1.6)
      System.Threading.Timer (>= 4.3) - restriction: || (&& (== net45) (>= uap10.0)) (&& (== net462) (< net45)) (&& (== net462) (>= uap10.0)) (== netstandard1.6)
      System.Xml.ReaderWriter (>= 4.3) - restriction: || (&& (== net45) (== net462)) (&& (== net45) (>= net46)) (&& (== net45) (< portable-net45+win8+wpa81)) (&& (== net45) (>= uap10.0)) (&& (== net462) (< net45)) (&& (== net462) (< netstandard1.4)) (&& (== net462) (< portable-net45+win8+wpa81)) (&& (== net462) (>= uap10.0)) (== netstandard1.6)
      System.Xml.XDocument (>= 4.3) - restriction: || (&& (== net45) (< portable-net45+win8+wpa81)) (&& (== net45) (>= uap10.0)) (&& (== net462) (< net45)) (&& (== net462) (< portable-net45+win8+wpa81)) (&& (== net462) (>= uap10.0)) (== netstandard1.6)
    runtime.debian.8-x64.runtime.native.System.Security.Cryptography.OpenSsl (4.3.2) - restriction: || (&& (== net45) (< net40) (>= netstandard1.6)) (&& (== net45) (>= netstandard1.6) (>= uap10.0)) (&& (== net462) (< net40) (>= netstandard1.6)) (&& (== net462) (>= netstandard1.6) (>= uap10.0)) (== netstandard1.6)
    runtime.fedora.23-x64.runtime.native.System.Security.Cryptography.OpenSsl (4.3.2) - restriction: || (&& (== net45) (< net40) (>= netstandard1.6)) (&& (== net45) (>= netstandard1.6) (>= uap10.0)) (&& (== net462) (< net40) (>= netstandard1.6)) (&& (== net462) (>= netstandard1.6) (>= uap10.0)) (== netstandard1.6)
    runtime.fedora.24-x64.runtime.native.System.Security.Cryptography.OpenSsl (4.3.2) - restriction: || (&& (== net45) (< net40) (>= netstandard1.6)) (&& (== net45) (>= netstandard1.6) (>= uap10.0)) (&& (== net462) (< net40) (>= netstandard1.6)) (&& (== net462) (>= netstandard1.6) (>= uap10.0)) (== netstandard1.6)
    runtime.native.System (4.3) - restriction: || (&& (== net45) (< net40) (>= netstandard1.6)) (&& (== net45) (>= netstandard1.6) (>= uap10.0)) (&& (== net45) (>= netstandard1.6) (>= wpa81)) (&& (== net462) (< net40) (>= netstandard1.6)) (&& (== net462) (< netstandard1.3) (>= netstandard1.6) (>= wpa81)) (&& (== net462) (>= netstandard1.6) (>= uap10.0)) (== netstandard1.6)
      Microsoft.NETCore.Platforms (>= 1.1)
      Microsoft.NETCore.Targets (>= 1.1)
    runtime.native.System.IO.Compression (4.3.1) - restriction: || (&& (== net45) (< net40) (>= netstandard1.6)) (&& (== net45) (>= netstandard1.6) (>= uap10.0)) (&& (== net462) (< net40) (>= netstandard1.6)) (&& (== net462) (>= netstandard1.6) (>= uap10.0)) (== netstandard1.6)
      Microsoft.NETCore.Platforms (>= 1.1)
      Microsoft.NETCore.Targets (>= 1.1.1)
    runtime.native.System.Net.Http (4.3) - restriction: || (&& (== net45) (< net40) (>= netstandard1.6)) (&& (== net45) (>= netstandard1.6) (>= uap10.0)) (&& (== net462) (< net40) (>= netstandard1.6)) (&& (== net462) (>= netstandard1.6) (>= uap10.0)) (== netstandard1.6)
      Microsoft.NETCore.Platforms (>= 1.1)
      Microsoft.NETCore.Targets (>= 1.1)
    runtime.native.System.Security.Cryptography.Apple (4.3.1) - restriction: || (&& (== net45) (< net40) (>= netstandard1.6)) (&& (== net45) (>= netstandard1.6) (>= uap10.0)) (&& (== net462) (< net40) (>= netstandard1.6)) (&& (== net462) (>= netstandard1.6) (>= uap10.0)) (== netstandard1.6)
      runtime.osx.10.10-x64.runtime.native.System.Security.Cryptography.Apple (>= 4.3.1)
    runtime.native.System.Security.Cryptography.OpenSsl (4.3.2) - restriction: || (&& (== net45) (< net40) (>= netstandard1.6)) (&& (== net45) (>= netstandard1.6) (>= uap10.0)) (&& (== net462) (< net40) (>= netstandard1.6)) (&& (== net462) (>= netstandard1.6) (>= uap10.0)) (== netstandard1.6)
      runtime.debian.8-x64.runtime.native.System.Security.Cryptography.OpenSsl (>= 4.3.2)
      runtime.fedora.23-x64.runtime.native.System.Security.Cryptography.OpenSsl (>= 4.3.2)
      runtime.fedora.24-x64.runtime.native.System.Security.Cryptography.OpenSsl (>= 4.3.2)
      runtime.opensuse.13.2-x64.runtime.native.System.Security.Cryptography.OpenSsl (>= 4.3.2)
      runtime.opensuse.42.1-x64.runtime.native.System.Security.Cryptography.OpenSsl (>= 4.3.2)
      runtime.osx.10.10-x64.runtime.native.System.Security.Cryptography.OpenSsl (>= 4.3.2)
      runtime.rhel.7-x64.runtime.native.System.Security.Cryptography.OpenSsl (>= 4.3.2)
      runtime.ubuntu.14.04-x64.runtime.native.System.Security.Cryptography.OpenSsl (>= 4.3.2)
      runtime.ubuntu.16.04-x64.runtime.native.System.Security.Cryptography.OpenSsl (>= 4.3.2)
      runtime.ubuntu.16.10-x64.runtime.native.System.Security.Cryptography.OpenSsl (>= 4.3.2)
    runtime.opensuse.13.2-x64.runtime.native.System.Security.Cryptography.OpenSsl (4.3.2) - restriction: || (&& (== net45) (< net40) (>= netstandard1.6)) (&& (== net45) (>= netstandard1.6) (>= uap10.0)) (&& (== net462) (< net40) (>= netstandard1.6)) (&& (== net462) (>= netstandard1.6) (>= uap10.0)) (== netstandard1.6)
    runtime.opensuse.42.1-x64.runtime.native.System.Security.Cryptography.OpenSsl (4.3.2) - restriction: || (&& (== net45) (< net40) (>= netstandard1.6)) (&& (== net45) (>= netstandard1.6) (>= uap10.0)) (&& (== net462) (< net40) (>= netstandard1.6)) (&& (== net462) (>= netstandard1.6) (>= uap10.0)) (== netstandard1.6)
    runtime.osx.10.10-x64.runtime.native.System.Security.Cryptography.Apple (4.3.1) - restriction: || (&& (== net45) (< net40) (>= netstandard1.6)) (&& (== net45) (>= netstandard1.6) (>= uap10.0)) (&& (== net462) (< net40) (>= netstandard1.6)) (&& (== net462) (>= netstandard1.6) (>= uap10.0)) (== netstandard1.6)
    runtime.osx.10.10-x64.runtime.native.System.Security.Cryptography.OpenSsl (4.3.2) - restriction: || (&& (== net45) (< net40) (>= netstandard1.6)) (&& (== net45) (>= netstandard1.6) (>= uap10.0)) (&& (== net462) (< net40) (>= netstandard1.6)) (&& (== net462) (>= netstandard1.6) (>= uap10.0)) (== netstandard1.6)
    runtime.rhel.7-x64.runtime.native.System.Security.Cryptography.OpenSsl (4.3.2) - restriction: || (&& (== net45) (< net40) (>= netstandard1.6)) (&& (== net45) (>= netstandard1.6) (>= uap10.0)) (&& (== net462) (< net40) (>= netstandard1.6)) (&& (== net462) (>= netstandard1.6) (>= uap10.0)) (== netstandard1.6)
    runtime.ubuntu.14.04-x64.runtime.native.System.Security.Cryptography.OpenSsl (4.3.2) - restriction: || (&& (== net45) (< net40) (>= netstandard1.6)) (&& (== net45) (>= netstandard1.6) (>= uap10.0)) (&& (== net462) (< net40) (>= netstandard1.6)) (&& (== net462) (>= netstandard1.6) (>= uap10.0)) (== netstandard1.6)
    runtime.ubuntu.16.04-x64.runtime.native.System.Security.Cryptography.OpenSsl (4.3.2) - restriction: || (&& (== net45) (< net40) (>= netstandard1.6)) (&& (== net45) (>= netstandard1.6) (>= uap10.0)) (&& (== net462) (< net40) (>= netstandard1.6)) (&& (== net462) (>= netstandard1.6) (>= uap10.0)) (== netstandard1.6)
    runtime.ubuntu.16.10-x64.runtime.native.System.Security.Cryptography.OpenSsl (4.3.2) - restriction: || (&& (== net45) (< net40) (>= netstandard1.6)) (&& (== net45) (>= netstandard1.6) (>= uap10.0)) (&& (== net462) (< net40) (>= netstandard1.6)) (&& (== net462) (>= netstandard1.6) (>= uap10.0)) (== netstandard1.6)
    System.AppContext (4.3) - restriction: || (&& (== net45) (< net40) (>= netstandard1.6)) (&& (== net45) (>= netstandard1.6) (>= uap10.0)) (&& (== net462) (< net40) (>= netstandard1.6)) (&& (== net462) (>= netstandard1.6) (>= uap10.0)) (== netstandard1.6)
      System.Runtime (>= 4.3) - restriction: || (== net45) (&& (== net462) (< net46)) (&& (== net462) (< netstandard1.3)) (== netstandard1.6)
    System.Buffers (4.4) - restriction: || (&& (== net45) (< net40) (>= netstandard1.6)) (&& (== net45) (>= netstandard1.6) (>= uap10.0)) (&& (== net462) (< net40) (>= netstandard1.6)) (&& (== net462) (>= netstandard1.6) (>= uap10.0)) (== netstandard1.6)
      System.Diagnostics.Debug (>= 4.3)
      System.Diagnostics.Tracing (>= 4.3)
      System.Resources.ResourceManager (>= 4.3)
      System.Runtime (>= 4.3)
      System.Threading (>= 4.3)
    System.Collections (4.3) - restriction: || (&& (== net45) (< net40) (>= netstandard1.6)) (&& (== net45) (>= netstandard1.6) (>= uap10.0)) (&& (== net462) (< net40) (>= netstandard1.6)) (&& (== net462) (< net45) (>= netstandard1.6)) (&& (== net462) (>= netstandard1.6) (>= uap10.0)) (== netstandard1.6)
      Microsoft.NETCore.Platforms (>= 1.1) - restriction: || (&& (== net45) (< portable-net45+win8+wp8+wpa81)) (&& (== net462) (< net45)) (&& (== net462) (< portable-net45+win8+wp8+wpa81)) (== netstandard1.6)
      Microsoft.NETCore.Targets (>= 1.1) - restriction: || (&& (== net45) (< portable-net45+win8+wp8+wpa81)) (&& (== net462) (< net45)) (&& (== net462) (< portable-net45+win8+wp8+wpa81)) (== netstandard1.6)
      System.Runtime (>= 4.3) - restriction: || (&& (== net45) (< portable-net45+win8+wp8+wpa81)) (&& (== net462) (< net45)) (&& (== net462) (< portable-net45+win8+wp8+wpa81)) (== netstandard1.6)
    System.Collections.Concurrent (4.3) - restriction: || (&& (== net45) (< net40) (>= netstandard1.6)) (&& (== net45) (>= netstandard1.6) (>= uap10.0)) (&& (== net462) (< net40) (>= netstandard1.6)) (&& (== net462) (>= netstandard1.6) (>= uap10.0)) (== netstandard1.6)
      System.Collections (>= 4.3) - restriction: || (&& (== net45) (< portable-net45+win8+wpa81)) (&& (== net462) (< net45)) (&& (== net462) (< portable-net45+win8+wpa81)) (== netstandard1.6)
      System.Diagnostics.Debug (>= 4.3) - restriction: || (&& (== net45) (< portable-net45+win8+wpa81)) (&& (== net462) (< net45)) (&& (== net462) (< portable-net45+win8+wpa81)) (== netstandard1.6)
      System.Diagnostics.Tracing (>= 4.3) - restriction: || (&& (== net45) (< portable-net45+win8+wpa81)) (&& (== net462) (< net45)) (&& (== net462) (< portable-net45+win8+wpa81)) (== netstandard1.6)
      System.Globalization (>= 4.3) - restriction: || (&& (== net45) (< portable-net45+win8+wpa81)) (&& (== net462) (< net45)) (&& (== net462) (< portable-net45+win8+wpa81)) (== netstandard1.6)
      System.Reflection (>= 4.3) - restriction: || (&& (== net462) (< net45)) (== netstandard1.6)
      System.Resources.ResourceManager (>= 4.3) - restriction: || (&& (== net45) (< portable-net45+win8+wpa81)) (&& (== net462) (< net45)) (&& (== net462) (< portable-net45+win8+wpa81)) (== netstandard1.6)
      System.Runtime (>= 4.3) - restriction: || (&& (== net45) (< portable-net45+win8+wpa81)) (&& (== net462) (< net45)) (&& (== net462) (< portable-net45+win8+wpa81)) (== netstandard1.6)
      System.Runtime.Extensions (>= 4.3) - restriction: || (&& (== net45) (< portable-net45+win8+wpa81)) (&& (== net462) (< net45)) (&& (== net462) (< portable-net45+win8+wpa81)) (== netstandard1.6)
      System.Threading (>= 4.3) - restriction: || (&& (== net45) (< portable-net45+win8+wpa81)) (&& (== net462) (< net45)) (&& (== net462) (< portable-net45+win8+wpa81)) (== netstandard1.6)
      System.Threading.Tasks (>= 4.3) - restriction: || (&& (== net45) (< portable-net45+win8+wpa81)) (&& (== net462) (< net45)) (&& (== net462) (< portable-net45+win8+wpa81)) (== netstandard1.6)
    System.Console (4.3) - restriction: || (&& (== net45) (< net40) (>= netstandard1.6)) (&& (== net45) (>= netstandard1.6) (>= uap10.0)) (&& (== net462) (< net40) (>= netstandard1.6)) (&& (== net462) (< net45) (>= netstandard1.6)) (&& (== net462) (>= netstandard1.6) (>= uap10.0)) (== netstandard1.6)
      Microsoft.NETCore.Platforms (>= 1.1) - restriction: || (&& (== net45) (== net462)) (&& (== net45) (>= netstandard1.3)) (&& (== net462) (< net46)) (== netstandard1.6)
      Microsoft.NETCore.Targets (>= 1.1) - restriction: || (&& (== net45) (== net462)) (&& (== net45) (>= netstandard1.3)) (&& (== net462) (< net46)) (== netstandard1.6)
      System.IO (>= 4.3) - restriction: || (&& (== net45) (== net462)) (&& (== net45) (>= netstandard1.3)) (&& (== net462) (< net46)) (== netstandard1.6)
      System.Runtime (>= 4.3) - restriction: || (&& (== net45) (== net462)) (&& (== net45) (>= netstandard1.3)) (&& (== net462) (< net46)) (== netstandard1.6)
      System.Text.Encoding (>= 4.3) - restriction: || (&& (== net45) (== net462)) (&& (== net45) (>= netstandard1.3)) (&& (== net462) (< net46)) (== netstandard1.6)
    System.Diagnostics.Debug (4.3) - restriction: || (&& (== net45) (< net40) (>= netstandard1.6)) (&& (== net45) (>= netstandard1.6) (>= uap10.0)) (&& (== net462) (< net40) (>= netstandard1.6)) (&& (== net462) (< net45) (>= netstandard1.6)) (&& (== net462) (>= netstandard1.6) (>= uap10.0)) (== netstandard1.6)
      Microsoft.NETCore.Platforms (>= 1.1) - restriction: || (&& (== net45) (< portable-net45+win8+wp8+wpa81)) (&& (== net462) (< net45)) (&& (== net462) (< portable-net45+win8+wp8+wpa81)) (== netstandard1.6)
      Microsoft.NETCore.Targets (>= 1.1) - restriction: || (&& (== net45) (< portable-net45+win8+wp8+wpa81)) (&& (== net462) (< net45)) (&& (== net462) (< portable-net45+win8+wp8+wpa81)) (== netstandard1.6)
      System.Runtime (>= 4.3) - restriction: || (&& (== net45) (< portable-net45+win8+wp8+wpa81)) (&& (== net462) (< net45)) (&& (== net462) (< portable-net45+win8+wp8+wpa81)) (== netstandard1.6)
    System.Diagnostics.DiagnosticSource (4.4.1) - restriction: || (&& (== net45) (< net40) (>= netstandard1.6)) (&& (== net45) (>= netstandard1.6) (>= uap10.0)) (&& (== net462) (< net40) (>= netstandard1.6)) (&& (== net462) (>= netstandard1.6) (>= uap10.0)) (== netstandard1.6)
      System.Collections (>= 4.3) - restriction: || (&& (== net462) (< net45)) (== netstandard1.6)
      System.Diagnostics.Debug (>= 4.3) - restriction: || (&& (== net462) (< net45)) (== netstandard1.6)
      System.Diagnostics.Tracing (>= 4.3) - restriction: || (&& (== net462) (< net45)) (== netstandard1.6)
      System.Reflection (>= 4.3) - restriction: || (&& (== net462) (< net45)) (== netstandard1.6)
      System.Runtime (>= 4.3) - restriction: || (&& (== net462) (< net45)) (== netstandard1.6)
      System.Runtime.Extensions (>= 4.3) - restriction: || (&& (== net462) (< net45)) (== netstandard1.6)
      System.Threading (>= 4.3) - restriction: || (&& (== net462) (< net45)) (== netstandard1.6)
    System.Diagnostics.Tools (4.3) - restriction: || (&& (== net45) (< net40) (>= netstandard1.6)) (&& (== net45) (>= netstandard1.6) (>= uap10.0)) (&& (== net462) (< net40) (>= netstandard1.6)) (&& (== net462) (< net45) (>= netstandard1.6)) (&& (== net462) (>= netstandard1.6) (>= uap10.0)) (== netstandard1.6)
      Microsoft.NETCore.Platforms (>= 1.1) - restriction: || (&& (== net45) (< portable-net45+win8+wp8+wpa81)) (&& (== net462) (< net45)) (&& (== net462) (< portable-net45+win8+wp8+wpa81)) (== netstandard1.6)
      Microsoft.NETCore.Targets (>= 1.1) - restriction: || (&& (== net45) (< portable-net45+win8+wp8+wpa81)) (&& (== net462) (< net45)) (&& (== net462) (< portable-net45+win8+wp8+wpa81)) (== netstandard1.6)
      System.Runtime (>= 4.3) - restriction: || (&& (== net45) (< portable-net45+win8+wp8+wpa81)) (&& (== net462) (< net45)) (&& (== net462) (< portable-net45+win8+wp8+wpa81)) (== netstandard1.6)
    System.Diagnostics.Tracing (4.3) - restriction: || (&& (== net45) (< net40) (>= netstandard1.6)) (&& (== net45) (>= netstandard1.6) (>= uap10.0)) (&& (== net462) (< net40) (>= netstandard1.6)) (&& (== net462) (>= netstandard1.6) (>= uap10.0)) (== netstandard1.6)
      Microsoft.NETCore.Platforms (>= 1.1) - restriction: || (&& (== net45) (< portable-net45+win8+wpa81)) (&& (== net462) (< net45)) (&& (== net462) (< portable-net45+win8+wpa81)) (== netstandard1.6)
      Microsoft.NETCore.Targets (>= 1.1) - restriction: || (&& (== net45) (< portable-net45+win8+wpa81)) (&& (== net462) (< net45)) (&& (== net462) (< portable-net45+win8+wpa81)) (== netstandard1.6)
      System.Runtime (>= 4.3) - restriction: || (&& (== net45) (< portable-net45+win8+wpa81)) (&& (== net462) (< net45)) (&& (== net462) (< portable-net45+win8+wpa81)) (== netstandard1.6)
    System.Globalization (4.3) - restriction: || (&& (== net45) (< net40) (>= netstandard1.6)) (&& (== net45) (>= netstandard1.6) (>= uap10.0)) (&& (== net462) (< net40) (>= netstandard1.6)) (&& (== net462) (< net45) (>= netstandard1.6)) (&& (== net462) (>= netstandard1.6) (>= uap10.0)) (== netstandard1.6)
      Microsoft.NETCore.Platforms (>= 1.1) - restriction: || (&& (== net45) (< portable-net45+win8+wp8+wpa81)) (&& (== net462) (< net45)) (&& (== net462) (< portable-net45+win8+wp8+wpa81)) (== netstandard1.6)
      Microsoft.NETCore.Targets (>= 1.1) - restriction: || (&& (== net45) (< portable-net45+win8+wp8+wpa81)) (&& (== net462) (< net45)) (&& (== net462) (< portable-net45+win8+wp8+wpa81)) (== netstandard1.6)
      System.Runtime (>= 4.3) - restriction: || (&& (== net45) (< portable-net45+win8+wp8+wpa81)) (&& (== net462) (< net45)) (&& (== net462) (< portable-net45+win8+wp8+wpa81)) (== netstandard1.6)
    System.Globalization.Calendars (4.3) - restriction: || (&& (== net45) (< net40) (>= netstandard1.6)) (&& (== net45) (>= netstandard1.6) (>= uap10.0)) (&& (== net462) (< net40) (>= netstandard1.6)) (&& (== net462) (>= netstandard1.6) (>= uap10.0)) (== netstandard1.6)
      Microsoft.NETCore.Platforms (>= 1.1) - restriction: || (&& (== net45) (== net462)) (&& (== net45) (>= netstandard1.3)) (&& (== net462) (< net46)) (== netstandard1.6)
      Microsoft.NETCore.Targets (>= 1.1) - restriction: || (&& (== net45) (== net462)) (&& (== net45) (>= netstandard1.3)) (&& (== net462) (< net46)) (== netstandard1.6)
      System.Globalization (>= 4.3) - restriction: || (&& (== net45) (== net462)) (&& (== net45) (>= netstandard1.3)) (&& (== net462) (< net46)) (== netstandard1.6)
      System.Runtime (>= 4.3) - restriction: || (&& (== net45) (== net462)) (&& (== net45) (>= netstandard1.3)) (&& (== net462) (< net46)) (== netstandard1.6)
    System.Globalization.Extensions (4.3) - restriction: || (&& (== net45) (< net40) (>= netstandard1.6)) (&& (== net45) (>= netstandard1.6) (>= uap10.0)) (&& (== net462) (< net40) (>= netstandard1.6)) (&& (== net462) (>= netstandard1.6) (>= uap10.0)) (== netstandard1.6)
      Microsoft.NETCore.Platforms (>= 1.1) - restriction: || (&& (== net45) (== net462)) (&& (== net45) (>= netstandard1.3)) (&& (== net462) (< net46)) (== netstandard1.6)
      System.Globalization (>= 4.3) - restriction: || (&& (== net45) (== net462)) (&& (== net45) (>= netstandard1.3)) (&& (== net462) (< net46)) (== netstandard1.6)
      System.Resources.ResourceManager (>= 4.3) - restriction: || (&& (== net45) (== net462)) (&& (== net45) (>= netstandard1.3)) (&& (== net462) (< net46)) (== netstandard1.6)
      System.Runtime (>= 4.3) - restriction: || (&& (== net45) (== net462)) (&& (== net45) (>= netstandard1.3)) (&& (== net462) (< net46)) (== netstandard1.6)
      System.Runtime.Extensions (>= 4.3) - restriction: || (&& (== net45) (== net462)) (&& (== net45) (>= netstandard1.3)) (&& (== net462) (< net46)) (== netstandard1.6)
      System.Runtime.InteropServices (>= 4.3) - restriction: || (&& (== net45) (== net462)) (&& (== net45) (>= netstandard1.3)) (&& (== net462) (< net46)) (== netstandard1.6)
    System.IO (4.3) - restriction: || (&& (== net45) (< net40) (>= netstandard1.6)) (&& (== net45) (>= netstandard1.6) (>= uap10.0)) (&& (== net462) (< net40) (>= netstandard1.6)) (&& (== net462) (< net45) (>= netstandard1.6)) (&& (== net462) (>= netstandard1.6) (>= uap10.0)) (== netstandard1.6)
      Microsoft.NETCore.Platforms (>= 1.1) - restriction: || (&& (== net45) (< portable-net45+win8+wp8+wpa81)) (&& (== net462) (< net45)) (&& (== net462) (< portable-net45+win8+wp8+wpa81)) (== netstandard1.6)
      Microsoft.NETCore.Targets (>= 1.1) - restriction: || (&& (== net45) (< portable-net45+win8+wp8+wpa81)) (&& (== net462) (< net45)) (&& (== net462) (< portable-net45+win8+wp8+wpa81)) (== netstandard1.6)
      System.Runtime (>= 4.3) - restriction: || (&& (== net45) (< portable-net45+win8+wp8+wpa81)) (&& (== net462) (< net45)) (&& (== net462) (< portable-net45+win8+wp8+wpa81)) (== netstandard1.6)
      System.Text.Encoding (>= 4.3) - restriction: || (&& (== net45) (< portable-net45+win8+wp8+wpa81)) (&& (== net462) (< net45)) (&& (== net462) (< portable-net45+win8+wp8+wpa81)) (== netstandard1.6)
      System.Threading.Tasks (>= 4.3) - restriction: || (&& (== net45) (< portable-net45+win8+wp8+wpa81)) (&& (== net462) (< net45)) (&& (== net462) (< portable-net45+win8+wp8+wpa81)) (== netstandard1.6)
    System.IO.Compression (4.3) - restriction: || (&& (== net45) (< net40) (>= netstandard1.6)) (&& (== net45) (>= netstandard1.6) (>= uap10.0)) (&& (== net462) (< net40) (>= netstandard1.6)) (&& (== net462) (>= netstandard1.6) (>= uap10.0)) (== netstandard1.6)
      Microsoft.NETCore.Platforms (>= 1.1) - restriction: || (&& (== net462) (< net45)) (== netstandard1.6)
      runtime.native.System (>= 4.3) - restriction: || (&& (== net462) (< net45)) (== netstandard1.6)
      runtime.native.System.IO.Compression (>= 4.3) - restriction: || (&& (== net45) (< portable-net45+win8+wpa81)) (&& (== net462) (< net45)) (&& (== net462) (< portable-net45+win8+wpa81)) (== netstandard1.6)
      System.Buffers (>= 4.3) - restriction: || (&& (== net45) (< portable-net45+win8+wpa81)) (&& (== net462) (< net45)) (&& (== net462) (< portable-net45+win8+wpa81)) (== netstandard1.6)
      System.Collections (>= 4.3) - restriction: || (&& (== net45) (< portable-net45+win8+wpa81)) (&& (== net462) (< net45)) (&& (== net462) (< portable-net45+win8+wpa81)) (== netstandard1.6)
      System.Diagnostics.Debug (>= 4.3) - restriction: || (&& (== net45) (< portable-net45+win8+wpa81)) (&& (== net462) (< net45)) (&& (== net462) (< portable-net45+win8+wpa81)) (== netstandard1.6)
      System.IO (>= 4.3) - restriction: || (&& (== net45) (< portable-net45+win8+wpa81)) (&& (== net462) (< net45)) (&& (== net462) (< portable-net45+win8+wpa81)) (== netstandard1.6)
      System.Resources.ResourceManager (>= 4.3) - restriction: || (&& (== net45) (< portable-net45+win8+wpa81)) (&& (== net462) (< net45)) (&& (== net462) (< portable-net45+win8+wpa81)) (== netstandard1.6)
      System.Runtime (>= 4.3) - restriction: || (&& (== net45) (< portable-net45+win8+wpa81)) (&& (== net462) (< net45)) (&& (== net462) (< portable-net45+win8+wpa81)) (== netstandard1.6)
      System.Runtime.Extensions (>= 4.3) - restriction: || (&& (== net45) (< portable-net45+win8+wpa81)) (&& (== net462) (< net45)) (&& (== net462) (< portable-net45+win8+wpa81)) (== netstandard1.6)
      System.Runtime.Handles (>= 4.3) - restriction: || (&& (== net45) (< portable-net45+win8+wpa81)) (&& (== net462) (< net45)) (&& (== net462) (< portable-net45+win8+wpa81)) (== netstandard1.6)
      System.Runtime.InteropServices (>= 4.3) - restriction: || (&& (== net45) (< portable-net45+win8+wpa81)) (&& (== net462) (< net45)) (&& (== net462) (< portable-net45+win8+wpa81)) (== netstandard1.6)
      System.Text.Encoding (>= 4.3) - restriction: || (&& (== net45) (< portable-net45+win8+wpa81)) (&& (== net462) (< net45)) (&& (== net462) (< portable-net45+win8+wpa81)) (== netstandard1.6)
      System.Threading (>= 4.3) - restriction: || (&& (== net45) (< portable-net45+win8+wpa81)) (&& (== net462) (< net45)) (&& (== net462) (< portable-net45+win8+wpa81)) (== netstandard1.6)
      System.Threading.Tasks (>= 4.3) - restriction: || (&& (== net45) (< portable-net45+win8+wpa81)) (&& (== net462) (< net45)) (&& (== net462) (< portable-net45+win8+wpa81)) (== netstandard1.6)
    System.IO.Compression.ZipFile (4.3) - restriction: || (&& (== net45) (< net40) (>= netstandard1.6)) (&& (== net45) (>= netstandard1.6) (>= uap10.0)) (&& (== net462) (< net40) (>= netstandard1.6)) (&& (== net462) (>= netstandard1.6) (>= uap10.0)) (== netstandard1.6)
      System.Buffers (>= 4.3) - restriction: || (&& (== net45) (== net462)) (&& (== net45) (>= netstandard1.3)) (&& (== net462) (< net46)) (== netstandard1.6)
      System.IO (>= 4.3) - restriction: || (&& (== net45) (== net462)) (&& (== net45) (>= netstandard1.3)) (&& (== net462) (< net46)) (== netstandard1.6)
      System.IO.Compression (>= 4.3) - restriction: || (&& (== net45) (== net462)) (&& (== net45) (>= netstandard1.3)) (&& (== net462) (< net46)) (== netstandard1.6)
      System.IO.FileSystem (>= 4.3) - restriction: || (&& (== net45) (== net462)) (&& (== net45) (>= netstandard1.3)) (&& (== net462) (< net46)) (== netstandard1.6)
      System.IO.FileSystem.Primitives (>= 4.3) - restriction: || (&& (== net45) (== net462)) (&& (== net45) (>= netstandard1.3)) (&& (== net462) (< net46)) (== netstandard1.6)
      System.Resources.ResourceManager (>= 4.3) - restriction: || (&& (== net45) (== net462)) (&& (== net45) (>= netstandard1.3)) (&& (== net462) (< net46)) (== netstandard1.6)
      System.Runtime (>= 4.3) - restriction: || (&& (== net45) (== net462)) (&& (== net45) (>= netstandard1.3)) (&& (== net462) (< net46)) (== netstandard1.6)
      System.Runtime.Extensions (>= 4.3) - restriction: || (&& (== net45) (== net462)) (&& (== net45) (>= netstandard1.3)) (&& (== net462) (< net46)) (== netstandard1.6)
      System.Text.Encoding (>= 4.3) - restriction: || (&& (== net45) (== net462)) (&& (== net45) (>= netstandard1.3)) (&& (== net462) (< net46)) (== netstandard1.6)
    System.IO.FileSystem (4.3) - restriction: || (&& (== net45) (< net40) (>= netstandard1.6)) (&& (== net45) (>= netstandard1.6) (>= uap10.0)) (&& (== net462) (< net40) (>= netstandard1.6)) (&& (== net462) (>= netstandard1.6) (>= uap10.0)) (== netstandard1.6)
      Microsoft.NETCore.Platforms (>= 1.1) - restriction: || (&& (== net45) (== net462)) (&& (== net45) (>= netstandard1.3)) (&& (== net462) (< net46)) (== netstandard1.6)
      Microsoft.NETCore.Targets (>= 1.1) - restriction: || (&& (== net45) (== net462)) (&& (== net45) (>= netstandard1.3)) (&& (== net462) (< net46)) (== netstandard1.6)
      System.IO (>= 4.3) - restriction: || (&& (== net45) (== net462)) (&& (== net45) (>= netstandard1.3)) (&& (== net462) (< net46)) (== netstandard1.6)
      System.IO.FileSystem.Primitives (>= 4.3) - restriction: || (&& (== net45) (>= net46)) (&& (== net45) (>= netstandard1.3)) (== net462) (== netstandard1.6)
      System.Runtime (>= 4.3) - restriction: || (&& (== net45) (== net462)) (&& (== net45) (>= netstandard1.3)) (&& (== net462) (< net46)) (== netstandard1.6)
      System.Runtime.Handles (>= 4.3) - restriction: || (&& (== net45) (== net462)) (&& (== net45) (>= netstandard1.3)) (&& (== net462) (< net46)) (== netstandard1.6)
      System.Text.Encoding (>= 4.3) - restriction: || (&& (== net45) (== net462)) (&& (== net45) (>= netstandard1.3)) (&& (== net462) (< net46)) (== netstandard1.6)
      System.Threading.Tasks (>= 4.3) - restriction: || (&& (== net45) (== net462)) (&& (== net45) (>= netstandard1.3)) (&& (== net462) (< net46)) (== netstandard1.6)
    System.IO.FileSystem.Primitives (4.3) - restriction: || (&& (== net45) (< net40) (>= netstandard1.6)) (&& (== net45) (>= netstandard1.6) (>= uap10.0)) (&& (== net462) (< net40) (>= netstandard1.6)) (&& (== net462) (>= netstandard1.6) (>= uap10.0)) (== netstandard1.6)
      System.Runtime (>= 4.3) - restriction: || (&& (== net45) (== net462)) (&& (== net45) (>= netstandard1.3)) (&& (== net462) (< net46)) (== netstandard1.6)
    System.Linq (4.3) - restriction: || (&& (== net45) (< net40) (>= netstandard1.6)) (&& (== net45) (>= netstandard1.6) (>= uap10.0)) (&& (== net462) (< net40) (>= netstandard1.6)) (&& (== net462) (< net45) (>= netstandard1.6)) (&& (== net462) (>= netstandard1.6) (>= uap10.0)) (== netstandard1.6)
      System.Collections (>= 4.3) - restriction: || (&& (== net45) (< portable-net45+win8+wp8+wpa81)) (&& (== net462) (< net45)) (&& (== net462) (< portable-net45+win8+wp8+wpa81)) (== netstandard1.6)
      System.Diagnostics.Debug (>= 4.3) - restriction: || (&& (== net45) (< portable-net45+win8+wp8+wpa81)) (&& (== net462) (< net45) (>= netstandard1.6)) (&& (== net462) (< portable-net45+win8+wp8+wpa81)) (== netstandard1.6)
      System.Resources.ResourceManager (>= 4.3) - restriction: || (&& (== net45) (< portable-net45+win8+wp8+wpa81)) (&& (== net462) (< net45) (>= netstandard1.6)) (&& (== net462) (< portable-net45+win8+wp8+wpa81)) (== netstandard1.6)
      System.Runtime (>= 4.3) - restriction: || (&& (== net45) (< portable-net45+win8+wp8+wpa81)) (&& (== net462) (< net45)) (&& (== net462) (< portable-net45+win8+wp8+wpa81)) (== netstandard1.6)
      System.Runtime.Extensions (>= 4.3) - restriction: || (&& (== net45) (< portable-net45+win8+wp8+wpa81)) (&& (== net462) (< net45) (>= netstandard1.6)) (&& (== net462) (< portable-net45+win8+wp8+wpa81)) (== netstandard1.6)
    System.Linq.Expressions (4.3) - restriction: || (&& (== net45) (< net40) (>= netstandard1.6)) (&& (== net45) (>= netstandard1.6) (>= uap10.0)) (&& (== net462) (< net40) (>= netstandard1.6)) (&& (== net462) (< net45) (>= netstandard1.6)) (&& (== net462) (>= netstandard1.6) (>= uap10.0)) (== netstandard1.6)
      System.Collections (>= 4.3) - restriction: || (&& (== net45) (< portable-net45+win8+wp8+wpa81)) (&& (== net462) (< net45) (>= netstandard1.6)) (&& (== net462) (< portable-net45+win8+wp8+wpa81)) (== netstandard1.6)
      System.Diagnostics.Debug (>= 4.3) - restriction: || (&& (== net45) (< portable-net45+win8+wp8+wpa81)) (&& (== net462) (< net45) (>= netstandard1.6)) (&& (== net462) (< portable-net45+win8+wp8+wpa81)) (== netstandard1.6)
      System.Globalization (>= 4.3) - restriction: || (&& (== net45) (< portable-net45+win8+wp8+wpa81)) (&& (== net462) (< net45) (>= netstandard1.6)) (&& (== net462) (< portable-net45+win8+wp8+wpa81)) (== netstandard1.6)
      System.IO (>= 4.3) - restriction: || (&& (== net45) (< portable-net45+win8+wp8+wpa81)) (&& (== net462) (< net45) (>= netstandard1.6)) (&& (== net462) (< portable-net45+win8+wp8+wpa81)) (== netstandard1.6)
      System.Linq (>= 4.3) - restriction: || (&& (== net45) (< portable-net45+win8+wp8+wpa81)) (&& (== net462) (< net45) (>= netstandard1.6)) (&& (== net462) (< portable-net45+win8+wp8+wpa81)) (== netstandard1.6)
      System.ObjectModel (>= 4.3) - restriction: || (&& (== net462) (< net45) (>= netstandard1.6)) (== netstandard1.6)
      System.Reflection (>= 4.3) - restriction: || (&& (== net45) (< portable-net45+win8+wp8+wpa81)) (&& (== net462) (< net45)) (&& (== net462) (< portable-net45+win8+wp8+wpa81)) (== netstandard1.6)
      System.Reflection.Emit (>= 4.3) - restriction: || (&& (== net462) (< net45) (>= netstandard1.6)) (== netstandard1.6)
      System.Reflection.Emit.ILGeneration (>= 4.3) - restriction: || (&& (== net45) (< portable-net45+win8+wp8+wpa81)) (&& (== net462) (< net45) (>= netstandard1.6)) (&& (== net462) (< portable-net45+win8+wp8+wpa81)) (== netstandard1.6)
      System.Reflection.Emit.Lightweight (>= 4.3) - restriction: || (&& (== net45) (< portable-net45+win8+wp8+wpa81)) (&& (== net462) (< net45) (>= netstandard1.6)) (&& (== net462) (< portable-net45+win8+wp8+wpa81)) (== netstandard1.6)
      System.Reflection.Extensions (>= 4.3) - restriction: || (&& (== net45) (< portable-net45+win8+wp8+wpa81)) (&& (== net462) (< net45) (>= netstandard1.6)) (&& (== net462) (< portable-net45+win8+wp8+wpa81)) (== netstandard1.6)
      System.Reflection.Primitives (>= 4.3) - restriction: || (&& (== net45) (< portable-net45+win8+wp8+wpa81)) (&& (== net462) (< net45) (>= netstandard1.6)) (&& (== net462) (< portable-net45+win8+wp8+wpa81)) (== netstandard1.6)
      System.Reflection.TypeExtensions (>= 4.3) - restriction: || (&& (== net45) (< portable-net45+win8+wp8+wpa81)) (&& (== net462) (< net45) (>= netstandard1.6)) (&& (== net462) (< portable-net45+win8+wp8+wpa81)) (== netstandard1.6)
      System.Resources.ResourceManager (>= 4.3) - restriction: || (&& (== net45) (< portable-net45+win8+wp8+wpa81)) (&& (== net462) (< net45) (>= netstandard1.6)) (&& (== net462) (< portable-net45+win8+wp8+wpa81)) (== netstandard1.6)
      System.Runtime (>= 4.3) - restriction: || (&& (== net45) (< portable-net45+win8+wp8+wpa81)) (&& (== net462) (< net45)) (&& (== net462) (< portable-net45+win8+wp8+wpa81)) (== netstandard1.6)
      System.Runtime.Extensions (>= 4.3) - restriction: || (&& (== net45) (< portable-net45+win8+wp8+wpa81)) (&& (== net462) (< net45) (>= netstandard1.6)) (&& (== net462) (< portable-net45+win8+wp8+wpa81)) (== netstandard1.6)
      System.Threading (>= 4.3) - restriction: || (&& (== net45) (< portable-net45+win8+wp8+wpa81)) (&& (== net462) (< net45) (>= netstandard1.6)) (&& (== net462) (< portable-net45+win8+wp8+wpa81)) (== netstandard1.6)
    System.Linq.Queryable (4.3) - restriction: || (&& (== net462) (< net45) (>= netstandard1.6)) (== netstandard1.6)
      System.Collections (>= 4.3) - restriction: || (&& (== net45) (< portable-net45+win8+wp8+wpa81)) (&& (== net462) (< net45)) (&& (== net462) (< portable-net45+win8+wp8+wpa81)) (== netstandard1.6)
      System.Diagnostics.Debug (>= 4.3) - restriction: || (&& (== net45) (< portable-net45+win8+wp8+wpa81)) (&& (== net462) (< net45)) (&& (== net462) (< portable-net45+win8+wp8+wpa81)) (== netstandard1.6)
      System.Linq (>= 4.3) - restriction: || (&& (== net45) (< portable-net45+win8+wp8+wpa81)) (&& (== net462) (< net45)) (&& (== net462) (< portable-net45+win8+wp8+wpa81)) (== netstandard1.6)
      System.Linq.Expressions (>= 4.3) - restriction: || (&& (== net45) (< portable-net45+win8+wp8+wpa81)) (&& (== net462) (< net45)) (&& (== net462) (< portable-net45+win8+wp8+wpa81)) (== netstandard1.6)
      System.Reflection (>= 4.3) - restriction: || (&& (== net45) (< portable-net45+win8+wp8+wpa81)) (&& (== net462) (< net45)) (&& (== net462) (< portable-net45+win8+wp8+wpa81)) (== netstandard1.6)
      System.Reflection.Extensions (>= 4.3) - restriction: || (&& (== net45) (< portable-net45+win8+wp8+wpa81)) (&& (== net462) (< net45)) (&& (== net462) (< portable-net45+win8+wp8+wpa81)) (== netstandard1.6)
      System.Resources.ResourceManager (>= 4.3) - restriction: || (&& (== net45) (< portable-net45+win8+wp8+wpa81)) (&& (== net462) (< net45)) (&& (== net462) (< portable-net45+win8+wp8+wpa81)) (== netstandard1.6)
      System.Runtime (>= 4.3) - restriction: || (&& (== net45) (< portable-net45+win8+wp8+wpa81)) (&& (== net462) (< net45)) (&& (== net462) (< portable-net45+win8+wp8+wpa81)) (== netstandard1.6)
    System.Net.Http (4.3.3) - restriction: || (&& (== net45) (< net40) (>= netstandard1.6)) (&& (== net45) (>= netstandard1.6) (>= uap10.0)) (&& (== net462) (< net40) (>= netstandard1.6)) (&& (== net462) (>= netstandard1.6) (>= uap10.0)) (== netstandard1.6)
      Microsoft.NETCore.Platforms (>= 1.1) - restriction: || (&& (== net45) (< portable-net45+win8+wpa81)) (&& (== net462) (< net45)) (&& (== net462) (< portable-net45+win8+wpa81)) (== netstandard1.6)
      runtime.native.System (>= 4.3) - restriction: || (&& (== net462) (< net45) (>= netstandard1.6)) (== netstandard1.6)
      runtime.native.System.Net.Http (>= 4.3) - restriction: || (&& (== net462) (< net45) (>= netstandard1.6)) (== netstandard1.6)
      runtime.native.System.Security.Cryptography.OpenSsl (>= 4.3.2) - restriction: || (&& (== net462) (< net45) (>= netstandard1.6)) (== netstandard1.6)
      System.Collections (>= 4.3) - restriction: || (&& (== net45) (< portable-net45+win8+wpa81)) (&& (== net462) (< net45)) (&& (== net462) (< portable-net45+win8+wpa81)) (== netstandard1.6)
      System.Diagnostics.Debug (>= 4.3) - restriction: || (&& (== net45) (< portable-net45+win8+wpa81)) (&& (== net462) (< net45)) (&& (== net462) (< portable-net45+win8+wpa81)) (== netstandard1.6)
      System.Diagnostics.DiagnosticSource (>= 4.3) - restriction: || (&& (== net45) (< portable-net45+win8+wpa81)) (&& (== net462) (< net45)) (&& (== net462) (< portable-net45+win8+wpa81)) (== netstandard1.6)
      System.Diagnostics.Tracing (>= 4.3) - restriction: || (&& (== net45) (< portable-net45+win8+wpa81)) (&& (== net462) (< net45)) (&& (== net462) (< portable-net45+win8+wpa81)) (== netstandard1.6)
      System.Globalization (>= 4.3) - restriction: || (&& (== net45) (< portable-net45+win8+wpa81)) (&& (== net462) (< net45)) (&& (== net462) (< portable-net45+win8+wpa81)) (== netstandard1.6)
      System.Globalization.Extensions (>= 4.3) - restriction: || (&& (== net462) (< net45) (>= netstandard1.6)) (== netstandard1.6)
      System.IO (>= 4.3) - restriction: || (&& (== net45) (< portable-net45+win8+wpa81)) (&& (== net462) (< net45)) (&& (== net462) (< portable-net45+win8+wpa81)) (== netstandard1.6)
      System.IO.FileSystem (>= 4.3) - restriction: || (&& (== net462) (< net45) (>= netstandard1.6)) (== netstandard1.6)
      System.Net.Primitives (>= 4.3) - restriction: || (&& (== net45) (< portable-net45+win8+wpa81)) (&& (== net462) (< net45)) (&& (== net462) (< portable-net45+win8+wpa81)) (== netstandard1.6)
      System.Resources.ResourceManager (>= 4.3) - restriction: || (&& (== net45) (< portable-net45+win8+wpa81)) (&& (== net462) (< net45)) (&& (== net462) (< portable-net45+win8+wpa81)) (== netstandard1.6)
      System.Runtime (>= 4.3) - restriction: || (&& (== net45) (< portable-net45+win8+wpa81)) (&& (== net462) (< net45)) (&& (== net462) (< portable-net45+win8+wpa81)) (== netstandard1.6)
      System.Runtime.Extensions (>= 4.3) - restriction: || (&& (== net45) (< portable-net45+win8+wpa81)) (&& (== net462) (< net45)) (&& (== net462) (< portable-net45+win8+wpa81)) (== netstandard1.6)
      System.Runtime.Handles (>= 4.3) - restriction: || (&& (== net462) (< net45)) (== netstandard1.6)
      System.Runtime.InteropServices (>= 4.3) - restriction: || (&& (== net45) (< portable-net45+win8+wpa81)) (&& (== net462) (< net45)) (&& (== net462) (< portable-net45+win8+wpa81)) (== netstandard1.6)
      System.Security.Cryptography.Algorithms (>= 4.3) - restriction: || (&& (== net462) (< net45) (>= netstandard1.6)) (== netstandard1.6)
      System.Security.Cryptography.Encoding (>= 4.3) - restriction: || (&& (== net462) (< net45)) (== netstandard1.6)
      System.Security.Cryptography.OpenSsl (>= 4.3) - restriction: || (&& (== net462) (< net45) (>= netstandard1.6)) (== netstandard1.6)
      System.Security.Cryptography.Primitives (>= 4.3) - restriction: || (&& (== net462) (< net45) (>= netstandard1.6)) (== netstandard1.6)
      System.Security.Cryptography.X509Certificates (>= 4.3) - restriction: || (&& (== net45) (>= net46)) (&& (== net45) (< portable-net45+win8+wpa81)) (== net462) (== netstandard1.6)
      System.Text.Encoding (>= 4.3) - restriction: || (&& (== net45) (< portable-net45+win8+wpa81)) (&& (== net462) (< net45)) (&& (== net462) (< portable-net45+win8+wpa81)) (== netstandard1.6)
      System.Threading (>= 4.3) - restriction: || (&& (== net45) (< portable-net45+win8+wpa81)) (&& (== net462) (< net45)) (&& (== net462) (< portable-net45+win8+wpa81)) (== netstandard1.6)
      System.Threading.Tasks (>= 4.3) - restriction: || (&& (== net45) (< portable-net45+win8+wpa81)) (&& (== net462) (< net45)) (&& (== net462) (< portable-net45+win8+wpa81)) (== netstandard1.6)
    System.Net.Primitives (4.3) - restriction: || (&& (== net45) (< net40) (>= netstandard1.6)) (&& (== net45) (>= netstandard1.6) (>= uap10.0)) (&& (== net462) (< net40) (>= netstandard1.6)) (&& (== net462) (>= netstandard1.6) (>= uap10.0)) (== netstandard1.6)
      Microsoft.NETCore.Platforms (>= 1.1) - restriction: || (&& (== net45) (< netstandard1.1)) (&& (== net45) (< portable-net45+win8+wp8+wpa81)) (&& (== net462) (< net45)) (&& (== net462) (< netstandard1.1)) (&& (== net462) (< portable-net45+win8+wp8+wpa81)) (== netstandard1.6)
      Microsoft.NETCore.Targets (>= 1.1) - restriction: || (&& (== net45) (< netstandard1.1)) (&& (== net45) (< portable-net45+win8+wp8+wpa81)) (&& (== net462) (< net45)) (&& (== net462) (< netstandard1.1)) (&& (== net462) (< portable-net45+win8+wp8+wpa81)) (== netstandard1.6)
      System.Runtime (>= 4.3) - restriction: || (&& (== net45) (< netstandard1.1)) (&& (== net45) (< portable-net45+win8+wp8+wpa81)) (&& (== net462) (< net45)) (&& (== net462) (< netstandard1.1)) (&& (== net462) (< portable-net45+win8+wp8+wpa81)) (== netstandard1.6)
      System.Runtime.Handles (>= 4.3) - restriction: || (&& (== net45) (< portable-net45+win8+wp8+wpa81)) (&& (== net462) (< net45)) (&& (== net462) (< portable-net45+win8+wp8+wpa81)) (== netstandard1.6)
    System.Net.Requests (4.3) - restriction: || (&& (== net462) (< net45) (>= netstandard1.6)) (== netstandard1.6)
      Microsoft.NETCore.Platforms (>= 1.1) - restriction: || (&& (== net462) (< net45)) (== netstandard1.6)
      System.Collections (>= 4.3) - restriction: || (&& (== net45) (< portable-net45+win8+wp8+wpa81)) (&& (== net462) (< net45)) (&& (== net462) (< portable-net45+win8+wp8+wpa81)) (== netstandard1.6)
      System.Diagnostics.Debug (>= 4.3) - restriction: || (&& (== net45) (< portable-net45+win8+wp8+wpa81)) (&& (== net462) (< net45)) (&& (== net462) (< portable-net45+win8+wp8+wpa81)) (== netstandard1.6)
      System.Diagnostics.Tracing (>= 4.3) - restriction: || (&& (== net45) (< portable-net45+win8+wp8+wpa81)) (&& (== net462) (< net45)) (&& (== net462) (< portable-net45+win8+wp8+wpa81)) (== netstandard1.6)
      System.Globalization (>= 4.3) - restriction: || (&& (== net45) (< portable-net45+win8+wp8+wpa81)) (&& (== net462) (< net45)) (&& (== net462) (< portable-net45+win8+wp8+wpa81)) (== netstandard1.6)
      System.IO (>= 4.3) - restriction: || (&& (== net45) (< netstandard1.1)) (&& (== net45) (< portable-net45+win8+wp8+wpa81)) (&& (== net462) (< net45)) (&& (== net462) (< netstandard1.1)) (&& (== net462) (< portable-net45+win8+wp8+wpa81)) (== netstandard1.6)
      System.Net.Http (>= 4.3) - restriction: || (&& (== net45) (< portable-net45+win8+wp8+wpa81)) (&& (== net462) (< net45)) (&& (== net462) (< portable-net45+win8+wp8+wpa81)) (== netstandard1.6)
      System.Net.Primitives (>= 4.3) - restriction: || (&& (== net45) (< netstandard1.1)) (&& (== net45) (< portable-net45+win8+wp8+wpa81)) (&& (== net462) (< net45)) (&& (== net462) (< netstandard1.1)) (&& (== net462) (< portable-net45+win8+wp8+wpa81)) (== netstandard1.6)
      System.Net.WebHeaderCollection (>= 4.3) - restriction: || (&& (== net45) (< portable-net45+win8+wp8+wpa81)) (&& (== net462) (< net45)) (&& (== net462) (< portable-net45+win8+wp8+wpa81)) (== netstandard1.6)
      System.Resources.ResourceManager (>= 4.3) - restriction: || (&& (== net45) (< portable-net45+win8+wp8+wpa81)) (&& (== net462) (< net45)) (&& (== net462) (< portable-net45+win8+wp8+wpa81)) (== netstandard1.6)
      System.Runtime (>= 4.3) - restriction: || (&& (== net45) (< netstandard1.1)) (&& (== net45) (< portable-net45+win8+wp8+wpa81)) (&& (== net462) (< net45)) (&& (== net462) (< netstandard1.1)) (&& (== net462) (< portable-net45+win8+wp8+wpa81)) (== netstandard1.6)
      System.Threading (>= 4.3) - restriction: || (&& (== net45) (< portable-net45+win8+wp8+wpa81)) (&& (== net462) (< net45)) (&& (== net462) (< portable-net45+win8+wp8+wpa81)) (== netstandard1.6)
      System.Threading.Tasks (>= 4.3) - restriction: || (&& (== net45) (< portable-net45+win8+wp8+wpa81)) (&& (== net462) (< net45)) (&& (== net462) (< portable-net45+win8+wp8+wpa81)) (== netstandard1.6)
    System.Net.Sockets (4.3) - restriction: || (&& (== net45) (< net40) (>= netstandard1.6)) (&& (== net45) (>= netstandard1.6) (>= uap10.0)) (&& (== net462) (< net40) (>= netstandard1.6)) (&& (== net462) (>= netstandard1.6) (>= uap10.0)) (== netstandard1.6)
      Microsoft.NETCore.Platforms (>= 1.1) - restriction: || (&& (== net45) (== net462)) (&& (== net45) (>= netstandard1.3)) (&& (== net462) (< net46)) (== netstandard1.6)
      Microsoft.NETCore.Targets (>= 1.1) - restriction: || (&& (== net45) (== net462)) (&& (== net45) (>= netstandard1.3)) (&& (== net462) (< net46)) (== netstandard1.6)
      System.IO (>= 4.3) - restriction: || (&& (== net45) (== net462)) (&& (== net45) (>= netstandard1.3)) (&& (== net462) (< net46)) (== netstandard1.6)
      System.Net.Primitives (>= 4.3) - restriction: || (&& (== net45) (== net462)) (&& (== net45) (>= netstandard1.3)) (&& (== net462) (< net46)) (== netstandard1.6)
      System.Runtime (>= 4.3) - restriction: || (&& (== net45) (== net462)) (&& (== net45) (>= netstandard1.3)) (&& (== net462) (< net46)) (== netstandard1.6)
      System.Threading.Tasks (>= 4.3) - restriction: || (&& (== net45) (== net462)) (&& (== net45) (>= netstandard1.3)) (&& (== net462) (< net46)) (== netstandard1.6)
    System.Net.WebHeaderCollection (4.3) - restriction: || (&& (== net462) (< net45) (>= netstandard1.6)) (&& (== net462) (>= netstandard1.6) (< portable-net45+win8+wp8+wpa81)) (== netstandard1.6)
      System.Collections (>= 4.3) - restriction: || (&& (== net45) (== net462)) (&& (== net45) (>= netstandard1.3)) (&& (== net462) (< net46)) (== netstandard1.6)
      System.Resources.ResourceManager (>= 4.3) - restriction: || (&& (== net45) (== net462)) (&& (== net45) (>= netstandard1.3)) (&& (== net462) (< net46)) (== netstandard1.6)
      System.Runtime (>= 4.3) - restriction: || (&& (== net45) (== net462)) (&& (== net45) (>= netstandard1.3)) (&& (== net462) (< net46)) (== netstandard1.6)
      System.Runtime.Extensions (>= 4.3) - restriction: || (&& (== net45) (== net462)) (&& (== net45) (>= netstandard1.3)) (&& (== net462) (< net46)) (== netstandard1.6)
    System.ObjectModel (4.3) - restriction: || (&& (== net45) (< net40) (>= netstandard1.6)) (&& (== net45) (>= netstandard1.6) (>= uap10.0)) (&& (== net462) (< net40) (>= netstandard1.6)) (&& (== net462) (>= netstandard1.6) (>= uap10.0)) (== netstandard1.6)
      System.Collections (>= 4.3) - restriction: || (&& (== net45) (< portable-net45+win8+wp8+wpa81)) (&& (== net462) (< net45)) (&& (== net462) (< portable-net45+win8+wp8+wpa81)) (== netstandard1.6)
      System.Diagnostics.Debug (>= 4.3) - restriction: || (&& (== net45) (< portable-net45+win8+wp8+wpa81)) (&& (== net462) (< net45)) (&& (== net462) (< portable-net45+win8+wp8+wpa81)) (== netstandard1.6)
      System.Resources.ResourceManager (>= 4.3) - restriction: || (&& (== net45) (< portable-net45+win8+wp8+wpa81)) (&& (== net462) (< net45)) (&& (== net462) (< portable-net45+win8+wp8+wpa81)) (== netstandard1.6)
      System.Runtime (>= 4.3) - restriction: || (&& (== net45) (< portable-net45+win8+wp8+wpa81)) (&& (== net462) (< net45)) (&& (== net462) (< portable-net45+win8+wp8+wpa81)) (== netstandard1.6)
      System.Threading (>= 4.3) - restriction: || (&& (== net45) (< portable-net45+win8+wp8+wpa81)) (&& (== net462) (< net45)) (&& (== net462) (< portable-net45+win8+wp8+wpa81)) (== netstandard1.6)
    System.Reflection (4.3) - restriction: || (&& (== net45) (< net40) (>= netstandard1.6)) (&& (== net45) (>= netstandard1.6) (>= uap10.0)) (&& (== net462) (< net40) (>= netstandard1.6)) (&& (== net462) (< net45) (>= netstandard1.6)) (&& (== net462) (>= netstandard1.6) (>= uap10.0)) (== netstandard1.6)
      Microsoft.NETCore.Platforms (>= 1.1) - restriction: || (&& (== net45) (< portable-net45+win8+wp8+wpa81)) (&& (== net462) (< net45)) (&& (== net462) (< portable-net45+win8+wp8+wpa81)) (== netstandard1.6)
      Microsoft.NETCore.Targets (>= 1.1) - restriction: || (&& (== net45) (< portable-net45+win8+wp8+wpa81)) (&& (== net462) (< net45)) (&& (== net462) (< portable-net45+win8+wp8+wpa81)) (== netstandard1.6)
      System.IO (>= 4.3) - restriction: || (&& (== net45) (< portable-net45+win8+wp8+wpa81)) (&& (== net462) (< net45)) (&& (== net462) (< portable-net45+win8+wp8+wpa81)) (== netstandard1.6)
      System.Reflection.Primitives (>= 4.3) - restriction: || (&& (== net45) (< portable-net45+win8+wp8+wpa81)) (&& (== net462) (< net45)) (&& (== net462) (< portable-net45+win8+wp8+wpa81)) (== netstandard1.6)
      System.Runtime (>= 4.3) - restriction: || (&& (== net45) (< portable-net45+win8+wp8+wpa81)) (&& (== net462) (< net45)) (&& (== net462) (< portable-net45+win8+wp8+wpa81)) (== netstandard1.6)
    System.Reflection.Emit (4.3) - restriction: || (&& (== net45) (< net40) (>= netstandard1.6)) (&& (== net45) (>= netstandard1.6) (>= uap10.0)) (&& (== net462) (< net40) (>= netstandard1.6)) (&& (== net462) (>= netstandard1.6) (>= uap10.0)) (== netstandard1.6)
      System.IO (>= 4.3) - restriction: || (&& (== net462) (< net45)) (== netstandard1.6)
      System.Reflection (>= 4.3) - restriction: || (&& (== net462) (< net45)) (== netstandard1.6)
      System.Reflection.Emit.ILGeneration (>= 4.3) - restriction: || (&& (== net462) (< net45)) (== netstandard1.6)
      System.Reflection.Primitives (>= 4.3) - restriction: || (&& (== net462) (< net45)) (== netstandard1.6)
      System.Runtime (>= 4.3) - restriction: || (&& (== net462) (< net45)) (== netstandard1.6)
    System.Reflection.Emit.ILGeneration (4.3) - restriction: || (&& (== net45) (< net40) (>= netstandard1.6)) (&& (== net45) (>= netstandard1.6) (>= uap10.0)) (&& (== net462) (< net40) (>= netstandard1.6)) (&& (== net462) (>= netstandard1.6) (>= uap10.0)) (== netstandard1.6)
      System.Reflection (>= 4.3) - restriction: || (&& (== net462) (< net45)) (== netstandard1.6)
      System.Reflection.Primitives (>= 4.3) - restriction: || (&& (== net462) (< net45)) (== netstandard1.6)
      System.Runtime (>= 4.3) - restriction: || (&& (== net462) (< net45)) (== netstandard1.6)
    System.Reflection.Emit.Lightweight (4.3) - restriction: || (&& (== net45) (< net40) (>= netstandard1.6)) (&& (== net45) (>= netstandard1.6) (>= uap10.0)) (&& (== net462) (< net40) (>= netstandard1.6)) (&& (== net462) (>= netstandard1.6) (>= uap10.0)) (== netstandard1.6)
      System.Reflection (>= 4.3) - restriction: || (&& (== net462) (< net45)) (== netstandard1.6)
      System.Reflection.Emit.ILGeneration (>= 4.3) - restriction: || (&& (== net462) (< net45)) (== netstandard1.6)
      System.Reflection.Primitives (>= 4.3) - restriction: || (&& (== net462) (< net45)) (== netstandard1.6)
      System.Runtime (>= 4.3) - restriction: || (&& (== net462) (< net45)) (== netstandard1.6)
    System.Reflection.Extensions (4.3) - restriction: || (&& (== net45) (< net40) (>= netstandard1.6)) (&& (== net45) (>= netstandard1.6) (>= uap10.0)) (&& (== net462) (< net40) (>= netstandard1.6)) (&& (== net462) (< net45) (>= netstandard1.6)) (&& (== net462) (>= netstandard1.6) (>= uap10.0)) (== netstandard1.6)
      Microsoft.NETCore.Platforms (>= 1.1) - restriction: || (&& (== net45) (< portable-net45+win8+wp8+wpa81)) (&& (== net462) (< net45)) (&& (== net462) (< portable-net45+win8+wp8+wpa81)) (== netstandard1.6)
      Microsoft.NETCore.Targets (>= 1.1) - restriction: || (&& (== net45) (< portable-net45+win8+wp8+wpa81)) (&& (== net462) (< net45)) (&& (== net462) (< portable-net45+win8+wp8+wpa81)) (== netstandard1.6)
      System.Reflection (>= 4.3) - restriction: || (&& (== net45) (< portable-net45+win8+wp8+wpa81)) (&& (== net462) (< net45)) (&& (== net462) (< portable-net45+win8+wp8+wpa81)) (== netstandard1.6)
      System.Runtime (>= 4.3) - restriction: || (&& (== net45) (< portable-net45+win8+wp8+wpa81)) (&& (== net462) (< net45)) (&& (== net462) (< portable-net45+win8+wp8+wpa81)) (== netstandard1.6)
    System.Reflection.Primitives (4.3) - restriction: || (&& (== net45) (< net40) (>= netstandard1.6)) (&& (== net45) (>= netstandard1.6) (>= uap10.0)) (&& (== net462) (< net40) (>= netstandard1.6)) (&& (== net462) (>= netstandard1.6) (>= uap10.0)) (== netstandard1.6)
      Microsoft.NETCore.Platforms (>= 1.1) - restriction: || (&& (== net45) (< portable-net45+win8+wp8+wpa81)) (&& (== net462) (< net45)) (&& (== net462) (< portable-net45+win8+wp8+wpa81)) (== netstandard1.6)
      Microsoft.NETCore.Targets (>= 1.1) - restriction: || (&& (== net45) (< portable-net45+win8+wp8+wpa81)) (&& (== net462) (< net45)) (&& (== net462) (< portable-net45+win8+wp8+wpa81)) (== netstandard1.6)
      System.Runtime (>= 4.3) - restriction: || (&& (== net45) (< portable-net45+win8+wp8+wpa81)) (&& (== net462) (< net45)) (&& (== net462) (< portable-net45+win8+wp8+wpa81)) (== netstandard1.6)
    System.Reflection.TypeExtensions (4.4) - restriction: || (&& (== net45) (< net40) (>= netstandard1.6)) (&& (== net45) (>= netstandard1.6) (>= uap10.0)) (&& (== net462) (< net40) (>= netstandard1.6)) (&& (== net462) (>= netstandard1.6) (>= uap10.0)) (== netstandard1.6)
      System.Reflection (>= 4.3) - restriction: || (== net45) (&& (== net462) (< net46)) (&& (== net462) (< netstandard1.3)) (== netstandard1.6)
      System.Resources.ResourceManager (>= 4.3) - restriction: || (== net45) (&& (== net462) (< net46)) (&& (== net462) (< netstandard1.3)) (== netstandard1.6)
      System.Runtime (>= 4.3) - restriction: || (== net45) (&& (== net462) (< net46)) (&& (== net462) (< netstandard1.3)) (== netstandard1.6)
    System.Resources.ResourceManager (4.3) - restriction: || (&& (== net45) (< net40) (>= netstandard1.6)) (&& (== net45) (>= netstandard1.6) (>= uap10.0)) (&& (== net462) (< net40) (>= netstandard1.6)) (&& (== net462) (< net45) (>= netstandard1.6)) (&& (== net462) (>= netstandard1.6) (>= uap10.0)) (== netstandard1.6)
      Microsoft.NETCore.Platforms (>= 1.1) - restriction: || (&& (== net45) (< portable-net45+win8+wp8+wpa81)) (&& (== net462) (< net45)) (&& (== net462) (< portable-net45+win8+wp8+wpa81)) (== netstandard1.6)
      Microsoft.NETCore.Targets (>= 1.1) - restriction: || (&& (== net45) (< portable-net45+win8+wp8+wpa81)) (&& (== net462) (< net45)) (&& (== net462) (< portable-net45+win8+wp8+wpa81)) (== netstandard1.6)
      System.Globalization (>= 4.3) - restriction: || (&& (== net45) (< portable-net45+win8+wp8+wpa81)) (&& (== net462) (< net45)) (&& (== net462) (< portable-net45+win8+wp8+wpa81)) (== netstandard1.6)
      System.Reflection (>= 4.3) - restriction: || (&& (== net45) (< portable-net45+win8+wp8+wpa81)) (&& (== net462) (< net45)) (&& (== net462) (< portable-net45+win8+wp8+wpa81)) (== netstandard1.6)
      System.Runtime (>= 4.3) - restriction: || (&& (== net45) (< portable-net45+win8+wp8+wpa81)) (&& (== net462) (< net45)) (&& (== net462) (< portable-net45+win8+wp8+wpa81)) (== netstandard1.6)
    System.Runtime (4.3) - restriction: || (&& (== net45) (< net40) (>= netstandard1.6)) (&& (== net45) (>= netstandard1.6) (>= uap10.0)) (&& (== net462) (< net40) (>= netstandard1.6)) (&& (== net462) (< net45) (>= netstandard1.6)) (&& (== net462) (>= netstandard1.6) (>= uap10.0)) (== netstandard1.6)
      Microsoft.NETCore.Platforms (>= 1.1) - restriction: || (&& (== net45) (< portable-net45+win8+wp8+wpa81)) (&& (== net462) (< net45)) (&& (== net462) (< portable-net45+win8+wp8+wpa81)) (== netstandard1.6)
      Microsoft.NETCore.Targets (>= 1.1) - restriction: || (&& (== net45) (< portable-net45+win8+wp8+wpa81)) (&& (== net462) (< net45)) (&& (== net462) (< portable-net45+win8+wp8+wpa81)) (== netstandard1.6)
    System.Runtime.Extensions (4.3) - restriction: || (&& (== net45) (< net40) (>= netstandard1.6)) (&& (== net45) (>= netstandard1.6) (>= uap10.0)) (&& (== net462) (< net40) (>= netstandard1.6)) (&& (== net462) (< net45) (>= netstandard1.6)) (&& (== net462) (>= netstandard1.6) (>= uap10.0)) (== netstandard1.6)
      Microsoft.NETCore.Platforms (>= 1.1) - restriction: || (&& (== net45) (< portable-net45+win8+wp8+wpa81)) (&& (== net462) (< net45)) (&& (== net462) (< portable-net45+win8+wp8+wpa81)) (== netstandard1.6)
      Microsoft.NETCore.Targets (>= 1.1) - restriction: || (&& (== net45) (< portable-net45+win8+wp8+wpa81)) (&& (== net462) (< net45)) (&& (== net462) (< portable-net45+win8+wp8+wpa81)) (== netstandard1.6)
      System.Runtime (>= 4.3) - restriction: || (&& (== net45) (< portable-net45+win8+wp8+wpa81)) (&& (== net462) (< net45)) (&& (== net462) (< portable-net45+win8+wp8+wpa81)) (== netstandard1.6)
    System.Runtime.Handles (4.3) - restriction: || (&& (== net45) (< net40) (>= netstandard1.6)) (&& (== net45) (>= netstandard1.6) (>= uap10.0)) (&& (== net462) (< net40) (>= netstandard1.6)) (&& (== net462) (>= netstandard1.6) (>= uap10.0)) (== netstandard1.6)
      Microsoft.NETCore.Platforms (>= 1.1) - restriction: || (&& (== net45) (== net462)) (&& (== net45) (>= netstandard1.3)) (&& (== net462) (< net46)) (== netstandard1.6)
      Microsoft.NETCore.Targets (>= 1.1) - restriction: || (&& (== net45) (== net462)) (&& (== net45) (>= netstandard1.3)) (&& (== net462) (< net46)) (== netstandard1.6)
      System.Runtime (>= 4.3) - restriction: || (&& (== net45) (== net462)) (&& (== net45) (>= netstandard1.3)) (&& (== net462) (< net46)) (== netstandard1.6)
    System.Runtime.InteropServices (4.3) - restriction: || (&& (== net45) (< net40) (>= netstandard1.6)) (&& (== net45) (>= netstandard1.6) (>= uap10.0)) (&& (== net462) (< net40) (>= netstandard1.6)) (&& (== net462) (>= netstandard1.6) (>= uap10.0)) (== netstandard1.6)
      Microsoft.NETCore.Platforms (>= 1.1) - restriction: || (&& (== net45) (>= netcoreapp1.1)) (&& (== net45) (< portable-net45+win8+wpa81)) (&& (== net462) (< net45)) (&& (== net462) (>= netcoreapp1.1)) (&& (== net462) (< portable-net45+win8+wpa81)) (== netstandard1.6)
      Microsoft.NETCore.Targets (>= 1.1) - restriction: || (&& (== net45) (>= netcoreapp1.1)) (&& (== net45) (< portable-net45+win8+wpa81)) (&& (== net462) (< net45)) (&& (== net462) (>= netcoreapp1.1)) (&& (== net462) (< portable-net45+win8+wpa81)) (== netstandard1.6)
      System.Reflection (>= 4.3) - restriction: || (&& (== net45) (>= netcoreapp1.1)) (&& (== net45) (< portable-net45+win8+wpa81)) (&& (== net462) (< net45)) (&& (== net462) (>= netcoreapp1.1)) (&& (== net462) (< portable-net45+win8+wpa81)) (== netstandard1.6)
      System.Reflection.Primitives (>= 4.3) - restriction: || (&& (== net45) (>= netcoreapp1.1)) (&& (== net45) (< portable-net45+win8+wpa81)) (&& (== net462) (< net45)) (&& (== net462) (>= netcoreapp1.1)) (&& (== net462) (< portable-net45+win8+wpa81)) (== netstandard1.6)
      System.Runtime (>= 4.3) - restriction: || (&& (== net45) (>= net462)) (&& (== net45) (>= netcoreapp1.1)) (&& (== net45) (< portable-net45+win8+wpa81)) (== net462) (== netstandard1.6)
      System.Runtime.Handles (>= 4.3) - restriction: || (&& (== net45) (>= netcoreapp1.1)) (&& (== net45) (< portable-net45+win8+wpa81)) (&& (== net462) (< net45)) (&& (== net462) (>= netcoreapp1.1)) (&& (== net462) (< portable-net45+win8+wpa81)) (== netstandard1.6)
    System.Runtime.InteropServices.RuntimeInformation (4.3) - restriction: || (&& (== net45) (< net40) (>= netstandard1.6)) (&& (== net45) (>= netstandard1.6) (>= uap10.0)) (&& (== net45) (>= netstandard1.6) (>= wpa81)) (&& (== net462) (< net40) (>= netstandard1.6)) (&& (== net462) (< netstandard1.3) (>= netstandard1.6) (>= wpa81)) (&& (== net462) (>= netstandard1.6) (>= uap10.0)) (== netstandard1.6)
      runtime.native.System (>= 4.3) - restriction: || (&& (== net462) (< net45)) (== netstandard1.6)
      System.Reflection (>= 4.3) - restriction: || (&& (== net45) (< netstandard1.1)) (&& (== net462) (< net45)) (&& (== net462) (< netstandard1.1)) (== netstandard1.6)
      System.Reflection.Extensions (>= 4.3) - restriction: || (&& (== net45) (< netstandard1.1)) (&& (== net462) (< net45)) (&& (== net462) (< netstandard1.1)) (== netstandard1.6)
      System.Resources.ResourceManager (>= 4.3) - restriction: || (&& (== net45) (< netstandard1.1)) (&& (== net462) (< net45)) (&& (== net462) (< netstandard1.1)) (== netstandard1.6)
      System.Runtime (>= 4.3) - restriction: || (&& (== net45) (< netstandard1.1)) (&& (== net462) (< net45)) (&& (== net462) (< netstandard1.1)) (== netstandard1.6)
      System.Runtime.InteropServices (>= 4.3) - restriction: || (&& (== net462) (< net45)) (== netstandard1.6)
      System.Threading (>= 4.3) - restriction: || (&& (== net45) (< netstandard1.1)) (&& (== net462) (< net45)) (&& (== net462) (< netstandard1.1)) (== netstandard1.6)
    System.Runtime.Numerics (4.3) - restriction: || (&& (== net45) (< net40) (>= netstandard1.6)) (&& (== net45) (>= netstandard1.6) (>= uap10.0)) (&& (== net462) (< net40) (>= netstandard1.6)) (&& (== net462) (< net45) (>= netstandard1.6)) (&& (== net462) (>= netstandard1.6) (>= uap10.0)) (== netstandard1.6)
      System.Globalization (>= 4.3) - restriction: || (&& (== net45) (< portable-net45+win8+wpa81)) (&& (== net462) (< net45)) (&& (== net462) (< portable-net45+win8+wpa81)) (== netstandard1.6)
      System.Resources.ResourceManager (>= 4.3) - restriction: || (&& (== net45) (< portable-net45+win8+wpa81)) (&& (== net462) (< net45)) (&& (== net462) (< portable-net45+win8+wpa81)) (== netstandard1.6)
      System.Runtime (>= 4.3) - restriction: || (&& (== net45) (< portable-net45+win8+wpa81)) (&& (== net462) (< net45)) (&& (== net462) (< portable-net45+win8+wpa81)) (== netstandard1.6)
      System.Runtime.Extensions (>= 4.3) - restriction: || (&& (== net45) (< portable-net45+win8+wpa81)) (&& (== net462) (< net45)) (&& (== net462) (< portable-net45+win8+wpa81)) (== netstandard1.6)
    System.Security.Cryptography.Algorithms (4.3.1) - restriction: || (&& (== net45) (< net40) (>= netstandard1.6)) (&& (== net45) (>= netstandard1.6) (>= uap10.0)) (&& (== net462) (< net40) (>= netstandard1.6)) (&& (== net462) (>= netstandard1.6) (>= uap10.0)) (== netstandard1.6)
      Microsoft.NETCore.Platforms (>= 1.1) - restriction: || (== net45) (&& (== net462) (< net46) (>= netstandard1.6)) (&& (== net462) (< netstandard1.3)) (== netstandard1.6)
      runtime.native.System.Security.Cryptography.Apple (>= 4.3.1) - restriction: || (&& (== net45) (>= netstandard1.6)) (&& (== net462) (< net46) (>= netstandard1.6)) (== netstandard1.6)
      runtime.native.System.Security.Cryptography.OpenSsl (>= 4.3.2) - restriction: || (&& (== net45) (>= netstandard1.6)) (&& (== net462) (< net46) (>= netstandard1.6)) (== netstandard1.6)
      System.Collections (>= 4.3) - restriction: || (&& (== net45) (>= netstandard1.6)) (&& (== net462) (< net46) (>= netstandard1.6)) (== netstandard1.6)
      System.IO (>= 4.3) - restriction: || (== net45) (&& (== net462) (< net46)) (&& (== net462) (>= net463)) (&& (== net462) (< netstandard1.3)) (== netstandard1.6)
      System.Resources.ResourceManager (>= 4.3) - restriction: || (== net45) (&& (== net462) (< net46) (>= netstandard1.6)) (&& (== net462) (< netstandard1.3)) (== netstandard1.6)
      System.Runtime (>= 4.3) - restriction: || (== net45) (&& (== net462) (< net46)) (&& (== net462) (>= net463)) (&& (== net462) (< netstandard1.3)) (== netstandard1.6)
      System.Runtime.Extensions (>= 4.3) - restriction: || (== net45) (&& (== net462) (< net46) (>= netstandard1.6)) (&& (== net462) (< netstandard1.3)) (== netstandard1.6)
      System.Runtime.Handles (>= 4.3) - restriction: || (== net45) (&& (== net462) (< net46) (>= netstandard1.6)) (&& (== net462) (< netstandard1.3)) (== netstandard1.6)
      System.Runtime.InteropServices (>= 4.3) - restriction: || (== net45) (&& (== net462) (< net46) (>= netstandard1.6)) (&& (== net462) (< netstandard1.3)) (== netstandard1.6)
      System.Runtime.Numerics (>= 4.3) - restriction: || (&& (== net45) (>= netstandard1.6)) (&& (== net462) (< net46) (>= netstandard1.6)) (== netstandard1.6)
      System.Security.Cryptography.Encoding (>= 4.3) - restriction: || (== net45) (&& (== net462) (< net46) (>= netstandard1.6)) (&& (== net462) (>= net463)) (&& (== net462) (< netstandard1.3)) (== netstandard1.6)
      System.Security.Cryptography.Primitives (>= 4.3)
      System.Text.Encoding (>= 4.3) - restriction: || (== net45) (&& (== net462) (< net46) (>= netstandard1.6)) (&& (== net462) (< netstandard1.3)) (== netstandard1.6)
    System.Security.Cryptography.Cng (4.4) - restriction: || (&& (== net45) (< net40) (>= netstandard1.6)) (&& (== net45) (>= netstandard1.6) (>= uap10.0)) (&& (== net462) (< net40) (>= netstandard1.6)) (&& (== net462) (>= netstandard1.6) (>= uap10.0)) (== netstandard1.6)
      System.IO (>= 4.3) - restriction: || (&& (== net45) (== net462)) (&& (== net45) (>= netstandard1.3)) (&& (== net45) (>= netstandard1.4)) (&& (== net45) (>= netstandard1.6)) (&& (== net462) (< net46)) (== netstandard1.6)
      System.Resources.ResourceManager (>= 4.3) - restriction: || (&& (== net45) (== net462)) (&& (== net45) (>= netstandard1.3)) (&& (== net45) (>= netstandard1.4)) (&& (== net45) (>= netstandard1.6)) (&& (== net462) (< net46)) (== netstandard1.6)
      System.Runtime (>= 4.3) - restriction: || (&& (== net45) (== net462)) (&& (== net45) (>= netstandard1.3)) (&& (== net45) (>= netstandard1.4)) (&& (== net45) (>= netstandard1.6)) (&& (== net462) (< net46)) (== netstandard1.6)
      System.Runtime.Extensions (>= 4.3) - restriction: || (&& (== net45) (== net462)) (&& (== net45) (>= netstandard1.4)) (&& (== net45) (>= netstandard1.6)) (&& (== net462) (< net46)) (== netstandard1.6)
      System.Runtime.Handles (>= 4.3) - restriction: || (&& (== net45) (== net462)) (&& (== net45) (>= netstandard1.3)) (&& (== net45) (>= netstandard1.4)) (&& (== net45) (>= netstandard1.6)) (&& (== net462) (< net46)) (== netstandard1.6)
      System.Runtime.InteropServices (>= 4.3) - restriction: || (&& (== net45) (== net462)) (&& (== net45) (>= netstandard1.3)) (&& (== net45) (>= netstandard1.4)) (&& (== net45) (>= netstandard1.6)) (&& (== net462) (< net46)) (== netstandard1.6)
      System.Security.Cryptography.Algorithms (>= 4.3) - restriction: || (&& (== net45) (== net462)) (&& (== net45) (>= net46)) (&& (== net45) (>= netstandard1.3)) (&& (== net45) (>= netstandard1.4)) (&& (== net45) (>= netstandard1.6)) (&& (== net462) (< net46)) (&& (== net462) (< netstandard1.4)) (== netstandard1.6)
      System.Security.Cryptography.Encoding (>= 4.3) - restriction: || (&& (== net45) (== net462)) (&& (== net45) (>= netstandard1.4)) (&& (== net45) (>= netstandard1.6)) (&& (== net462) (< net46)) (== netstandard1.6)
      System.Security.Cryptography.Primitives (>= 4.3) - restriction: || (&& (== net45) (== net462)) (&& (== net45) (>= net46)) (&& (== net45) (>= netstandard1.3)) (&& (== net45) (>= netstandard1.4)) (&& (== net45) (>= netstandard1.6)) (&& (== net462) (< net46)) (&& (== net462) (< netstandard1.4)) (== netstandard1.6)
      System.Text.Encoding (>= 4.3) - restriction: || (&& (== net45) (== net462)) (&& (== net45) (>= netstandard1.4)) (&& (== net45) (>= netstandard1.6)) (&& (== net462) (< net46)) (== netstandard1.6)
    System.Security.Cryptography.Csp (4.3) - restriction: || (&& (== net45) (< net40) (>= netstandard1.6)) (&& (== net45) (>= netstandard1.6) (>= uap10.0)) (&& (== net462) (< net40) (>= netstandard1.6)) (&& (== net462) (>= netstandard1.6) (>= uap10.0)) (== netstandard1.6)
      Microsoft.NETCore.Platforms (>= 1.1) - restriction: || (&& (== net45) (== net462)) (&& (== net45) (>= netstandard1.3)) (&& (== net462) (< net46)) (== netstandard1.6)
      System.IO (>= 4.3) - restriction: || (&& (== net45) (== net462)) (&& (== net45) (>= netstandard1.3)) (&& (== net462) (< net46)) (== netstandard1.6)
      System.Reflection (>= 4.3) - restriction: || (&& (== net45) (== net462)) (&& (== net45) (>= netstandard1.3)) (&& (== net462) (< net46)) (== netstandard1.6)
      System.Resources.ResourceManager (>= 4.3) - restriction: || (&& (== net45) (== net462)) (&& (== net45) (>= netstandard1.3)) (&& (== net462) (< net46)) (== netstandard1.6)
      System.Runtime (>= 4.3) - restriction: || (&& (== net45) (== net462)) (&& (== net45) (>= netstandard1.3)) (&& (== net462) (< net46)) (== netstandard1.6)
      System.Runtime.Extensions (>= 4.3) - restriction: || (&& (== net45) (== net462)) (&& (== net45) (>= netstandard1.3)) (&& (== net462) (< net46)) (== netstandard1.6)
      System.Runtime.Handles (>= 4.3) - restriction: || (&& (== net45) (== net462)) (&& (== net45) (>= netstandard1.3)) (&& (== net462) (< net46)) (== netstandard1.6)
      System.Runtime.InteropServices (>= 4.3) - restriction: || (&& (== net45) (== net462)) (&& (== net45) (>= netstandard1.3)) (&& (== net462) (< net46)) (== netstandard1.6)
      System.Security.Cryptography.Algorithms (>= 4.3) - restriction: || (&& (== net45) (>= net46)) (&& (== net45) (>= netstandard1.3)) (== net462) (== netstandard1.6)
      System.Security.Cryptography.Encoding (>= 4.3) - restriction: || (&& (== net45) (== net462)) (&& (== net45) (>= netstandard1.3)) (&& (== net462) (< net46)) (== netstandard1.6)
      System.Security.Cryptography.Primitives (>= 4.3) - restriction: || (&& (== net45) (>= net46)) (&& (== net45) (>= netstandard1.3)) (== net462) (== netstandard1.6)
      System.Text.Encoding (>= 4.3) - restriction: || (&& (== net45) (== net462)) (&& (== net45) (>= netstandard1.3)) (&& (== net462) (< net46)) (== netstandard1.6)
      System.Threading (>= 4.3) - restriction: || (&& (== net45) (== net462)) (&& (== net45) (>= netstandard1.3)) (&& (== net462) (< net46)) (== netstandard1.6)
    System.Security.Cryptography.Encoding (4.3) - restriction: || (&& (== net45) (< net40) (>= netstandard1.6)) (&& (== net45) (>= netstandard1.6) (>= uap10.0)) (&& (== net462) (< net40) (>= netstandard1.6)) (&& (== net462) (>= netstandard1.6) (>= uap10.0)) (== netstandard1.6)
      Microsoft.NETCore.Platforms (>= 1.1) - restriction: || (&& (== net45) (== net462)) (&& (== net45) (>= netstandard1.3)) (&& (== net462) (< net46)) (== netstandard1.6)
      runtime.native.System.Security.Cryptography.OpenSsl (>= 4.3) - restriction: || (&& (== net45) (== net462)) (&& (== net45) (>= netstandard1.3)) (&& (== net462) (< net46)) (== netstandard1.6)
      System.Collections (>= 4.3) - restriction: || (&& (== net45) (== net462)) (&& (== net45) (>= netstandard1.3)) (&& (== net462) (< net46)) (== netstandard1.6)
      System.Collections.Concurrent (>= 4.3) - restriction: || (&& (== net45) (== net462)) (&& (== net45) (>= netstandard1.3)) (&& (== net462) (< net46)) (== netstandard1.6)
      System.Linq (>= 4.3) - restriction: || (&& (== net45) (== net462)) (&& (== net45) (>= netstandard1.3)) (&& (== net462) (< net46)) (== netstandard1.6)
      System.Resources.ResourceManager (>= 4.3) - restriction: || (&& (== net45) (== net462)) (&& (== net45) (>= netstandard1.3)) (&& (== net462) (< net46)) (== netstandard1.6)
      System.Runtime (>= 4.3) - restriction: || (&& (== net45) (== net462)) (&& (== net45) (>= netstandard1.3)) (&& (== net462) (< net46)) (== netstandard1.6)
      System.Runtime.Extensions (>= 4.3) - restriction: || (&& (== net45) (== net462)) (&& (== net45) (>= netstandard1.3)) (&& (== net462) (< net46)) (== netstandard1.6)
      System.Runtime.Handles (>= 4.3) - restriction: || (&& (== net45) (== net462)) (&& (== net45) (>= netstandard1.3)) (&& (== net462) (< net46)) (== netstandard1.6)
      System.Runtime.InteropServices (>= 4.3) - restriction: || (&& (== net45) (== net462)) (&& (== net45) (>= netstandard1.3)) (&& (== net462) (< net46)) (== netstandard1.6)
      System.Security.Cryptography.Primitives (>= 4.3) - restriction: || (&& (== net45) (== net462)) (&& (== net45) (>= netstandard1.3)) (&& (== net462) (< net46)) (== netstandard1.6)
      System.Text.Encoding (>= 4.3) - restriction: || (&& (== net45) (== net462)) (&& (== net45) (>= netstandard1.3)) (&& (== net462) (< net46)) (== netstandard1.6)
    System.Security.Cryptography.OpenSsl (4.4) - restriction: || (&& (== net45) (< net40) (>= netstandard1.6)) (&& (== net45) (>= netstandard1.6) (>= uap10.0)) (&& (== net462) (< net40) (>= netstandard1.6)) (&& (== net462) (>= netstandard1.6) (>= uap10.0)) (== netstandard1.6)
      System.Collections (>= 4.3) - restriction: || (&& (== net45) (>= netstandard1.6)) (&& (== net462) (< net461) (>= netstandard1.6)) (== netstandard1.6)
      System.IO (>= 4.3) - restriction: || (&& (== net45) (>= netstandard1.6)) (&& (== net462) (< net461) (>= netstandard1.6)) (== netstandard1.6)
      System.Resources.ResourceManager (>= 4.3) - restriction: || (&& (== net45) (>= netstandard1.6)) (&& (== net462) (< net461) (>= netstandard1.6)) (== netstandard1.6)
      System.Runtime (>= 4.3) - restriction: || (&& (== net45) (>= netstandard1.6)) (&& (== net462) (< net461) (>= netstandard1.6)) (== netstandard1.6)
      System.Runtime.Extensions (>= 4.3) - restriction: || (&& (== net45) (>= netstandard1.6)) (&& (== net462) (< net461) (>= netstandard1.6)) (== netstandard1.6)
      System.Runtime.Handles (>= 4.3) - restriction: || (&& (== net45) (>= netstandard1.6)) (&& (== net462) (< net461) (>= netstandard1.6)) (== netstandard1.6)
      System.Runtime.InteropServices (>= 4.3) - restriction: || (&& (== net45) (>= netstandard1.6)) (&& (== net462) (< net461) (>= netstandard1.6)) (== netstandard1.6)
      System.Runtime.Numerics (>= 4.3) - restriction: || (&& (== net45) (>= netstandard1.6)) (&& (== net462) (< net461) (>= netstandard1.6)) (== netstandard1.6)
      System.Security.Cryptography.Algorithms (>= 4.3) - restriction: || (&& (== net45) (>= netstandard1.6)) (&& (== net462) (< net461) (>= netstandard1.6)) (== netstandard1.6)
      System.Security.Cryptography.Encoding (>= 4.3) - restriction: || (&& (== net45) (>= netstandard1.6)) (&& (== net462) (< net461) (>= netstandard1.6)) (== netstandard1.6)
      System.Security.Cryptography.Primitives (>= 4.3) - restriction: || (&& (== net45) (>= netstandard1.6)) (&& (== net462) (< net461) (>= netstandard1.6)) (== netstandard1.6)
      System.Text.Encoding (>= 4.3) - restriction: || (&& (== net45) (>= netstandard1.6)) (&& (== net462) (< net461) (>= netstandard1.6)) (== netstandard1.6)
    System.Security.Cryptography.Primitives (4.3) - restriction: || (&& (== net45) (< net40) (>= netstandard1.6)) (&& (== net45) (>= netstandard1.6) (>= uap10.0)) (&& (== net462) (< net40) (>= netstandard1.6)) (&& (== net462) (>= netstandard1.6) (>= uap10.0)) (== netstandard1.6)
      System.Diagnostics.Debug (>= 4.3) - restriction: || (&& (== net45) (== net462)) (&& (== net45) (>= netstandard1.3)) (&& (== net462) (< net46)) (== netstandard1.6)
      System.Globalization (>= 4.3) - restriction: || (&& (== net45) (== net462)) (&& (== net45) (>= netstandard1.3)) (&& (== net462) (< net46)) (== netstandard1.6)
      System.IO (>= 4.3) - restriction: || (&& (== net45) (== net462)) (&& (== net45) (>= netstandard1.3)) (&& (== net462) (< net46)) (== netstandard1.6)
      System.Resources.ResourceManager (>= 4.3) - restriction: || (&& (== net45) (== net462)) (&& (== net45) (>= netstandard1.3)) (&& (== net462) (< net46)) (== netstandard1.6)
      System.Runtime (>= 4.3) - restriction: || (&& (== net45) (== net462)) (&& (== net45) (>= netstandard1.3)) (&& (== net462) (< net46)) (== netstandard1.6)
      System.Threading (>= 4.3) - restriction: || (&& (== net45) (== net462)) (&& (== net45) (>= netstandard1.3)) (&& (== net462) (< net46)) (== netstandard1.6)
      System.Threading.Tasks (>= 4.3) - restriction: || (&& (== net45) (== net462)) (&& (== net45) (>= netstandard1.3)) (&& (== net462) (< net46)) (== netstandard1.6)
    System.Security.Cryptography.X509Certificates (4.3.2) - restriction: || (&& (== net45) (< net40) (>= netstandard1.6)) (&& (== net45) (>= netstandard1.6) (>= uap10.0)) (&& (== net462) (< net40) (>= netstandard1.6)) (&& (== net462) (>= netstandard1.6) (>= uap10.0)) (== netstandard1.6)
      Microsoft.NETCore.Platforms (>= 1.1) - restriction: || (== net45) (&& (== net462) (< net46) (>= netstandard1.6)) (&& (== net462) (< netstandard1.3)) (== netstandard1.6)
      runtime.native.System (>= 4.3) - restriction: || (&& (== net45) (>= netstandard1.6)) (&& (== net462) (< net46) (>= netstandard1.6)) (== netstandard1.6)
      runtime.native.System.Net.Http (>= 4.3) - restriction: || (&& (== net45) (>= netstandard1.6)) (&& (== net462) (< net46) (>= netstandard1.6)) (== netstandard1.6)
      runtime.native.System.Security.Cryptography.OpenSsl (>= 4.3.2) - restriction: || (&& (== net45) (>= netstandard1.6)) (&& (== net462) (< net46) (>= netstandard1.6)) (== netstandard1.6)
      System.Collections (>= 4.3) - restriction: || (== net45) (&& (== net462) (< net46) (>= netstandard1.6)) (&& (== net462) (< netstandard1.3)) (== netstandard1.6)
      System.Diagnostics.Debug (>= 4.3) - restriction: || (&& (== net45) (>= netstandard1.6)) (&& (== net462) (< net46) (>= netstandard1.6)) (== netstandard1.6)
      System.Globalization (>= 4.3) - restriction: || (== net45) (&& (== net462) (< net46) (>= netstandard1.6)) (&& (== net462) (< netstandard1.3)) (== netstandard1.6)
      System.Globalization.Calendars (>= 4.3) - restriction: || (== net45) (&& (== net462) (< net46) (>= netstandard1.6)) (&& (== net462) (< netstandard1.3)) (== netstandard1.6)
      System.IO (>= 4.3) - restriction: || (== net45) (&& (== net462) (< net46) (>= netstandard1.6)) (&& (== net462) (< netstandard1.3)) (== netstandard1.6)
      System.IO.FileSystem (>= 4.3) - restriction: || (== net45) (&& (== net462) (< net46) (>= netstandard1.6)) (&& (== net462) (< netstandard1.3)) (== netstandard1.6)
      System.IO.FileSystem.Primitives (>= 4.3) - restriction: || (&& (== net45) (>= netstandard1.6)) (&& (== net462) (< net46) (>= netstandard1.6)) (== netstandard1.6)
      System.Resources.ResourceManager (>= 4.3) - restriction: || (== net45) (&& (== net462) (< net46) (>= netstandard1.6)) (&& (== net462) (< netstandard1.3)) (== netstandard1.6)
      System.Runtime (>= 4.3) - restriction: || (== net45) (&& (== net462) (< net46)) (&& (== net462) (< netstandard1.3)) (== netstandard1.6)
      System.Runtime.Extensions (>= 4.3) - restriction: || (== net45) (&& (== net462) (< net46) (>= netstandard1.6)) (&& (== net462) (< netstandard1.3)) (== netstandard1.6)
      System.Runtime.Handles (>= 4.3) - restriction: || (== net45) (&& (== net462) (< net46)) (&& (== net462) (< netstandard1.3)) (== netstandard1.6)
      System.Runtime.InteropServices (>= 4.3) - restriction: || (== net45) (&& (== net462) (< net46) (>= netstandard1.6)) (&& (== net462) (< netstandard1.3)) (== netstandard1.6)
      System.Runtime.Numerics (>= 4.3) - restriction: || (== net45) (&& (== net462) (< net46) (>= netstandard1.6)) (&& (== net462) (< netstandard1.3)) (== netstandard1.6)
      System.Security.Cryptography.Algorithms (>= 4.3)
      System.Security.Cryptography.Cng (>= 4.3) - restriction: || (== net45) (&& (== net462) (< net46) (>= netstandard1.6)) (&& (== net462) (< netstandard1.3)) (== netstandard1.6)
      System.Security.Cryptography.Csp (>= 4.3) - restriction: || (&& (== net45) (>= netstandard1.6)) (&& (== net462) (< net46) (>= netstandard1.6)) (== netstandard1.6)
      System.Security.Cryptography.Encoding (>= 4.3)
      System.Security.Cryptography.OpenSsl (>= 4.3) - restriction: || (&& (== net45) (>= netstandard1.6)) (&& (== net462) (< net46) (>= netstandard1.6)) (== netstandard1.6)
      System.Security.Cryptography.Primitives (>= 4.3) - restriction: || (== net45) (&& (== net462) (< net46) (>= netstandard1.6)) (&& (== net462) (< netstandard1.3)) (== netstandard1.6)
      System.Text.Encoding (>= 4.3) - restriction: || (== net45) (&& (== net462) (< net46) (>= netstandard1.6)) (&& (== net462) (< netstandard1.3)) (== netstandard1.6)
      System.Threading (>= 4.3) - restriction: || (== net45) (&& (== net462) (< net46) (>= netstandard1.6)) (&& (== net462) (< netstandard1.3)) (== netstandard1.6)
    System.Text.Encoding (4.3) - restriction: || (&& (== net45) (< net40) (>= netstandard1.6)) (&& (== net45) (>= netstandard1.6) (>= uap10.0)) (&& (== net462) (< net40) (>= netstandard1.6)) (&& (== net462) (>= netstandard1.6) (>= uap10.0)) (== netstandard1.6)
      Microsoft.NETCore.Platforms (>= 1.1) - restriction: || (&& (== net45) (< portable-net45+win8+wp8+wpa81)) (&& (== net462) (< net45)) (&& (== net462) (< portable-net45+win8+wp8+wpa81)) (== netstandard1.6)
      Microsoft.NETCore.Targets (>= 1.1) - restriction: || (&& (== net45) (< portable-net45+win8+wp8+wpa81)) (&& (== net462) (< net45)) (&& (== net462) (< portable-net45+win8+wp8+wpa81)) (== netstandard1.6)
      System.Runtime (>= 4.3) - restriction: || (&& (== net45) (< portable-net45+win8+wp8+wpa81)) (&& (== net462) (< net45)) (&& (== net462) (< portable-net45+win8+wp8+wpa81)) (== netstandard1.6)
    System.Text.Encoding.Extensions (4.3) - restriction: || (&& (== net45) (< net40) (>= netstandard1.6)) (&& (== net45) (>= netstandard1.6) (>= uap10.0)) (&& (== net462) (< net40) (>= netstandard1.6)) (&& (== net462) (>= netstandard1.6) (>= uap10.0)) (== netstandard1.6)
      Microsoft.NETCore.Platforms (>= 1.1) - restriction: || (&& (== net45) (< portable-net45+win8+wp8+wpa81)) (&& (== net462) (< net45)) (&& (== net462) (< portable-net45+win8+wp8+wpa81)) (== netstandard1.6)
      Microsoft.NETCore.Targets (>= 1.1) - restriction: || (&& (== net45) (< portable-net45+win8+wp8+wpa81)) (&& (== net462) (< net45)) (&& (== net462) (< portable-net45+win8+wp8+wpa81)) (== netstandard1.6)
      System.Runtime (>= 4.3) - restriction: || (&& (== net45) (< portable-net45+win8+wp8+wpa81)) (&& (== net462) (< net45)) (&& (== net462) (< portable-net45+win8+wp8+wpa81)) (== netstandard1.6)
      System.Text.Encoding (>= 4.3) - restriction: || (&& (== net45) (< portable-net45+win8+wp8+wpa81)) (&& (== net462) (< net45)) (&& (== net462) (< portable-net45+win8+wp8+wpa81)) (== netstandard1.6)
    System.Text.RegularExpressions (4.3) - restriction: || (&& (== net45) (< net40) (>= netstandard1.6)) (&& (== net45) (>= netstandard1.6) (>= uap10.0)) (&& (== net462) (< net40) (>= netstandard1.6)) (&& (== net462) (< net45) (>= netstandard1.6)) (&& (== net462) (>= netstandard1.6) (>= uap10.0)) (== netstandard1.6)
      System.Collections (>= 4.3) - restriction: || (&& (== net45) (< portable-net45+win8+wp8+wpa81)) (&& (== net462) (< net45) (>= netstandard1.6)) (&& (== net462) (< portable-net45+win8+wp8+wpa81)) (== netstandard1.6)
      System.Globalization (>= 4.3) - restriction: || (&& (== net45) (< portable-net45+win8+wp8+wpa81)) (&& (== net462) (< net45) (>= netstandard1.6)) (&& (== net462) (< portable-net45+win8+wp8+wpa81)) (== netstandard1.6)
      System.Resources.ResourceManager (>= 4.3) - restriction: || (&& (== net45) (< portable-net45+win8+wp8+wpa81)) (&& (== net462) (< net45) (>= netstandard1.6)) (&& (== net462) (< portable-net45+win8+wp8+wpa81)) (== netstandard1.6)
      System.Runtime (>= 4.3) - restriction: || (&& (== net45) (>= netcoreapp1.1)) (&& (== net45) (< portable-net45+win8+wp8+wpa81)) (&& (== net462) (< net45)) (&& (== net462) (>= netcoreapp1.1)) (&& (== net462) (< portable-net45+win8+wp8+wpa81)) (== netstandard1.6)
      System.Runtime.Extensions (>= 4.3) - restriction: || (&& (== net45) (< portable-net45+win8+wp8+wpa81)) (&& (== net462) (< net45) (>= netstandard1.6)) (&& (== net462) (< portable-net45+win8+wp8+wpa81)) (== netstandard1.6)
      System.Threading (>= 4.3) - restriction: || (&& (== net45) (< portable-net45+win8+wp8+wpa81)) (&& (== net462) (< net45) (>= netstandard1.6)) (&& (== net462) (< portable-net45+win8+wp8+wpa81)) (== netstandard1.6)
    System.Threading (4.3) - restriction: || (&& (== net45) (< net40) (>= netstandard1.6)) (&& (== net45) (>= netstandard1.6) (>= uap10.0)) (&& (== net45) (>= netstandard1.6) (>= wpa81)) (&& (== net462) (< net40) (>= netstandard1.6)) (&& (== net462) (< net45) (>= netstandard1.6)) (&& (== net462) (< netstandard1.1) (>= netstandard1.6) (>= wpa81)) (&& (== net462) (< netstandard1.3) (>= netstandard1.6) (>= wpa81)) (&& (== net462) (>= netstandard1.6) (>= uap10.0)) (== netstandard1.6)
      System.Runtime (>= 4.3) - restriction: || (&& (== net45) (< portable-net45+win8+wp8+wpa81)) (&& (== net462) (< net45)) (&& (== net462) (< portable-net45+win8+wp8+wpa81)) (== netstandard1.6)
      System.Threading.Tasks (>= 4.3) - restriction: || (&& (== net45) (< portable-net45+win8+wp8+wpa81)) (&& (== net462) (< net45)) (&& (== net462) (< portable-net45+win8+wp8+wpa81)) (== netstandard1.6)
    System.Threading.Tasks (4.3) - restriction: || (&& (== net45) (< net40) (>= netstandard1.6)) (&& (== net45) (>= netstandard1.6) (>= uap10.0)) (&& (== net462) (< net40) (>= netstandard1.6)) (&& (== net462) (< net45) (>= netstandard1.6)) (&& (== net462) (>= netstandard1.6) (>= uap10.0)) (== netstandard1.6)
      Microsoft.NETCore.Platforms (>= 1.1) - restriction: || (&& (== net45) (< portable-net45+win8+wp8+wpa81)) (&& (== net462) (< net45)) (&& (== net462) (< portable-net45+win8+wp8+wpa81)) (== netstandard1.6)
      Microsoft.NETCore.Targets (>= 1.1) - restriction: || (&& (== net45) (< portable-net45+win8+wp8+wpa81)) (&& (== net462) (< net45)) (&& (== net462) (< portable-net45+win8+wp8+wpa81)) (== netstandard1.6)
      System.Runtime (>= 4.3) - restriction: || (&& (== net45) (< portable-net45+win8+wp8+wpa81)) (&& (== net462) (< net45)) (&& (== net462) (< portable-net45+win8+wp8+wpa81)) (== netstandard1.6)
    System.Threading.Tasks.Extensions (4.4) - restriction: || (&& (== net45) (< net40) (>= netstandard1.6)) (&& (== net45) (>= netstandard1.6) (>= uap10.0)) (&& (== net462) (< net40) (>= netstandard1.6)) (&& (== net462) (>= netstandard1.6) (>= uap10.0)) (== netstandard1.6)
      System.Collections (>= 4.3)
      System.Runtime (>= 4.3)
      System.Threading.Tasks (>= 4.3)
    System.Threading.Tasks.Parallel (4.3) - restriction: || (&& (== net462) (< net45) (>= netstandard1.6)) (== netstandard1.6)
      System.Collections.Concurrent (>= 4.3) - restriction: || (&& (== net45) (< portable-net45+win8+wpa81)) (&& (== net462) (< net45)) (&& (== net462) (< portable-net45+win8+wpa81)) (== netstandard1.6)
      System.Diagnostics.Debug (>= 4.3) - restriction: || (&& (== net45) (< portable-net45+win8+wpa81)) (&& (== net462) (< net45)) (&& (== net462) (< portable-net45+win8+wpa81)) (== netstandard1.6)
      System.Diagnostics.Tracing (>= 4.3) - restriction: || (&& (== net45) (< portable-net45+win8+wpa81)) (&& (== net462) (< net45)) (&& (== net462) (< portable-net45+win8+wpa81)) (== netstandard1.6)
      System.Resources.ResourceManager (>= 4.3) - restriction: || (&& (== net45) (< portable-net45+win8+wpa81)) (&& (== net462) (< net45)) (&& (== net462) (< portable-net45+win8+wpa81)) (== netstandard1.6)
      System.Runtime (>= 4.3) - restriction: || (&& (== net45) (< portable-net45+win8+wpa81)) (&& (== net462) (< net45)) (&& (== net462) (< portable-net45+win8+wpa81)) (== netstandard1.6)
      System.Runtime.Extensions (>= 4.3) - restriction: || (&& (== net45) (< portable-net45+win8+wpa81)) (&& (== net462) (< net45)) (&& (== net462) (< portable-net45+win8+wpa81)) (== netstandard1.6)
      System.Threading (>= 4.3) - restriction: || (&& (== net45) (< portable-net45+win8+wpa81)) (&& (== net462) (< net45)) (&& (== net462) (< portable-net45+win8+wpa81)) (== netstandard1.6)
      System.Threading.Tasks (>= 4.3) - restriction: || (&& (== net45) (< portable-net45+win8+wpa81)) (&& (== net462) (< net45)) (&& (== net462) (< portable-net45+win8+wpa81)) (== netstandard1.6)
    System.Threading.Thread (4.3) - restriction: || (&& (== net462) (< net45) (>= netstandard1.6)) (== netstandard1.6)
      System.Runtime (>= 4.3) - restriction: || (&& (== net45) (== net462)) (&& (== net45) (>= netstandard1.3)) (&& (== net462) (< net46)) (== netstandard1.6)
    System.Threading.ThreadPool (4.3) - restriction: || (&& (== net462) (< net45) (>= netstandard1.6)) (== netstandard1.6)
      System.Runtime (>= 4.3) - restriction: || (&& (== net45) (== net462)) (&& (== net45) (>= netstandard1.3)) (&& (== net462) (< net46)) (== netstandard1.6)
      System.Runtime.Handles (>= 4.3) - restriction: || (&& (== net45) (== net462)) (&& (== net45) (>= netstandard1.3)) (&& (== net462) (< net46)) (== netstandard1.6)
    System.Threading.Timer (4.3) - restriction: || (&& (== net45) (< net40) (>= netstandard1.6)) (&& (== net45) (>= netstandard1.6) (>= uap10.0)) (&& (== net462) (< net40) (>= netstandard1.6)) (&& (== net462) (< net45) (>= netstandard1.6)) (&& (== net462) (>= netstandard1.6) (>= uap10.0)) (== netstandard1.6)
      Microsoft.NETCore.Platforms (>= 1.1) - restriction: || (== net45) (&& (== net462) (< net451)) (&& (== net462) (< portable-net451+win81+wpa81)) (== netstandard1.6)
      Microsoft.NETCore.Targets (>= 1.1) - restriction: || (== net45) (&& (== net462) (< net451)) (&& (== net462) (< portable-net451+win81+wpa81)) (== netstandard1.6)
      System.Runtime (>= 4.3) - restriction: || (== net45) (&& (== net462) (< net451)) (&& (== net462) (< portable-net451+win81+wpa81)) (== netstandard1.6)
    System.Xml.ReaderWriter (4.3.1) - restriction: || (&& (== net45) (< net40) (>= netstandard1.6)) (&& (== net45) (>= netstandard1.6) (>= uap10.0)) (&& (== net462) (< net40) (>= netstandard1.6)) (&& (== net462) (>= netstandard1.6) (>= uap10.0)) (== netstandard1.6)
      System.Collections (>= 4.3) - restriction: || (&& (== net45) (< portable-net45+win8+wp8+wpa81)) (&& (== net462) (< net45)) (&& (== net462) (< portable-net45+win8+wp8+wpa81)) (== netstandard1.6)
      System.Diagnostics.Debug (>= 4.3) - restriction: || (&& (== net45) (< portable-net45+win8+wp8+wpa81)) (&& (== net462) (< net45)) (&& (== net462) (< portable-net45+win8+wp8+wpa81)) (== netstandard1.6)
      System.Globalization (>= 4.3) - restriction: || (&& (== net45) (< portable-net45+win8+wp8+wpa81)) (&& (== net462) (< net45)) (&& (== net462) (< portable-net45+win8+wp8+wpa81)) (== netstandard1.6)
      System.IO (>= 4.3) - restriction: || (&& (== net45) (< portable-net45+win8+wp8+wpa81)) (&& (== net462) (< net45)) (&& (== net462) (< portable-net45+win8+wp8+wpa81)) (== netstandard1.6)
      System.IO.FileSystem (>= 4.3) - restriction: || (&& (== net45) (< portable-net45+win8+wp8+wpa81)) (&& (== net462) (< net45)) (&& (== net462) (< portable-net45+win8+wp8+wpa81)) (== netstandard1.6)
      System.IO.FileSystem.Primitives (>= 4.3) - restriction: || (&& (== net45) (< portable-net45+win8+wp8+wpa81)) (&& (== net462) (< net45)) (&& (== net462) (< portable-net45+win8+wp8+wpa81)) (== netstandard1.6)
      System.Resources.ResourceManager (>= 4.3) - restriction: || (&& (== net45) (< portable-net45+win8+wp8+wpa81)) (&& (== net462) (< net45)) (&& (== net462) (< portable-net45+win8+wp8+wpa81)) (== netstandard1.6)
      System.Runtime (>= 4.3) - restriction: || (&& (== net45) (< portable-net45+win8+wp8+wpa81)) (&& (== net462) (< net45)) (&& (== net462) (< portable-net45+win8+wp8+wpa81)) (== netstandard1.6)
      System.Runtime.Extensions (>= 4.3) - restriction: || (&& (== net45) (< portable-net45+win8+wp8+wpa81)) (&& (== net462) (< net45)) (&& (== net462) (< portable-net45+win8+wp8+wpa81)) (== netstandard1.6)
      System.Runtime.InteropServices (>= 4.3) - restriction: || (&& (== net45) (< portable-net45+win8+wp8+wpa81)) (&& (== net462) (< net45)) (&& (== net462) (< portable-net45+win8+wp8+wpa81)) (== netstandard1.6)
      System.Text.Encoding (>= 4.3) - restriction: || (&& (== net45) (< portable-net45+win8+wp8+wpa81)) (&& (== net462) (< net45)) (&& (== net462) (< portable-net45+win8+wp8+wpa81)) (== netstandard1.6)
      System.Text.Encoding.Extensions (>= 4.3) - restriction: || (&& (== net45) (< portable-net45+win8+wp8+wpa81)) (&& (== net462) (< net45)) (&& (== net462) (< portable-net45+win8+wp8+wpa81)) (== netstandard1.6)
      System.Text.RegularExpressions (>= 4.3) - restriction: || (&& (== net45) (< portable-net45+win8+wp8+wpa81)) (&& (== net462) (< net45)) (&& (== net462) (< portable-net45+win8+wp8+wpa81)) (== netstandard1.6)
      System.Threading.Tasks (>= 4.3) - restriction: || (&& (== net45) (< portable-net45+win8+wp8+wpa81)) (&& (== net462) (< net45)) (&& (== net462) (< portable-net45+win8+wp8+wpa81)) (== netstandard1.6)
      System.Threading.Tasks.Extensions (>= 4.3) - restriction: || (&& (== net45) (< portable-net45+win8+wp8+wpa81)) (&& (== net462) (< net45)) (&& (== net462) (< portable-net45+win8+wp8+wpa81)) (== netstandard1.6)
    System.Xml.XDocument (4.3) - restriction: || (&& (== net45) (< net40) (>= netstandard1.6)) (&& (== net45) (>= netstandard1.6) (>= uap10.0)) (&& (== net462) (< net40) (>= netstandard1.6)) (&& (== net462) (>= netstandard1.6) (>= uap10.0)) (== netstandard1.6)
      System.Collections (>= 4.3) - restriction: || (&& (== net45) (< portable-net45+win8+wp8+wpa81)) (&& (== net462) (< net45)) (&& (== net462) (< portable-net45+win8+wp8+wpa81)) (== netstandard1.6)
      System.Diagnostics.Debug (>= 4.3) - restriction: || (&& (== net45) (< portable-net45+win8+wp8+wpa81)) (&& (== net462) (< net45)) (&& (== net462) (< portable-net45+win8+wp8+wpa81)) (== netstandard1.6)
      System.Diagnostics.Tools (>= 4.3) - restriction: || (&& (== net45) (< portable-net45+win8+wp8+wpa81)) (&& (== net462) (< net45)) (&& (== net462) (< portable-net45+win8+wp8+wpa81)) (== netstandard1.6)
      System.Globalization (>= 4.3) - restriction: || (&& (== net45) (< portable-net45+win8+wp8+wpa81)) (&& (== net462) (< net45)) (&& (== net462) (< portable-net45+win8+wp8+wpa81)) (== netstandard1.6)
      System.IO (>= 4.3) - restriction: || (&& (== net45) (< portable-net45+win8+wp8+wpa81)) (&& (== net462) (< net45)) (&& (== net462) (< portable-net45+win8+wp8+wpa81)) (== netstandard1.6)
      System.Reflection (>= 4.3) - restriction: || (&& (== net45) (< portable-net45+win8+wp8+wpa81)) (&& (== net462) (< net45)) (&& (== net462) (< portable-net45+win8+wp8+wpa81)) (== netstandard1.6)
      System.Resources.ResourceManager (>= 4.3) - restriction: || (&& (== net45) (< portable-net45+win8+wp8+wpa81)) (&& (== net462) (< net45)) (&& (== net462) (< portable-net45+win8+wp8+wpa81)) (== netstandard1.6)
      System.Runtime (>= 4.3) - restriction: || (&& (== net45) (< portable-net45+win8+wp8+wpa81)) (&& (== net462) (< net45)) (&& (== net462) (< portable-net45+win8+wp8+wpa81)) (== netstandard1.6)
      System.Runtime.Extensions (>= 4.3) - restriction: || (&& (== net45) (< portable-net45+win8+wp8+wpa81)) (&& (== net462) (< net45)) (&& (== net462) (< portable-net45+win8+wp8+wpa81)) (== netstandard1.6)
      System.Text.Encoding (>= 4.3) - restriction: || (&& (== net45) (< portable-net45+win8+wp8+wpa81)) (&& (== net462) (< net45)) (&& (== net462) (< portable-net45+win8+wp8+wpa81)) (== netstandard1.6)
      System.Threading (>= 4.3) - restriction: || (&& (== net45) (< portable-net45+win8+wp8+wpa81)) (&& (== net462) (< net45)) (&& (== net462) (< portable-net45+win8+wp8+wpa81)) (== netstandard1.6)
      System.Xml.ReaderWriter (>= 4.3) - restriction: || (&& (== net45) (< portable-net45+win8+wp8+wpa81)) (&& (== net462) (< net45)) (&& (== net462) (< portable-net45+win8+wp8+wpa81)) (== netstandard1.6)

GROUP build
GENERATE-LOAD-SCRIPTS: OFF
RESTRICTION: || (== net45) (== net462) (== netstandard1.6)
NUGET
  remote: https://www.nuget.org/api/v2
    FAKE (4.64.4)

GROUP test
REDIRECTS: ON
STORAGE: NONE
RESTRICTION: || (== net45) (== net462) (== netstandard1.6)
NUGET
  remote: https://www.nuget.org/api/v2
    Argu (5.0.1) - restriction: || (&& (== net45) (>= net461)) (&& (== net45) (>= netstandard1.6)) (== net462) (== netstandard1.6)
      FSharp.Core (>= 4.0.0.1) - restriction: || (== net45) (== net462) (&& (== netstandard1.6) (>= net45))
    Expecto (5.1.2)
      Argu (>= 3.7) - restriction: || (&& (== net45) (>= net461)) (&& (== net45) (>= netstandard1.6)) (== net462) (== netstandard1.6)
      FSharp.Core (>= 4.1.18) - restriction: || (&& (== net45) (>= net461)) (&& (== net45) (>= netstandard1.6)) (== net462) (== netstandard1.6)
      Mono.Cecil (>= 0.10.0-beta7) - restriction: || (&& (== net45) (>= net461)) (&& (== net45) (>= netstandard1.6)) (== net462) (== netstandard1.6)
      NETStandard.Library (>= 1.6.1) - restriction: || (&& (== net45) (>= netstandard1.6)) (&& (== net462) (< net461) (>= netstandard1.6)) (== netstandard1.6)
      System.Diagnostics.FileVersionInfo (>= 4.3) - restriction: || (&& (== net45) (>= netstandard1.6)) (&& (== net45) (>= netstandard2.0)) (&& (== net462) (< net461) (>= netstandard1.6)) (&& (== net462) (< net461) (>= netstandard2.0)) (== netstandard1.6)
      System.ValueTuple (>= 4.4) - restriction: || (&& (== net45) (>= net461)) (&& (== net45) (>= netstandard1.6)) (== net462) (== netstandard1.6)
    FSharp.Core (4.3.3)
      System.Collections (>= 4.0.11) - restriction: || (&& (== net462) (< net45) (>= netstandard1.6)) (== netstandard1.6)
      System.Console (>= 4.0) - restriction: || (&& (== net462) (< net45) (>= netstandard1.6)) (== netstandard1.6)
      System.Diagnostics.Debug (>= 4.0.11) - restriction: || (&& (== net462) (< net45) (>= netstandard1.6)) (== netstandard1.6)
      System.Diagnostics.Tools (>= 4.0.1) - restriction: || (&& (== net462) (< net45) (>= netstandard1.6)) (== netstandard1.6)
      System.Globalization (>= 4.0.11) - restriction: || (&& (== net462) (< net45) (>= netstandard1.6)) (== netstandard1.6)
      System.IO (>= 4.1) - restriction: || (&& (== net462) (< net45) (>= netstandard1.6)) (== netstandard1.6)
      System.Linq (>= 4.1) - restriction: || (&& (== net462) (< net45) (>= netstandard1.6)) (== netstandard1.6)
      System.Linq.Expressions (>= 4.1) - restriction: || (&& (== net462) (< net45) (>= netstandard1.6)) (== netstandard1.6)
      System.Linq.Queryable (>= 4.0.1) - restriction: || (&& (== net462) (< net45) (>= netstandard1.6)) (== netstandard1.6)
      System.Net.Requests (>= 4.0.11) - restriction: || (&& (== net462) (< net45) (>= netstandard1.6)) (== netstandard1.6)
      System.Reflection (>= 4.1) - restriction: || (&& (== net462) (< net45) (>= netstandard1.6)) (== netstandard1.6)
      System.Reflection.Extensions (>= 4.0.1) - restriction: || (&& (== net462) (< net45) (>= netstandard1.6)) (== netstandard1.6)
      System.Resources.ResourceManager (>= 4.0.1) - restriction: || (&& (== net462) (< net45) (>= netstandard1.6)) (== netstandard1.6)
      System.Runtime (>= 4.1) - restriction: || (&& (== net462) (< net45) (>= netstandard1.6)) (== netstandard1.6)
      System.Runtime.Extensions (>= 4.1) - restriction: || (&& (== net462) (< net45) (>= netstandard1.6)) (== netstandard1.6)
      System.Runtime.Numerics (>= 4.0.1) - restriction: || (&& (== net462) (< net45) (>= netstandard1.6)) (== netstandard1.6)
      System.Text.RegularExpressions (>= 4.1) - restriction: || (&& (== net462) (< net45) (>= netstandard1.6)) (== netstandard1.6)
      System.Threading (>= 4.0.11) - restriction: || (&& (== net462) (< net45) (>= netstandard1.6)) (== netstandard1.6)
      System.Threading.Tasks (>= 4.0.11) - restriction: || (&& (== net462) (< net45) (>= netstandard1.6)) (== netstandard1.6)
      System.Threading.Tasks.Parallel (>= 4.0.1) - restriction: || (&& (== net462) (< net45) (>= netstandard1.6)) (== netstandard1.6)
      System.Threading.Thread (>= 4.0) - restriction: || (&& (== net462) (< net45) (>= netstandard1.6)) (== netstandard1.6)
      System.Threading.ThreadPool (>= 4.0.10) - restriction: || (&& (== net462) (< net45) (>= netstandard1.6)) (== netstandard1.6)
      System.Threading.Timer (>= 4.0.1) - restriction: || (&& (== net462) (< net45) (>= netstandard1.6)) (== netstandard1.6)
    Hopac (0.3.23)
      FSharp.Core (>= 3.1.2.5) - restriction: || (== net45) (== net462)
      FSharp.Core (>= 4.0.1.7-alpha) - restriction: || (&& (== net45) (>= netstandard1.6)) (&& (== net462) (>= netstandard1.6)) (== netstandard1.6)
      NETStandard.Library (>= 1.6) - restriction: || (&& (== net45) (>= netstandard1.6)) (&& (== net462) (>= netstandard1.6)) (== netstandard1.6)
    Http.fs (4.1.2)
      FSharp.Core (>= 3.1.2.5)
      Hopac (>= 0.3.21)
    Microsoft.CSharp (4.4.1) - restriction: || (&& (== net45) (< net20)) (&& (== net462) (< net20)) (== netstandard1.6)
      NETStandard.Library (>= 1.6.1) - restriction: || (&& (== net45) (< portable-net45+win8+wp8+wpa81)) (&& (== net462) (< net45)) (&& (== net462) (< portable-net45+win8+wp8+wpa81)) (== netstandard1.6)
      System.Dynamic.Runtime (>= 4.3) - restriction: || (&& (== net45) (< portable-net45+win8+wp8+wpa81)) (&& (== net462) (< net45)) (&& (== net462) (< portable-net45+win8+wp8+wpa81)) (== netstandard1.6)
      System.Reflection.TypeExtensions (>= 4.4) - restriction: || (&& (== net45) (< portable-net45+win8+wp8+wpa81)) (&& (== net462) (< net45)) (&& (== net462) (< portable-net45+win8+wp8+wpa81)) (== netstandard1.6)
    Microsoft.NETCore.Platforms (2.0.1) - restriction: || (&& (== net45) (>= monotouch)) (&& (== net45) (< net35) (>= net461)) (&& (== net45) (>= netcoreapp1.1) (>= uap10.0)) (&& (== net45) (>= netcoreapp2.0)) (&& (== net45) (>= netstandard1.6)) (&& (== net45) (>= netstandard2.0)) (&& (== net45) (>= xamarinios)) (&& (== net45) (>= xamarinmac)) (&& (== net45) (>= xamarintvos)) (&& (== net45) (>= xamarinwatchos)) (&& (== net462) (>= monotouch)) (&& (== net462) (< net35)) (&& (== net462) (< net45) (>= netstandard1.6)) (&& (== net462) (< net45) (>= netstandard2.0)) (&& (== net462) (< net46) (>= netstandard1.6)) (&& (== net462) (< net46) (>= netstandard2.0)) (&& (== net462) (< net461) (>= netstandard1.6)) (&& (== net462) (>= netcoreapp1.1)) (&& (== net462) (>= netcoreapp2.0)) (&& (== net462) (< netstandard1.0) (>= netstandard1.6)) (&& (== net462) (< netstandard1.1) (>= netstandard1.6)) (&& (== net462) (< netstandard1.3) (>= netstandard1.6)) (&& (== net462) (< netstandard1.3) (>= netstandard2.0)) (&& (== net462) (< netstandard1.4) (>= netstandard1.6)) (&& (== net462) (>= netstandard1.6) (< portable-net45+win8+wp8+wpa81)) (&& (== net462) (>= netstandard1.6) (< portable-net45+win8+wpa81)) (&& (== net462) (>= netstandard1.6) (< portable-net451+win81+wpa81)) (&& (== net462) (>= netstandard1.6) (>= uap10.0)) (&& (== net462) (>= xamarinios)) (&& (== net462) (>= xamarinmac)) (&& (== net462) (>= xamarintvos)) (&& (== net462) (>= xamarinwatchos)) (== netstandard1.6)
    Microsoft.NETCore.Targets (2.0) - restriction: || (&& (== net45) (== net462) (>= netstandard1.6)) (&& (== net45) (>= net46) (>= netstandard1.6)) (&& (== net45) (>= netcoreapp1.1) (>= uap10.0)) (&& (== net45) (>= netstandard1.6) (< portable-net45+win8+wp8+wpa81)) (&& (== net45) (>= netstandard1.6) (< portable-net45+win8+wpa81)) (&& (== net45) (>= netstandard1.6) (>= uap10.0)) (&& (== net462) (< net45) (>= netstandard1.6)) (&& (== net462) (< net46) (< netstandard1.4) (>= netstandard1.6)) (&& (== net462) (>= netcoreapp1.1)) (&& (== net462) (< netstandard1.1) (>= netstandard1.6)) (&& (== net462) (>= netstandard1.6) (< portable-net45+win8+wp8+wpa81)) (&& (== net462) (>= netstandard1.6) (< portable-net45+win8+wpa81)) (&& (== net462) (>= netstandard1.6) (>= uap10.0)) (== netstandard1.6)
    Microsoft.Win32.Primitives (4.3) - restriction: || (&& (== net45) (== net462) (>= netstandard1.6)) (&& (== net45) (>= net46) (>= netstandard1.6)) (&& (== net45) (>= netstandard1.6) (>= uap10.0)) (&& (== net462) (< net45) (>= netstandard1.6)) (&& (== net462) (< netstandard1.4) (>= netstandard1.6)) (&& (== net462) (>= netstandard1.6) (>= uap10.0)) (== netstandard1.6)
      Microsoft.NETCore.Platforms (>= 1.1) - restriction: || (&& (== net45) (== net462)) (&& (== net45) (>= netstandard1.3)) (&& (== net462) (< net46)) (== netstandard1.6)
      Microsoft.NETCore.Targets (>= 1.1) - restriction: || (&& (== net45) (== net462)) (&& (== net45) (>= netstandard1.3)) (&& (== net462) (< net46)) (== netstandard1.6)
      System.Runtime (>= 4.3) - restriction: || (&& (== net45) (== net462)) (&& (== net45) (>= netstandard1.3)) (&& (== net462) (< net46)) (== netstandard1.6)
    Mono.Cecil (0.10.0-beta7) - restriction: || (&& (== net45) (>= net461)) (&& (== net45) (>= netstandard1.6)) (== net462) (== netstandard1.6)
      System.Collections (>= 4.0.11) - restriction: || (&& (== net45) (< net35) (>= netstandard1.3)) (&& (== net462) (< net35)) (== netstandard1.6)
      System.IO.FileSystem (>= 4.0.1) - restriction: || (&& (== net45) (< net35) (>= netstandard1.3)) (&& (== net462) (< net35)) (== netstandard1.6)
      System.IO.FileSystem.Primitives (>= 4.0.1) - restriction: || (&& (== net45) (< net35) (>= netstandard1.3)) (&& (== net462) (< net35)) (== netstandard1.6)
      System.Reflection (>= 4.1) - restriction: || (&& (== net45) (< net35) (>= netstandard1.3)) (&& (== net462) (< net35)) (== netstandard1.6)
      System.Runtime.Extensions (>= 4.1) - restriction: || (&& (== net45) (< net35) (>= netstandard1.3)) (&& (== net462) (< net35)) (== netstandard1.6)
      System.Security.Cryptography.Algorithms (>= 4.2) - restriction: || (&& (== net45) (< net35) (>= netstandard1.3)) (&& (== net462) (< net35)) (== netstandard1.6)
      System.Security.Cryptography.Csp (>= 4.0) - restriction: || (&& (== net45) (< net35) (>= netstandard1.3)) (&& (== net462) (< net35)) (== netstandard1.6)
      System.Threading (>= 4.0.11) - restriction: || (&& (== net45) (< net35) (>= netstandard1.3)) (&& (== net462) (< net35)) (== netstandard1.6)
    NETStandard.Library (2.0.1) - restriction: || (&& (== net45) (== net462)) (&& (== net45) (< net20)) (&& (== net45) (>= net461)) (&& (== net45) (>= netstandard1.6)) (&& (== net462) (< net20)) (&& (== net462) (< net461)) (== netstandard1.6)
      Microsoft.NETCore.Platforms (>= 1.1)
      Microsoft.Win32.Primitives (>= 4.3) - restriction: || (&& (== net45) (== net462)) (&& (== net45) (>= net46)) (&& (== net45) (>= uap10.0)) (&& (== net462) (< net45)) (&& (== net462) (< netstandard1.4)) (&& (== net462) (>= uap10.0)) (== netstandard1.6)
      System.AppContext (>= 4.3) - restriction: || (&& (== net45) (== net462)) (&& (== net45) (>= net46)) (&& (== net45) (>= uap10.0)) (&& (== net462) (< net45)) (&& (== net462) (< netstandard1.4)) (&& (== net462) (>= uap10.0)) (== netstandard1.6)
      System.Collections (>= 4.3) - restriction: || (&& (== net45) (< portable-net45+win8+wpa81)) (&& (== net45) (>= uap10.0)) (&& (== net462) (< net45)) (&& (== net462) (< portable-net45+win8+wpa81)) (&& (== net462) (>= uap10.0)) (== netstandard1.6)
      System.Collections.Concurrent (>= 4.3) - restriction: || (&& (== net45) (>= uap10.0)) (&& (== net462) (< net45)) (&& (== net462) (>= uap10.0)) (== netstandard1.6)
      System.Console (>= 4.3) - restriction: || (&& (== net45) (== net462)) (&& (== net45) (>= net46)) (&& (== net45) (>= uap10.0)) (&& (== net462) (< net45)) (&& (== net462) (< netstandard1.4)) (&& (== net462) (>= uap10.0)) (== netstandard1.6)
      System.Diagnostics.Debug (>= 4.3) - restriction: || (&& (== net45) (< portable-net45+win8+wpa81)) (&& (== net45) (>= uap10.0)) (&& (== net462) (< net45)) (&& (== net462) (< portable-net45+win8+wpa81)) (&& (== net462) (>= uap10.0)) (== netstandard1.6)
      System.Diagnostics.Tools (>= 4.3) - restriction: || (&& (== net45) (< portable-net45+win8+wpa81)) (&& (== net45) (>= uap10.0)) (&& (== net462) (< net45)) (&& (== net462) (< portable-net45+win8+wpa81)) (&& (== net462) (>= uap10.0)) (== netstandard1.6)
      System.Diagnostics.Tracing (>= 4.3) - restriction: || (&& (== net45) (>= uap10.0)) (&& (== net462) (< net45)) (&& (== net462) (>= uap10.0)) (== netstandard1.6)
      System.Globalization (>= 4.3) - restriction: || (&& (== net45) (< portable-net45+win8+wpa81)) (&& (== net45) (>= uap10.0)) (&& (== net462) (< net45)) (&& (== net462) (< portable-net45+win8+wpa81)) (&& (== net462) (>= uap10.0)) (== netstandard1.6)
      System.Globalization.Calendars (>= 4.3) - restriction: || (&& (== net45) (== net462)) (&& (== net45) (>= net46)) (&& (== net45) (>= uap10.0)) (&& (== net462) (< net45)) (&& (== net462) (< netstandard1.4)) (&& (== net462) (>= uap10.0)) (== netstandard1.6)
      System.IO (>= 4.3) - restriction: || (&& (== net45) (< portable-net45+win8+wpa81)) (&& (== net45) (>= uap10.0)) (&& (== net462) (< net45)) (&& (== net462) (< portable-net45+win8+wpa81)) (&& (== net462) (>= uap10.0)) (== netstandard1.6)
      System.IO.Compression (>= 4.3) - restriction: || (&& (== net45) (== net462)) (&& (== net45) (>= net46)) (&& (== net45) (>= uap10.0)) (&& (== net462) (< net45)) (&& (== net462) (< netstandard1.4)) (&& (== net462) (>= uap10.0)) (== netstandard1.6)
      System.IO.Compression.ZipFile (>= 4.3) - restriction: || (&& (== net45) (== net462)) (&& (== net45) (>= net46)) (&& (== net45) (>= uap10.0)) (&& (== net462) (< net45)) (&& (== net462) (< netstandard1.4)) (&& (== net462) (>= uap10.0)) (== netstandard1.6)
      System.IO.FileSystem (>= 4.3) - restriction: || (&& (== net45) (== net462)) (&& (== net45) (>= net46)) (&& (== net45) (>= uap10.0)) (&& (== net462) (< net45)) (&& (== net462) (< netstandard1.4)) (&& (== net462) (>= uap10.0)) (== netstandard1.6)
      System.IO.FileSystem.Primitives (>= 4.3) - restriction: || (&& (== net45) (== net462)) (&& (== net45) (>= net46)) (&& (== net45) (>= uap10.0)) (&& (== net462) (< net45)) (&& (== net462) (< netstandard1.4)) (&& (== net462) (>= uap10.0)) (== netstandard1.6)
      System.Linq (>= 4.3) - restriction: || (&& (== net45) (< portable-net45+win8+wpa81)) (&& (== net45) (>= uap10.0)) (&& (== net462) (< net45)) (&& (== net462) (< portable-net45+win8+wpa81)) (&& (== net462) (>= uap10.0)) (== netstandard1.6)
      System.Linq.Expressions (>= 4.3) - restriction: || (&& (== net45) (< portable-net45+win8+wpa81)) (&& (== net45) (>= uap10.0)) (&& (== net462) (< net45)) (&& (== net462) (< portable-net45+win8+wpa81)) (&& (== net462) (>= uap10.0)) (== netstandard1.6)
      System.Net.Http (>= 4.3.2) - restriction: || (&& (== net45) (== net462)) (&& (== net45) (>= net46)) (&& (== net45) (>= uap10.0)) (&& (== net462) (< net45)) (&& (== net462) (< netstandard1.4)) (&& (== net462) (>= uap10.0)) (== netstandard1.6)
      System.Net.Primitives (>= 4.3) - restriction: || (&& (== net45) (< portable-net45+win8+wpa81)) (&& (== net45) (>= uap10.0)) (&& (== net462) (< net45)) (&& (== net462) (< portable-net45+win8+wpa81)) (&& (== net462) (>= uap10.0)) (== netstandard1.6)
      System.Net.Sockets (>= 4.3) - restriction: || (&& (== net45) (== net462)) (&& (== net45) (>= net46)) (&& (== net45) (>= uap10.0)) (&& (== net462) (< net45)) (&& (== net462) (< netstandard1.4)) (&& (== net462) (>= uap10.0)) (== netstandard1.6)
      System.ObjectModel (>= 4.3) - restriction: || (&& (== net45) (< portable-net45+win8+wpa81)) (&& (== net45) (>= uap10.0)) (&& (== net462) (< net45)) (&& (== net462) (< portable-net45+win8+wpa81)) (&& (== net462) (>= uap10.0)) (== netstandard1.6)
      System.Reflection (>= 4.3) - restriction: || (&& (== net45) (< portable-net45+win8+wpa81)) (&& (== net45) (>= uap10.0)) (&& (== net462) (< net45)) (&& (== net462) (< portable-net45+win8+wpa81)) (&& (== net462) (>= uap10.0)) (== netstandard1.6)
      System.Reflection.Extensions (>= 4.3) - restriction: || (&& (== net45) (< portable-net45+win8+wpa81)) (&& (== net45) (>= uap10.0)) (&& (== net462) (< net45)) (&& (== net462) (< portable-net45+win8+wpa81)) (&& (== net462) (>= uap10.0)) (== netstandard1.6)
      System.Reflection.Primitives (>= 4.3) - restriction: || (&& (== net45) (< portable-net45+win8+wpa81)) (&& (== net45) (>= uap10.0)) (&& (== net462) (< net45)) (&& (== net462) (< portable-net45+win8+wpa81)) (&& (== net462) (>= uap10.0)) (== netstandard1.6)
      System.Resources.ResourceManager (>= 4.3) - restriction: || (&& (== net45) (< portable-net45+win8+wpa81)) (&& (== net45) (>= uap10.0)) (&& (== net462) (< net45)) (&& (== net462) (< portable-net45+win8+wpa81)) (&& (== net462) (>= uap10.0)) (== netstandard1.6)
      System.Runtime (>= 4.3) - restriction: || (&& (== net45) (< portable-net45+win8+wpa81)) (&& (== net45) (>= uap10.0)) (&& (== net462) (< net45)) (&& (== net462) (< portable-net45+win8+wpa81)) (&& (== net462) (>= uap10.0)) (== netstandard1.6)
      System.Runtime.Extensions (>= 4.3) - restriction: || (&& (== net45) (< portable-net45+win8+wpa81)) (&& (== net45) (>= uap10.0)) (&& (== net462) (< net45)) (&& (== net462) (< portable-net45+win8+wpa81)) (&& (== net462) (>= uap10.0)) (== netstandard1.6)
      System.Runtime.Handles (>= 4.3) - restriction: || (&& (== net45) (>= uap10.0)) (&& (== net462) (< net45)) (&& (== net462) (>= uap10.0)) (== netstandard1.6)
      System.Runtime.InteropServices (>= 4.3) - restriction: || (&& (== net45) (>= uap10.0)) (&& (== net462) (< net45)) (&& (== net462) (>= uap10.0)) (== netstandard1.6)
      System.Runtime.InteropServices.RuntimeInformation (>= 4.3) - restriction: || (== net45) (&& (== net462) (< net45)) (&& (== net462) (< netstandard1.0)) (&& (== net462) (< netstandard1.3)) (&& (== net462) (< netstandard1.4)) (&& (== net462) (< portable-net451+win81+wpa81)) (&& (== net462) (>= uap10.0)) (== netstandard1.6)
      System.Runtime.Numerics (>= 4.3) - restriction: || (&& (== net45) (>= uap10.0)) (&& (== net462) (< net45)) (&& (== net462) (>= uap10.0)) (== netstandard1.6)
      System.Security.Cryptography.Algorithms (>= 4.3) - restriction: || (&& (== net45) (== net462)) (&& (== net45) (>= net46)) (&& (== net45) (>= uap10.0)) (&& (== net462) (< net45)) (&& (== net462) (< netstandard1.4)) (&& (== net462) (>= uap10.0)) (== netstandard1.6)
      System.Security.Cryptography.Encoding (>= 4.3) - restriction: || (&& (== net45) (== net462)) (&& (== net45) (>= net46)) (&& (== net45) (>= uap10.0)) (&& (== net462) (< net45)) (&& (== net462) (< netstandard1.4)) (&& (== net462) (>= uap10.0)) (== netstandard1.6)
      System.Security.Cryptography.Primitives (>= 4.3) - restriction: || (&& (== net45) (== net462)) (&& (== net45) (>= net46)) (&& (== net45) (>= uap10.0)) (&& (== net462) (< net45)) (&& (== net462) (< netstandard1.4)) (&& (== net462) (>= uap10.0)) (== netstandard1.6)
      System.Security.Cryptography.X509Certificates (>= 4.3) - restriction: || (&& (== net45) (== net462)) (&& (== net45) (>= net46)) (&& (== net45) (>= uap10.0)) (&& (== net462) (< net45)) (&& (== net462) (< netstandard1.4)) (&& (== net462) (>= uap10.0)) (== netstandard1.6)
      System.Text.Encoding (>= 4.3) - restriction: || (&& (== net45) (< portable-net45+win8+wpa81)) (&& (== net45) (>= uap10.0)) (&& (== net462) (< net45)) (&& (== net462) (< portable-net45+win8+wpa81)) (&& (== net462) (>= uap10.0)) (== netstandard1.6)
      System.Text.Encoding.Extensions (>= 4.3) - restriction: || (&& (== net45) (< portable-net45+win8+wpa81)) (&& (== net45) (>= uap10.0)) (&& (== net462) (< net45)) (&& (== net462) (< portable-net45+win8+wpa81)) (&& (== net462) (>= uap10.0)) (== netstandard1.6)
      System.Text.RegularExpressions (>= 4.3) - restriction: || (&& (== net45) (< portable-net45+win8+wpa81)) (&& (== net45) (>= uap10.0)) (&& (== net462) (< net45)) (&& (== net462) (< portable-net45+win8+wpa81)) (&& (== net462) (>= uap10.0)) (== netstandard1.6)
      System.Threading (>= 4.3) - restriction: || (&& (== net45) (< portable-net45+win8+wpa81)) (&& (== net45) (>= uap10.0)) (&& (== net462) (< net45)) (&& (== net462) (< portable-net45+win8+wpa81)) (&& (== net462) (>= uap10.0)) (== netstandard1.6)
      System.Threading.Tasks (>= 4.3) - restriction: || (&& (== net45) (< portable-net45+win8+wpa81)) (&& (== net45) (>= uap10.0)) (&& (== net462) (< net45)) (&& (== net462) (< portable-net45+win8+wpa81)) (&& (== net462) (>= uap10.0)) (== netstandard1.6)
      System.Threading.Timer (>= 4.3) - restriction: || (&& (== net45) (>= uap10.0)) (&& (== net462) (< net45)) (&& (== net462) (>= uap10.0)) (== netstandard1.6)
      System.Xml.ReaderWriter (>= 4.3) - restriction: || (&& (== net45) (== net462)) (&& (== net45) (>= net46)) (&& (== net45) (< portable-net45+win8+wpa81)) (&& (== net45) (>= uap10.0)) (&& (== net462) (< net45)) (&& (== net462) (< netstandard1.4)) (&& (== net462) (< portable-net45+win8+wpa81)) (&& (== net462) (>= uap10.0)) (== netstandard1.6)
      System.Xml.XDocument (>= 4.3) - restriction: || (&& (== net45) (< portable-net45+win8+wpa81)) (&& (== net45) (>= uap10.0)) (&& (== net462) (< net45)) (&& (== net462) (< portable-net45+win8+wpa81)) (&& (== net462) (>= uap10.0)) (== netstandard1.6)
    Newtonsoft.Json (10.0.3)
      Microsoft.CSharp (>= 4.3) - restriction: || (&& (== net45) (< net20)) (&& (== net462) (< net20)) (== netstandard1.6)
      NETStandard.Library (>= 1.6.1) - restriction: || (&& (== net45) (< net20)) (&& (== net462) (< net20)) (== netstandard1.6)
      System.ComponentModel.TypeConverter (>= 4.3) - restriction: || (&& (== net45) (< net20)) (&& (== net462) (< net20)) (== netstandard1.6)
      System.Runtime.Serialization.Formatters (>= 4.3) - restriction: || (&& (== net45) (< net20) (>= netstandard1.3)) (&& (== net462) (< net20)) (== netstandard1.6)
      System.Runtime.Serialization.Primitives (>= 4.3) - restriction: || (&& (== net45) (< net20)) (&& (== net462) (< net20)) (== netstandard1.6)
      System.Xml.XmlDocument (>= 4.3) - restriction: || (&& (== net45) (< net20) (>= netstandard1.3)) (&& (== net462) (< net20)) (== netstandard1.6)
    runtime.debian.8-x64.runtime.native.System.Security.Cryptography.OpenSsl (4.3.2) - restriction: || (&& (== net45) (>= netstandard1.6) (>= uap10.0)) (&& (== net462) (< net45) (>= netstandard1.6)) (&& (== net462) (>= netstandard1.6) (>= uap10.0)) (== netstandard1.6)
    runtime.fedora.23-x64.runtime.native.System.Security.Cryptography.OpenSsl (4.3.2) - restriction: || (&& (== net45) (>= netstandard1.6) (>= uap10.0)) (&& (== net462) (< net45) (>= netstandard1.6)) (&& (== net462) (>= netstandard1.6) (>= uap10.0)) (== netstandard1.6)
    runtime.fedora.24-x64.runtime.native.System.Security.Cryptography.OpenSsl (4.3.2) - restriction: || (&& (== net45) (>= netstandard1.6) (>= uap10.0)) (&& (== net462) (< net45) (>= netstandard1.6)) (&& (== net462) (>= netstandard1.6) (>= uap10.0)) (== netstandard1.6)
    runtime.native.System (4.3) - restriction: || (&& (== net45) (== net462) (>= netstandard1.6)) (&& (== net45) (>= net46) (>= netstandard1.6)) (&& (== net45) (>= netstandard1.6) (>= uap10.0)) (&& (== net462) (< net45) (>= netstandard1.6)) (&& (== net462) (< net46) (< netstandard1.4) (>= netstandard1.6)) (&& (== net462) (< netstandard1.0) (>= netstandard1.6)) (&& (== net462) (>= netstandard1.6) (>= uap10.0)) (== netstandard1.6)
      Microsoft.NETCore.Platforms (>= 1.1)
      Microsoft.NETCore.Targets (>= 1.1)
    runtime.native.System.IO.Compression (4.3.1) - restriction: || (&& (== net45) (>= net46) (>= netstandard1.6) (< portable-net45+win8+wpa81)) (&& (== net45) (>= netstandard1.6) (>= uap10.0)) (&& (== net462) (< net45) (>= netstandard1.6)) (&& (== net462) (>= netstandard1.6) (< portable-net45+win8+wpa81)) (&& (== net462) (>= netstandard1.6) (>= uap10.0)) (== netstandard1.6)
      Microsoft.NETCore.Platforms (>= 1.1)
      Microsoft.NETCore.Targets (>= 1.1.1)
    runtime.native.System.Net.Http (4.3) - restriction: || (&& (== net45) (== net462) (>= netstandard1.6)) (&& (== net45) (>= net46) (>= netstandard1.6)) (&& (== net45) (>= netstandard1.6) (>= uap10.0)) (&& (== net462) (< net45) (>= netstandard1.6)) (&& (== net462) (< net46) (< netstandard1.4) (>= netstandard1.6)) (&& (== net462) (>= netstandard1.6) (>= uap10.0)) (== netstandard1.6)
      Microsoft.NETCore.Platforms (>= 1.1)
      Microsoft.NETCore.Targets (>= 1.1)
    runtime.native.System.Security.Cryptography.Apple (4.3.1) - restriction: || (&& (== net45) (== net462) (>= netstandard1.6)) (&& (== net45) (>= net46) (>= netstandard1.6)) (&& (== net45) (>= netstandard1.6) (>= uap10.0)) (&& (== net462) (< net45) (>= netstandard1.6)) (&& (== net462) (< net46) (< netstandard1.4) (>= netstandard1.6)) (&& (== net462) (>= netstandard1.6) (>= uap10.0)) (== netstandard1.6)
      runtime.osx.10.10-x64.runtime.native.System.Security.Cryptography.Apple (>= 4.3.1)
    runtime.native.System.Security.Cryptography.OpenSsl (4.3.2) - restriction: || (&& (== net45) (== net462) (>= netstandard1.6)) (&& (== net45) (>= net46) (>= netstandard1.6)) (&& (== net45) (>= netstandard1.6) (>= uap10.0)) (&& (== net462) (< net45) (>= netstandard1.6)) (&& (== net462) (< net46) (< netstandard1.4) (>= netstandard1.6)) (&& (== net462) (>= netstandard1.6) (>= uap10.0)) (== netstandard1.6)
      runtime.debian.8-x64.runtime.native.System.Security.Cryptography.OpenSsl (>= 4.3.2)
      runtime.fedora.23-x64.runtime.native.System.Security.Cryptography.OpenSsl (>= 4.3.2)
      runtime.fedora.24-x64.runtime.native.System.Security.Cryptography.OpenSsl (>= 4.3.2)
      runtime.opensuse.13.2-x64.runtime.native.System.Security.Cryptography.OpenSsl (>= 4.3.2)
      runtime.opensuse.42.1-x64.runtime.native.System.Security.Cryptography.OpenSsl (>= 4.3.2)
      runtime.osx.10.10-x64.runtime.native.System.Security.Cryptography.OpenSsl (>= 4.3.2)
      runtime.rhel.7-x64.runtime.native.System.Security.Cryptography.OpenSsl (>= 4.3.2)
      runtime.ubuntu.14.04-x64.runtime.native.System.Security.Cryptography.OpenSsl (>= 4.3.2)
      runtime.ubuntu.16.04-x64.runtime.native.System.Security.Cryptography.OpenSsl (>= 4.3.2)
      runtime.ubuntu.16.10-x64.runtime.native.System.Security.Cryptography.OpenSsl (>= 4.3.2)
    runtime.opensuse.13.2-x64.runtime.native.System.Security.Cryptography.OpenSsl (4.3.2) - restriction: || (&& (== net45) (>= netstandard1.6) (>= uap10.0)) (&& (== net462) (< net45) (>= netstandard1.6)) (&& (== net462) (>= netstandard1.6) (>= uap10.0)) (== netstandard1.6)
    runtime.opensuse.42.1-x64.runtime.native.System.Security.Cryptography.OpenSsl (4.3.2) - restriction: || (&& (== net45) (>= netstandard1.6) (>= uap10.0)) (&& (== net462) (< net45) (>= netstandard1.6)) (&& (== net462) (>= netstandard1.6) (>= uap10.0)) (== netstandard1.6)
    runtime.osx.10.10-x64.runtime.native.System.Security.Cryptography.Apple (4.3.1) - restriction: || (&& (== net45) (== net462) (>= netstandard1.6)) (&& (== net45) (>= net46) (>= netstandard1.6)) (&& (== net45) (>= netstandard1.6) (>= uap10.0)) (&& (== net462) (< net45) (>= netstandard1.6)) (&& (== net462) (< net46) (< netstandard1.4) (>= netstandard1.6)) (&& (== net462) (>= netstandard1.6) (>= uap10.0)) (== netstandard1.6)
    runtime.osx.10.10-x64.runtime.native.System.Security.Cryptography.OpenSsl (4.3.2) - restriction: || (&& (== net45) (>= netstandard1.6) (>= uap10.0)) (&& (== net462) (< net45) (>= netstandard1.6)) (&& (== net462) (>= netstandard1.6) (>= uap10.0)) (== netstandard1.6)
    runtime.rhel.7-x64.runtime.native.System.Security.Cryptography.OpenSsl (4.3.2) - restriction: || (&& (== net45) (>= netstandard1.6) (>= uap10.0)) (&& (== net462) (< net45) (>= netstandard1.6)) (&& (== net462) (>= netstandard1.6) (>= uap10.0)) (== netstandard1.6)
    runtime.ubuntu.14.04-x64.runtime.native.System.Security.Cryptography.OpenSsl (4.3.2) - restriction: || (&& (== net45) (>= netstandard1.6) (>= uap10.0)) (&& (== net462) (< net45) (>= netstandard1.6)) (&& (== net462) (>= netstandard1.6) (>= uap10.0)) (== netstandard1.6)
    runtime.ubuntu.16.04-x64.runtime.native.System.Security.Cryptography.OpenSsl (4.3.2) - restriction: || (&& (== net45) (>= netstandard1.6) (>= uap10.0)) (&& (== net462) (< net45) (>= netstandard1.6)) (&& (== net462) (>= netstandard1.6) (>= uap10.0)) (== netstandard1.6)
    runtime.ubuntu.16.10-x64.runtime.native.System.Security.Cryptography.OpenSsl (4.3.2) - restriction: || (&& (== net45) (>= netstandard1.6) (>= uap10.0)) (&& (== net462) (< net45) (>= netstandard1.6)) (&& (== net462) (>= netstandard1.6) (>= uap10.0)) (== netstandard1.6)
    System.AppContext (4.3) - restriction: || (&& (== net45) (== net462) (>= netstandard1.6)) (&& (== net45) (>= net46) (>= netstandard1.6)) (&& (== net45) (>= netstandard1.6) (>= uap10.0)) (&& (== net462) (< net45) (>= netstandard1.6)) (&& (== net462) (< netstandard1.4) (>= netstandard1.6)) (&& (== net462) (>= netstandard1.6) (>= uap10.0)) (== netstandard1.6)
      System.Runtime (>= 4.3) - restriction: || (== net45) (&& (== net462) (< net46)) (&& (== net462) (< netstandard1.3)) (== netstandard1.6)
    System.Buffers (4.4) - restriction: || (&& (== net45) (== net462) (>= netstandard1.6)) (&& (== net45) (>= net46) (>= netstandard1.6)) (&& (== net45) (>= netstandard1.6) (>= uap10.0)) (&& (== net462) (< net45) (>= netstandard1.6)) (&& (== net462) (< net46) (< netstandard1.4) (>= netstandard1.6)) (&& (== net462) (>= netstandard1.6) (< portable-net45+win8+wpa81)) (&& (== net462) (>= netstandard1.6) (>= uap10.0)) (== netstandard1.6)
      System.Diagnostics.Debug (>= 4.3)
      System.Diagnostics.Tracing (>= 4.3)
      System.Resources.ResourceManager (>= 4.3)
      System.Runtime (>= 4.3)
      System.Threading (>= 4.3)
    System.Collections (4.3) - restriction: || (&& (== net45) (< net20)) (&& (== net45) (< net35) (>= net461)) (&& (== net45) (< net35) (>= netstandard1.6)) (&& (== net45) (>= netstandard1.6) (< portable-net45+win8+wpa81)) (&& (== net45) (>= netstandard1.6) (>= uap10.0)) (&& (== net462) (< net20)) (&& (== net462) (< net35)) (&& (== net462) (< net45) (>= netstandard1.6)) (&& (== net462) (>= netstandard1.6) (< portable-net45+win8+wpa81)) (&& (== net462) (>= netstandard1.6) (>= uap10.0)) (== netstandard1.6)
      Microsoft.NETCore.Platforms (>= 1.1) - restriction: || (&& (== net45) (< portable-net45+win8+wp8+wpa81)) (&& (== net462) (< net45)) (&& (== net462) (< portable-net45+win8+wp8+wpa81)) (== netstandard1.6)
      Microsoft.NETCore.Targets (>= 1.1) - restriction: || (&& (== net45) (< portable-net45+win8+wp8+wpa81)) (&& (== net462) (< net45)) (&& (== net462) (< portable-net45+win8+wp8+wpa81)) (== netstandard1.6)
      System.Runtime (>= 4.3) - restriction: || (&& (== net45) (< portable-net45+win8+wp8+wpa81)) (&& (== net462) (< net45)) (&& (== net462) (< portable-net45+win8+wp8+wpa81)) (== netstandard1.6)
    System.Collections.Concurrent (4.3) - restriction: || (&& (== net45) (>= netstandard1.6) (>= uap10.0)) (&& (== net462) (< net45) (>= netstandard1.6)) (&& (== net462) (>= netstandard1.6) (>= uap10.0)) (== netstandard1.6)
      System.Collections (>= 4.3) - restriction: || (&& (== net45) (< portable-net45+win8+wpa81)) (&& (== net462) (< net45)) (&& (== net462) (< portable-net45+win8+wpa81)) (== netstandard1.6)
      System.Diagnostics.Debug (>= 4.3) - restriction: || (&& (== net45) (< portable-net45+win8+wpa81)) (&& (== net462) (< net45)) (&& (== net462) (< portable-net45+win8+wpa81)) (== netstandard1.6)
      System.Diagnostics.Tracing (>= 4.3) - restriction: || (&& (== net45) (< portable-net45+win8+wpa81)) (&& (== net462) (< net45)) (&& (== net462) (< portable-net45+win8+wpa81)) (== netstandard1.6)
      System.Globalization (>= 4.3) - restriction: || (&& (== net45) (< portable-net45+win8+wpa81)) (&& (== net462) (< net45)) (&& (== net462) (< portable-net45+win8+wpa81)) (== netstandard1.6)
      System.Reflection (>= 4.3) - restriction: || (&& (== net462) (< net45)) (== netstandard1.6)
      System.Resources.ResourceManager (>= 4.3) - restriction: || (&& (== net45) (< portable-net45+win8+wpa81)) (&& (== net462) (< net45)) (&& (== net462) (< portable-net45+win8+wpa81)) (== netstandard1.6)
      System.Runtime (>= 4.3) - restriction: || (&& (== net45) (< portable-net45+win8+wpa81)) (&& (== net462) (< net45)) (&& (== net462) (< portable-net45+win8+wpa81)) (== netstandard1.6)
      System.Runtime.Extensions (>= 4.3) - restriction: || (&& (== net45) (< portable-net45+win8+wpa81)) (&& (== net462) (< net45)) (&& (== net462) (< portable-net45+win8+wpa81)) (== netstandard1.6)
      System.Threading (>= 4.3) - restriction: || (&& (== net45) (< portable-net45+win8+wpa81)) (&& (== net462) (< net45)) (&& (== net462) (< portable-net45+win8+wpa81)) (== netstandard1.6)
      System.Threading.Tasks (>= 4.3) - restriction: || (&& (== net45) (< portable-net45+win8+wpa81)) (&& (== net462) (< net45)) (&& (== net462) (< portable-net45+win8+wpa81)) (== netstandard1.6)
    System.Collections.Immutable (1.4) - restriction: || (&& (== net45) (>= monotouch)) (&& (== net45) (>= netstandard1.6)) (&& (== net45) (>= netstandard2.0)) (&& (== net45) (>= xamarinios)) (&& (== net45) (>= xamarinmac)) (&& (== net45) (>= xamarintvos)) (&& (== net45) (>= xamarinwatchos)) (&& (== net462) (>= monotouch)) (&& (== net462) (< net46) (>= netstandard1.6)) (&& (== net462) (< net46) (>= netstandard2.0)) (&& (== net462) (< netstandard1.1) (>= netstandard1.6)) (&& (== net462) (< netstandard1.1) (>= netstandard2.0)) (&& (== net462) (< netstandard1.3) (>= netstandard1.6)) (&& (== net462) (< netstandard1.3) (>= netstandard2.0)) (&& (== net462) (>= netstandard1.6) (< portable-net45+win8)) (&& (== net462) (>= netstandard2.0) (< portable-net45+win8)) (&& (== net462) (>= xamarinios)) (&& (== net462) (>= xamarinmac)) (&& (== net462) (>= xamarintvos)) (&& (== net462) (>= xamarinwatchos)) (== netstandard1.6)
      NETStandard.Library (>= 1.6.1)
    System.Collections.NonGeneric (4.3) - restriction: || (&& (== net45) (< net20) (>= net462)) (&& (== net45) (< net20) (>= netstandard1.5)) (&& (== net462) (< net20)) (== netstandard1.6)
      System.Diagnostics.Debug (>= 4.3) - restriction: || (&& (== net45) (== net462)) (&& (== net45) (>= netstandard1.3)) (&& (== net462) (< net46)) (== netstandard1.6)
      System.Globalization (>= 4.3) - restriction: || (&& (== net45) (== net462)) (&& (== net45) (>= netstandard1.3)) (&& (== net462) (< net46)) (== netstandard1.6)
      System.Resources.ResourceManager (>= 4.3) - restriction: || (&& (== net45) (== net462)) (&& (== net45) (>= netstandard1.3)) (&& (== net462) (< net46)) (== netstandard1.6)
      System.Runtime (>= 4.3) - restriction: || (&& (== net45) (== net462)) (&& (== net45) (>= netstandard1.3)) (&& (== net462) (< net46)) (== netstandard1.6)
      System.Runtime.Extensions (>= 4.3) - restriction: || (&& (== net45) (== net462)) (&& (== net45) (>= netstandard1.3)) (&& (== net462) (< net46)) (== netstandard1.6)
      System.Threading (>= 4.3) - restriction: || (&& (== net45) (== net462)) (&& (== net45) (>= netstandard1.3)) (&& (== net462) (< net46)) (== netstandard1.6)
    System.Collections.Specialized (4.3) - restriction: || (&& (== net45) (< net20) (>= netstandard1.5)) (&& (== net462) (< net20)) (== netstandard1.6)
      System.Collections.NonGeneric (>= 4.3) - restriction: || (&& (== net45) (== net462)) (&& (== net45) (>= netstandard1.3)) (&& (== net462) (< net46)) (== netstandard1.6)
      System.Globalization (>= 4.3) - restriction: || (&& (== net45) (== net462)) (&& (== net45) (>= netstandard1.3)) (&& (== net462) (< net46)) (== netstandard1.6)
      System.Globalization.Extensions (>= 4.3) - restriction: || (&& (== net45) (== net462)) (&& (== net45) (>= netstandard1.3)) (&& (== net462) (< net46)) (== netstandard1.6)
      System.Resources.ResourceManager (>= 4.3) - restriction: || (&& (== net45) (== net462)) (&& (== net45) (>= netstandard1.3)) (&& (== net462) (< net46)) (== netstandard1.6)
      System.Runtime (>= 4.3) - restriction: || (&& (== net45) (== net462)) (&& (== net45) (>= netstandard1.3)) (&& (== net462) (< net46)) (== netstandard1.6)
      System.Runtime.Extensions (>= 4.3) - restriction: || (&& (== net45) (== net462)) (&& (== net45) (>= netstandard1.3)) (&& (== net462) (< net46)) (== netstandard1.6)
      System.Threading (>= 4.3) - restriction: || (&& (== net45) (== net462)) (&& (== net45) (>= netstandard1.3)) (&& (== net462) (< net46)) (== netstandard1.6)
    System.ComponentModel (4.3) - restriction: || (&& (== net45) (< net20)) (&& (== net462) (< net20)) (== netstandard1.6)
      System.Runtime (>= 4.3) - restriction: || (&& (== net45) (< portable-net45+win8+wp8+wpa81)) (&& (== net462) (< net45)) (&& (== net462) (< portable-net45+win8+wp8+wpa81)) (== netstandard1.6)
    System.ComponentModel.Primitives (4.3) - restriction: || (&& (== net45) (< net20)) (&& (== net45) (< netstandard1.0) (>= win8)) (&& (== net45) (>= wp8)) (&& (== net45) (>= wpa81)) (&& (== net462) (< net20)) (&& (== net462) (< netstandard1.0) (>= win8)) (&& (== net462) (>= wp8)) (&& (== net462) (>= wpa81)) (== netstandard1.6)
      System.ComponentModel (>= 4.3) - restriction: || (&& (== net462) (< net45)) (== netstandard1.6)
      System.Resources.ResourceManager (>= 4.3) - restriction: || (&& (== net462) (< net45)) (== netstandard1.6)
      System.Runtime (>= 4.3) - restriction: || (&& (== net462) (< net45)) (== netstandard1.6)
    System.ComponentModel.TypeConverter (4.3) - restriction: || (&& (== net45) (< net20)) (&& (== net462) (< net20)) (== netstandard1.6)
      System.Collections (>= 4.3) - restriction: || (&& (== net462) (< net45)) (== netstandard1.6)
      System.Collections.NonGeneric (>= 4.3) - restriction: || (&& (== net45) (>= net462)) (== net462) (== netstandard1.6)
      System.Collections.Specialized (>= 4.3) - restriction: || (&& (== net462) (< net45)) (== netstandard1.6)
      System.ComponentModel (>= 4.3) - restriction: || (&& (== net462) (< net45)) (== netstandard1.6)
      System.ComponentModel.Primitives (>= 4.3)
      System.Globalization (>= 4.3) - restriction: || (&& (== net462) (< net45)) (== netstandard1.6)
      System.Linq (>= 4.3) - restriction: || (&& (== net462) (< net45)) (== netstandard1.6)
      System.Reflection (>= 4.3) - restriction: || (&& (== net462) (< net45)) (== netstandard1.6)
      System.Reflection.Extensions (>= 4.3) - restriction: || (&& (== net462) (< net45)) (== netstandard1.6)
      System.Reflection.Primitives (>= 4.3) - restriction: || (&& (== net462) (< net45)) (== netstandard1.6)
      System.Reflection.TypeExtensions (>= 4.3) - restriction: || (&& (== net462) (< net45)) (== netstandard1.6)
      System.Resources.ResourceManager (>= 4.3) - restriction: || (&& (== net462) (< net45)) (== netstandard1.6)
      System.Runtime (>= 4.3) - restriction: || (&& (== net462) (< net45)) (== netstandard1.6)
      System.Runtime.Extensions (>= 4.3) - restriction: || (&& (== net462) (< net45)) (== netstandard1.6)
      System.Threading (>= 4.3) - restriction: || (&& (== net462) (< net45)) (== netstandard1.6)
    System.Console (4.3) - restriction: || (&& (== net45) (== net462) (>= netstandard1.6)) (&& (== net45) (>= net46) (>= netstandard1.6)) (&& (== net45) (>= netstandard1.6) (>= uap10.0)) (&& (== net462) (< net45) (>= netstandard1.6)) (&& (== net462) (< netstandard1.4) (>= netstandard1.6)) (&& (== net462) (>= netstandard1.6) (>= uap10.0)) (== netstandard1.6)
      Microsoft.NETCore.Platforms (>= 1.1) - restriction: || (&& (== net45) (== net462)) (&& (== net45) (>= netstandard1.3)) (&& (== net462) (< net46)) (== netstandard1.6)
      Microsoft.NETCore.Targets (>= 1.1) - restriction: || (&& (== net45) (== net462)) (&& (== net45) (>= netstandard1.3)) (&& (== net462) (< net46)) (== netstandard1.6)
      System.IO (>= 4.3) - restriction: || (&& (== net45) (== net462)) (&& (== net45) (>= netstandard1.3)) (&& (== net462) (< net46)) (== netstandard1.6)
      System.Runtime (>= 4.3) - restriction: || (&& (== net45) (== net462)) (&& (== net45) (>= netstandard1.3)) (&& (== net462) (< net46)) (== netstandard1.6)
      System.Text.Encoding (>= 4.3) - restriction: || (&& (== net45) (== net462)) (&& (== net45) (>= netstandard1.3)) (&& (== net462) (< net46)) (== netstandard1.6)
    System.Diagnostics.Debug (4.3) - restriction: || (&& (== net45) (< net20) (>= netstandard1.3)) (&& (== net45) (< net20) (< portable-net45+win8+wp8+wpa81)) (&& (== net45) (>= netstandard1.6) (< portable-net45+win8+wpa81)) (&& (== net45) (>= netstandard1.6) (>= uap10.0)) (&& (== net462) (< net20)) (&& (== net462) (< net45) (>= netstandard1.6)) (&& (== net462) (>= netstandard1.6) (< portable-net45+win8+wpa81)) (&& (== net462) (>= netstandard1.6) (>= uap10.0)) (== netstandard1.6)
      Microsoft.NETCore.Platforms (>= 1.1) - restriction: || (&& (== net45) (< portable-net45+win8+wp8+wpa81)) (&& (== net462) (< net45)) (&& (== net462) (< portable-net45+win8+wp8+wpa81)) (== netstandard1.6)
      Microsoft.NETCore.Targets (>= 1.1) - restriction: || (&& (== net45) (< portable-net45+win8+wp8+wpa81)) (&& (== net462) (< net45)) (&& (== net462) (< portable-net45+win8+wp8+wpa81)) (== netstandard1.6)
      System.Runtime (>= 4.3) - restriction: || (&& (== net45) (< portable-net45+win8+wp8+wpa81)) (&& (== net462) (< net45)) (&& (== net462) (< portable-net45+win8+wp8+wpa81)) (== netstandard1.6)
    System.Diagnostics.DiagnosticSource (4.4.1) - restriction: || (&& (== net45) (>= net46) (>= netstandard1.6) (< portable-net45+win8+wpa81)) (&& (== net45) (>= netstandard1.6) (>= uap10.0)) (&& (== net462) (< net45) (>= netstandard1.6)) (&& (== net462) (>= netstandard1.6) (< portable-net45+win8+wpa81)) (&& (== net462) (>= netstandard1.6) (>= uap10.0)) (== netstandard1.6)
      System.Collections (>= 4.3) - restriction: || (&& (== net462) (< net45)) (== netstandard1.6)
      System.Diagnostics.Debug (>= 4.3) - restriction: || (&& (== net462) (< net45)) (== netstandard1.6)
      System.Diagnostics.Tracing (>= 4.3) - restriction: || (&& (== net462) (< net45)) (== netstandard1.6)
      System.Reflection (>= 4.3) - restriction: || (&& (== net462) (< net45)) (== netstandard1.6)
      System.Runtime (>= 4.3) - restriction: || (&& (== net462) (< net45)) (== netstandard1.6)
      System.Runtime.Extensions (>= 4.3) - restriction: || (&& (== net462) (< net45)) (== netstandard1.6)
      System.Threading (>= 4.3) - restriction: || (&& (== net462) (< net45)) (== netstandard1.6)
    System.Diagnostics.FileVersionInfo (4.3) - restriction: || (&& (== net45) (>= netstandard1.6)) (&& (== net45) (>= netstandard2.0)) (&& (== net462) (< net461) (>= netstandard1.6)) (&& (== net462) (< net461) (>= netstandard2.0)) (== netstandard1.6)
      Microsoft.NETCore.Platforms (>= 1.1) - restriction: || (== net45) (&& (== net462) (< net46)) (&& (== net462) (< netstandard1.3)) (== netstandard1.6)
      System.Globalization (>= 4.3) - restriction: || (&& (== net45) (== net462)) (&& (== net45) (>= netstandard1.3)) (&& (== net462) (< net46)) (== netstandard1.6)
      System.IO (>= 4.3) - restriction: || (== net45) (&& (== net462) (< net46)) (&& (== net462) (< netstandard1.3)) (== netstandard1.6)
      System.IO.FileSystem (>= 4.3) - restriction: || (== net45) (&& (== net462) (< net46)) (&& (== net462) (< netstandard1.3)) (== netstandard1.6)
      System.IO.FileSystem.Primitives (>= 4.3) - restriction: || (== net45) (&& (== net462) (< net46)) (&& (== net462) (< netstandard1.3)) (== netstandard1.6)
      System.Reflection.Metadata (>= 1.4.1) - restriction: || (== net45) (&& (== net462) (< net46)) (&& (== net462) (< netstandard1.3)) (== netstandard1.6)
      System.Runtime (>= 4.3) - restriction: || (== net45) (&& (== net462) (< net46)) (&& (== net462) (< netstandard1.3)) (== netstandard1.6)
      System.Runtime.Extensions (>= 4.3) - restriction: || (== net45) (&& (== net462) (< net46)) (&& (== net462) (< netstandard1.3)) (== netstandard1.6)
      System.Runtime.InteropServices (>= 4.3) - restriction: || (&& (== net45) (== net462)) (&& (== net45) (>= netstandard1.3)) (&& (== net462) (< net46)) (== netstandard1.6)
    System.Diagnostics.Tools (4.3) - restriction: || (&& (== net45) (>= netstandard1.6) (< portable-net45+win8+wpa81)) (&& (== net45) (>= netstandard1.6) (>= uap10.0)) (&& (== net462) (< net45) (>= netstandard1.6)) (&& (== net462) (>= netstandard1.6) (< portable-net45+win8+wpa81)) (&& (== net462) (>= netstandard1.6) (>= uap10.0)) (== netstandard1.6)
      Microsoft.NETCore.Platforms (>= 1.1) - restriction: || (&& (== net45) (< portable-net45+win8+wp8+wpa81)) (&& (== net462) (< net45)) (&& (== net462) (< portable-net45+win8+wp8+wpa81)) (== netstandard1.6)
      Microsoft.NETCore.Targets (>= 1.1) - restriction: || (&& (== net45) (< portable-net45+win8+wp8+wpa81)) (&& (== net462) (< net45)) (&& (== net462) (< portable-net45+win8+wp8+wpa81)) (== netstandard1.6)
      System.Runtime (>= 4.3) - restriction: || (&& (== net45) (< portable-net45+win8+wp8+wpa81)) (&& (== net462) (< net45)) (&& (== net462) (< portable-net45+win8+wp8+wpa81)) (== netstandard1.6)
    System.Diagnostics.Tracing (4.3) - restriction: || (&& (== net45) (>= net46) (>= netstandard1.6) (< portable-net45+win8+wpa81)) (&& (== net45) (>= netstandard1.6) (>= uap10.0)) (&& (== net462) (< net45) (>= netstandard1.6)) (&& (== net462) (>= netstandard1.6) (< portable-net45+win8+wpa81)) (&& (== net462) (>= netstandard1.6) (>= uap10.0)) (== netstandard1.6)
      Microsoft.NETCore.Platforms (>= 1.1) - restriction: || (&& (== net45) (< portable-net45+win8+wpa81)) (&& (== net462) (< net45)) (&& (== net462) (< portable-net45+win8+wpa81)) (== netstandard1.6)
      Microsoft.NETCore.Targets (>= 1.1) - restriction: || (&& (== net45) (< portable-net45+win8+wpa81)) (&& (== net462) (< net45)) (&& (== net462) (< portable-net45+win8+wpa81)) (== netstandard1.6)
      System.Runtime (>= 4.3) - restriction: || (&& (== net45) (< portable-net45+win8+wpa81)) (&& (== net462) (< net45)) (&& (== net462) (< portable-net45+win8+wpa81)) (== netstandard1.6)
    System.Dynamic.Runtime (4.3) - restriction: || (&& (== net45) (< net20)) (&& (== net462) (< net20)) (== netstandard1.6)
      System.Collections (>= 4.3) - restriction: || (&& (== net45) (< portable-net45+win8+wp8+wpa81)) (&& (== net462) (< net45)) (&& (== net462) (< portable-net45+win8+wp8+wpa81)) (== netstandard1.6)
      System.Diagnostics.Debug (>= 4.3) - restriction: || (&& (== net45) (< portable-net45+win8+wp8+wpa81)) (&& (== net462) (< net45)) (&& (== net462) (< portable-net45+win8+wp8+wpa81)) (== netstandard1.6)
      System.Linq (>= 4.3) - restriction: || (&& (== net45) (< portable-net45+win8+wp8+wpa81)) (&& (== net462) (< net45)) (&& (== net462) (< portable-net45+win8+wp8+wpa81)) (== netstandard1.6)
      System.Linq.Expressions (>= 4.3) - restriction: || (&& (== net45) (< portable-net45+win8+wp8+wpa81)) (&& (== net462) (< net45)) (&& (== net462) (< portable-net45+win8+wp8+wpa81)) (== netstandard1.6)
      System.ObjectModel (>= 4.3) - restriction: || (&& (== net45) (< portable-net45+win8+wp8+wpa81)) (&& (== net462) (< net45)) (&& (== net462) (< portable-net45+win8+wp8+wpa81)) (== netstandard1.6)
      System.Reflection (>= 4.3) - restriction: || (&& (== net45) (< portable-net45+win8+wp8+wpa81)) (&& (== net462) (< net45)) (&& (== net462) (< portable-net45+win8+wp8+wpa81)) (== netstandard1.6)
      System.Reflection.Emit (>= 4.3) - restriction: || (&& (== net462) (< net45)) (== netstandard1.6)
      System.Reflection.Emit.ILGeneration (>= 4.3) - restriction: || (&& (== net462) (< net45)) (== netstandard1.6)
      System.Reflection.Primitives (>= 4.3) - restriction: || (&& (== net462) (< net45)) (== netstandard1.6)
      System.Reflection.TypeExtensions (>= 4.3) - restriction: || (&& (== net45) (< portable-net45+win8+wp8+wpa81)) (&& (== net462) (< net45)) (&& (== net462) (< portable-net45+win8+wp8+wpa81)) (== netstandard1.6)
      System.Resources.ResourceManager (>= 4.3) - restriction: || (&& (== net45) (< portable-net45+win8+wp8+wpa81)) (&& (== net462) (< net45)) (&& (== net462) (< portable-net45+win8+wp8+wpa81)) (== netstandard1.6)
      System.Runtime (>= 4.3) - restriction: || (&& (== net45) (< portable-net45+win8+wp8+wpa81)) (&& (== net462) (< net45)) (&& (== net462) (< portable-net45+win8+wp8+wpa81)) (== netstandard1.6)
      System.Runtime.Extensions (>= 4.3) - restriction: || (&& (== net45) (< portable-net45+win8+wp8+wpa81)) (&& (== net462) (< net45)) (&& (== net462) (< portable-net45+win8+wp8+wpa81)) (== netstandard1.6)
      System.Threading (>= 4.3) - restriction: || (&& (== net45) (< portable-net45+win8+wp8+wpa81)) (&& (== net462) (< net45)) (&& (== net462) (< portable-net45+win8+wp8+wpa81)) (== netstandard1.6)
    System.Globalization (4.3) - restriction: || (&& (== net45) (< net20)) (&& (== net45) (>= netstandard1.6)) (&& (== net45) (>= netstandard2.0)) (&& (== net462) (< net20)) (&& (== net462) (< net45) (>= netstandard1.6)) (&& (== net462) (< net46) (>= netstandard1.6)) (&& (== net462) (< net46) (>= netstandard2.0)) (&& (== net462) (>= netstandard1.6) (< portable-net45+win8+wpa81)) (&& (== net462) (>= netstandard1.6) (>= uap10.0)) (== netstandard1.6)
      Microsoft.NETCore.Platforms (>= 1.1) - restriction: || (&& (== net45) (< portable-net45+win8+wp8+wpa81)) (&& (== net462) (< net45)) (&& (== net462) (< portable-net45+win8+wp8+wpa81)) (== netstandard1.6)
      Microsoft.NETCore.Targets (>= 1.1) - restriction: || (&& (== net45) (< portable-net45+win8+wp8+wpa81)) (&& (== net462) (< net45)) (&& (== net462) (< portable-net45+win8+wp8+wpa81)) (== netstandard1.6)
      System.Runtime (>= 4.3) - restriction: || (&& (== net45) (< portable-net45+win8+wp8+wpa81)) (&& (== net462) (< net45)) (&& (== net462) (< portable-net45+win8+wp8+wpa81)) (== netstandard1.6)
    System.Globalization.Calendars (4.3) - restriction: || (&& (== net45) (== net462) (>= netstandard1.6)) (&& (== net45) (>= net46) (>= netstandard1.6)) (&& (== net45) (>= netstandard1.6) (>= uap10.0)) (&& (== net462) (< net45) (>= netstandard1.6)) (&& (== net462) (< netstandard1.4) (>= netstandard1.6)) (&& (== net462) (>= netstandard1.6) (>= uap10.0)) (== netstandard1.6)
      Microsoft.NETCore.Platforms (>= 1.1) - restriction: || (&& (== net45) (== net462)) (&& (== net45) (>= netstandard1.3)) (&& (== net462) (< net46)) (== netstandard1.6)
      Microsoft.NETCore.Targets (>= 1.1) - restriction: || (&& (== net45) (== net462)) (&& (== net45) (>= netstandard1.3)) (&& (== net462) (< net46)) (== netstandard1.6)
      System.Globalization (>= 4.3) - restriction: || (&& (== net45) (== net462)) (&& (== net45) (>= netstandard1.3)) (&& (== net462) (< net46)) (== netstandard1.6)
      System.Runtime (>= 4.3) - restriction: || (&& (== net45) (== net462)) (&& (== net45) (>= netstandard1.3)) (&& (== net462) (< net46)) (== netstandard1.6)
    System.Globalization.Extensions (4.3) - restriction: || (&& (== net45) (< net20) (>= netstandard1.5)) (&& (== net45) (>= netstandard1.6) (>= uap10.0)) (&& (== net462) (< net20)) (&& (== net462) (< net45) (>= netstandard1.6)) (&& (== net462) (>= netstandard1.6) (>= uap10.0)) (== netstandard1.6)
      Microsoft.NETCore.Platforms (>= 1.1) - restriction: || (&& (== net45) (== net462)) (&& (== net45) (>= netstandard1.3)) (&& (== net462) (< net46)) (== netstandard1.6)
      System.Globalization (>= 4.3) - restriction: || (&& (== net45) (== net462)) (&& (== net45) (>= netstandard1.3)) (&& (== net462) (< net46)) (== netstandard1.6)
      System.Resources.ResourceManager (>= 4.3) - restriction: || (&& (== net45) (== net462)) (&& (== net45) (>= netstandard1.3)) (&& (== net462) (< net46)) (== netstandard1.6)
      System.Runtime (>= 4.3) - restriction: || (&& (== net45) (== net462)) (&& (== net45) (>= netstandard1.3)) (&& (== net462) (< net46)) (== netstandard1.6)
      System.Runtime.Extensions (>= 4.3) - restriction: || (&& (== net45) (== net462)) (&& (== net45) (>= netstandard1.3)) (&& (== net462) (< net46)) (== netstandard1.6)
      System.Runtime.InteropServices (>= 4.3) - restriction: || (&& (== net45) (== net462)) (&& (== net45) (>= netstandard1.3)) (&& (== net462) (< net46)) (== netstandard1.6)
    System.IO (4.3) - restriction: || (&& (== net45) (< net20) (>= netstandard1.3)) (&& (== net45) (>= netstandard1.6)) (&& (== net45) (>= netstandard2.0)) (&& (== net462) (< net20)) (&& (== net462) (< net45) (>= netstandard1.6)) (&& (== net462) (< net46) (>= netstandard1.6)) (&& (== net462) (< net46) (>= netstandard2.0)) (&& (== net462) (< netstandard1.3) (>= netstandard1.6)) (&& (== net462) (< netstandard1.3) (>= netstandard2.0)) (&& (== net462) (>= netstandard1.6) (< portable-net45+win8+wpa81)) (&& (== net462) (>= netstandard1.6) (>= uap10.0)) (== netstandard1.6)
      Microsoft.NETCore.Platforms (>= 1.1) - restriction: || (&& (== net45) (< portable-net45+win8+wp8+wpa81)) (&& (== net462) (< net45)) (&& (== net462) (< portable-net45+win8+wp8+wpa81)) (== netstandard1.6)
      Microsoft.NETCore.Targets (>= 1.1) - restriction: || (&& (== net45) (< portable-net45+win8+wp8+wpa81)) (&& (== net462) (< net45)) (&& (== net462) (< portable-net45+win8+wp8+wpa81)) (== netstandard1.6)
      System.Runtime (>= 4.3) - restriction: || (&& (== net45) (< portable-net45+win8+wp8+wpa81)) (&& (== net462) (< net45)) (&& (== net462) (< portable-net45+win8+wp8+wpa81)) (== netstandard1.6)
      System.Text.Encoding (>= 4.3) - restriction: || (&& (== net45) (< portable-net45+win8+wp8+wpa81)) (&& (== net462) (< net45)) (&& (== net462) (< portable-net45+win8+wp8+wpa81)) (== netstandard1.6)
      System.Threading.Tasks (>= 4.3) - restriction: || (&& (== net45) (< portable-net45+win8+wp8+wpa81)) (&& (== net462) (< net45)) (&& (== net462) (< portable-net45+win8+wp8+wpa81)) (== netstandard1.6)
    System.IO.Compression (4.3) - restriction: || (&& (== net45) (== net462) (>= netstandard1.6)) (&& (== net45) (>= net46) (>= netstandard1.6)) (&& (== net45) (>= netstandard1.6) (>= uap10.0)) (&& (== net462) (< net45) (>= netstandard1.6)) (&& (== net462) (< netstandard1.4) (>= netstandard1.6)) (&& (== net462) (>= netstandard1.6) (>= uap10.0)) (== netstandard1.6)
      Microsoft.NETCore.Platforms (>= 1.1) - restriction: || (&& (== net462) (< net45)) (== netstandard1.6)
      runtime.native.System (>= 4.3) - restriction: || (&& (== net462) (< net45)) (== netstandard1.6)
      runtime.native.System.IO.Compression (>= 4.3) - restriction: || (&& (== net45) (< portable-net45+win8+wpa81)) (&& (== net462) (< net45)) (&& (== net462) (< portable-net45+win8+wpa81)) (== netstandard1.6)
      System.Buffers (>= 4.3) - restriction: || (&& (== net45) (< portable-net45+win8+wpa81)) (&& (== net462) (< net45)) (&& (== net462) (< portable-net45+win8+wpa81)) (== netstandard1.6)
      System.Collections (>= 4.3) - restriction: || (&& (== net45) (< portable-net45+win8+wpa81)) (&& (== net462) (< net45)) (&& (== net462) (< portable-net45+win8+wpa81)) (== netstandard1.6)
      System.Diagnostics.Debug (>= 4.3) - restriction: || (&& (== net45) (< portable-net45+win8+wpa81)) (&& (== net462) (< net45)) (&& (== net462) (< portable-net45+win8+wpa81)) (== netstandard1.6)
      System.IO (>= 4.3) - restriction: || (&& (== net45) (< portable-net45+win8+wpa81)) (&& (== net462) (< net45)) (&& (== net462) (< portable-net45+win8+wpa81)) (== netstandard1.6)
      System.Resources.ResourceManager (>= 4.3) - restriction: || (&& (== net45) (< portable-net45+win8+wpa81)) (&& (== net462) (< net45)) (&& (== net462) (< portable-net45+win8+wpa81)) (== netstandard1.6)
      System.Runtime (>= 4.3) - restriction: || (&& (== net45) (< portable-net45+win8+wpa81)) (&& (== net462) (< net45)) (&& (== net462) (< portable-net45+win8+wpa81)) (== netstandard1.6)
      System.Runtime.Extensions (>= 4.3) - restriction: || (&& (== net45) (< portable-net45+win8+wpa81)) (&& (== net462) (< net45)) (&& (== net462) (< portable-net45+win8+wpa81)) (== netstandard1.6)
      System.Runtime.Handles (>= 4.3) - restriction: || (&& (== net45) (< portable-net45+win8+wpa81)) (&& (== net462) (< net45)) (&& (== net462) (< portable-net45+win8+wpa81)) (== netstandard1.6)
      System.Runtime.InteropServices (>= 4.3) - restriction: || (&& (== net45) (< portable-net45+win8+wpa81)) (&& (== net462) (< net45)) (&& (== net462) (< portable-net45+win8+wpa81)) (== netstandard1.6)
      System.Text.Encoding (>= 4.3) - restriction: || (&& (== net45) (< portable-net45+win8+wpa81)) (&& (== net462) (< net45)) (&& (== net462) (< portable-net45+win8+wpa81)) (== netstandard1.6)
      System.Threading (>= 4.3) - restriction: || (&& (== net45) (< portable-net45+win8+wpa81)) (&& (== net462) (< net45)) (&& (== net462) (< portable-net45+win8+wpa81)) (== netstandard1.6)
      System.Threading.Tasks (>= 4.3) - restriction: || (&& (== net45) (< portable-net45+win8+wpa81)) (&& (== net462) (< net45)) (&& (== net462) (< portable-net45+win8+wpa81)) (== netstandard1.6)
    System.IO.Compression.ZipFile (4.3) - restriction: || (&& (== net45) (== net462) (>= netstandard1.6)) (&& (== net45) (>= net46) (>= netstandard1.6)) (&& (== net45) (>= netstandard1.6) (>= uap10.0)) (&& (== net462) (< net45) (>= netstandard1.6)) (&& (== net462) (< netstandard1.4) (>= netstandard1.6)) (&& (== net462) (>= netstandard1.6) (>= uap10.0)) (== netstandard1.6)
      System.Buffers (>= 4.3) - restriction: || (&& (== net45) (== net462)) (&& (== net45) (>= netstandard1.3)) (&& (== net462) (< net46)) (== netstandard1.6)
      System.IO (>= 4.3) - restriction: || (&& (== net45) (== net462)) (&& (== net45) (>= netstandard1.3)) (&& (== net462) (< net46)) (== netstandard1.6)
      System.IO.Compression (>= 4.3) - restriction: || (&& (== net45) (== net462)) (&& (== net45) (>= netstandard1.3)) (&& (== net462) (< net46)) (== netstandard1.6)
      System.IO.FileSystem (>= 4.3) - restriction: || (&& (== net45) (== net462)) (&& (== net45) (>= netstandard1.3)) (&& (== net462) (< net46)) (== netstandard1.6)
      System.IO.FileSystem.Primitives (>= 4.3) - restriction: || (&& (== net45) (== net462)) (&& (== net45) (>= netstandard1.3)) (&& (== net462) (< net46)) (== netstandard1.6)
      System.Resources.ResourceManager (>= 4.3) - restriction: || (&& (== net45) (== net462)) (&& (== net45) (>= netstandard1.3)) (&& (== net462) (< net46)) (== netstandard1.6)
      System.Runtime (>= 4.3) - restriction: || (&& (== net45) (== net462)) (&& (== net45) (>= netstandard1.3)) (&& (== net462) (< net46)) (== netstandard1.6)
      System.Runtime.Extensions (>= 4.3) - restriction: || (&& (== net45) (== net462)) (&& (== net45) (>= netstandard1.3)) (&& (== net462) (< net46)) (== netstandard1.6)
      System.Text.Encoding (>= 4.3) - restriction: || (&& (== net45) (== net462)) (&& (== net45) (>= netstandard1.3)) (&& (== net462) (< net46)) (== netstandard1.6)
    System.IO.FileSystem (4.3) - restriction: || (&& (== net45) (< net35) (>= net461)) (&& (== net45) (>= netstandard1.6)) (&& (== net45) (>= netstandard2.0)) (&& (== net462) (< net35)) (&& (== net462) (< net45) (>= netstandard1.6)) (&& (== net462) (< net46) (>= netstandard1.6)) (&& (== net462) (< net46) (>= netstandard2.0)) (&& (== net462) (< netstandard1.3) (>= netstandard1.6)) (&& (== net462) (< netstandard1.3) (>= netstandard2.0)) (&& (== net462) (< netstandard1.4) (>= netstandard1.6)) (&& (== net462) (>= netstandard1.6) (>= uap10.0)) (== netstandard1.6)
      Microsoft.NETCore.Platforms (>= 1.1) - restriction: || (&& (== net45) (== net462)) (&& (== net45) (>= netstandard1.3)) (&& (== net462) (< net46)) (== netstandard1.6)
      Microsoft.NETCore.Targets (>= 1.1) - restriction: || (&& (== net45) (== net462)) (&& (== net45) (>= netstandard1.3)) (&& (== net462) (< net46)) (== netstandard1.6)
      System.IO (>= 4.3) - restriction: || (&& (== net45) (== net462)) (&& (== net45) (>= netstandard1.3)) (&& (== net462) (< net46)) (== netstandard1.6)
      System.IO.FileSystem.Primitives (>= 4.3) - restriction: || (&& (== net45) (>= net46)) (&& (== net45) (>= netstandard1.3)) (== net462) (== netstandard1.6)
      System.Runtime (>= 4.3) - restriction: || (&& (== net45) (== net462)) (&& (== net45) (>= netstandard1.3)) (&& (== net462) (< net46)) (== netstandard1.6)
      System.Runtime.Handles (>= 4.3) - restriction: || (&& (== net45) (== net462)) (&& (== net45) (>= netstandard1.3)) (&& (== net462) (< net46)) (== netstandard1.6)
      System.Text.Encoding (>= 4.3) - restriction: || (&& (== net45) (== net462)) (&& (== net45) (>= netstandard1.3)) (&& (== net462) (< net46)) (== netstandard1.6)
      System.Threading.Tasks (>= 4.3) - restriction: || (&& (== net45) (== net462)) (&& (== net45) (>= netstandard1.3)) (&& (== net462) (< net46)) (== netstandard1.6)
    System.IO.FileSystem.Primitives (4.3) - restriction: || (&& (== net45) (< net35) (>= net461)) (&& (== net45) (>= netstandard1.6)) (&& (== net45) (>= netstandard2.0)) (&& (== net462) (< net35)) (&& (== net462) (< net45) (>= netstandard1.6)) (&& (== net462) (< net46) (>= netstandard1.6)) (&& (== net462) (< net46) (>= netstandard2.0)) (&& (== net462) (< netstandard1.3) (>= netstandard1.6)) (&& (== net462) (< netstandard1.3) (>= netstandard2.0)) (&& (== net462) (< netstandard1.4) (>= netstandard1.6)) (&& (== net462) (>= netstandard1.6) (>= uap10.0)) (== netstandard1.6)
      System.Runtime (>= 4.3) - restriction: || (&& (== net45) (== net462)) (&& (== net45) (>= netstandard1.3)) (&& (== net462) (< net46)) (== netstandard1.6)
    System.Linq (4.3) - restriction: || (&& (== net45) (< net20) (>= netstandard1.3)) (&& (== net45) (< net20) (>= netstandard1.5)) (&& (== net45) (< net20) (< portable-net45+win8+wp8+wpa81)) (&& (== net45) (>= netstandard1.6) (< portable-net45+win8+wpa81)) (&& (== net45) (>= netstandard1.6) (>= uap10.0)) (&& (== net462) (< net20)) (&& (== net462) (< net45) (>= netstandard1.6)) (&& (== net462) (>= netstandard1.6) (< portable-net45+win8+wpa81)) (&& (== net462) (>= netstandard1.6) (>= uap10.0)) (== netstandard1.6)
      System.Collections (>= 4.3) - restriction: || (&& (== net45) (< portable-net45+win8+wp8+wpa81)) (&& (== net462) (< net45)) (&& (== net462) (< portable-net45+win8+wp8+wpa81)) (== netstandard1.6)
      System.Diagnostics.Debug (>= 4.3) - restriction: || (&& (== net45) (< portable-net45+win8+wp8+wpa81)) (&& (== net462) (< net45) (>= netstandard1.6)) (&& (== net462) (< portable-net45+win8+wp8+wpa81)) (== netstandard1.6)
      System.Resources.ResourceManager (>= 4.3) - restriction: || (&& (== net45) (< portable-net45+win8+wp8+wpa81)) (&& (== net462) (< net45) (>= netstandard1.6)) (&& (== net462) (< portable-net45+win8+wp8+wpa81)) (== netstandard1.6)
      System.Runtime (>= 4.3) - restriction: || (&& (== net45) (< portable-net45+win8+wp8+wpa81)) (&& (== net462) (< net45)) (&& (== net462) (< portable-net45+win8+wp8+wpa81)) (== netstandard1.6)
      System.Runtime.Extensions (>= 4.3) - restriction: || (&& (== net45) (< portable-net45+win8+wp8+wpa81)) (&& (== net462) (< net45) (>= netstandard1.6)) (&& (== net462) (< portable-net45+win8+wp8+wpa81)) (== netstandard1.6)
    System.Linq.Expressions (4.3) - restriction: || (&& (== net45) (< net20)) (&& (== net45) (>= netstandard1.6) (< portable-net45+win8+wpa81)) (&& (== net45) (>= netstandard1.6) (>= uap10.0)) (&& (== net462) (< net20)) (&& (== net462) (< net45) (>= netstandard1.6)) (&& (== net462) (>= netstandard1.6) (< portable-net45+win8+wpa81)) (&& (== net462) (>= netstandard1.6) (>= uap10.0)) (== netstandard1.6)
      System.Collections (>= 4.3) - restriction: || (&& (== net45) (< portable-net45+win8+wp8+wpa81)) (&& (== net462) (< net45) (>= netstandard1.6)) (&& (== net462) (< portable-net45+win8+wp8+wpa81)) (== netstandard1.6)
      System.Diagnostics.Debug (>= 4.3) - restriction: || (&& (== net45) (< portable-net45+win8+wp8+wpa81)) (&& (== net462) (< net45) (>= netstandard1.6)) (&& (== net462) (< portable-net45+win8+wp8+wpa81)) (== netstandard1.6)
      System.Globalization (>= 4.3) - restriction: || (&& (== net45) (< portable-net45+win8+wp8+wpa81)) (&& (== net462) (< net45) (>= netstandard1.6)) (&& (== net462) (< portable-net45+win8+wp8+wpa81)) (== netstandard1.6)
      System.IO (>= 4.3) - restriction: || (&& (== net45) (< portable-net45+win8+wp8+wpa81)) (&& (== net462) (< net45) (>= netstandard1.6)) (&& (== net462) (< portable-net45+win8+wp8+wpa81)) (== netstandard1.6)
      System.Linq (>= 4.3) - restriction: || (&& (== net45) (< portable-net45+win8+wp8+wpa81)) (&& (== net462) (< net45) (>= netstandard1.6)) (&& (== net462) (< portable-net45+win8+wp8+wpa81)) (== netstandard1.6)
      System.ObjectModel (>= 4.3) - restriction: || (&& (== net462) (< net45) (>= netstandard1.6)) (== netstandard1.6)
      System.Reflection (>= 4.3) - restriction: || (&& (== net45) (< portable-net45+win8+wp8+wpa81)) (&& (== net462) (< net45)) (&& (== net462) (< portable-net45+win8+wp8+wpa81)) (== netstandard1.6)
      System.Reflection.Emit (>= 4.3) - restriction: || (&& (== net462) (< net45) (>= netstandard1.6)) (== netstandard1.6)
      System.Reflection.Emit.ILGeneration (>= 4.3) - restriction: || (&& (== net45) (< portable-net45+win8+wp8+wpa81)) (&& (== net462) (< net45) (>= netstandard1.6)) (&& (== net462) (< portable-net45+win8+wp8+wpa81)) (== netstandard1.6)
      System.Reflection.Emit.Lightweight (>= 4.3) - restriction: || (&& (== net45) (< portable-net45+win8+wp8+wpa81)) (&& (== net462) (< net45) (>= netstandard1.6)) (&& (== net462) (< portable-net45+win8+wp8+wpa81)) (== netstandard1.6)
      System.Reflection.Extensions (>= 4.3) - restriction: || (&& (== net45) (< portable-net45+win8+wp8+wpa81)) (&& (== net462) (< net45) (>= netstandard1.6)) (&& (== net462) (< portable-net45+win8+wp8+wpa81)) (== netstandard1.6)
      System.Reflection.Primitives (>= 4.3) - restriction: || (&& (== net45) (< portable-net45+win8+wp8+wpa81)) (&& (== net462) (< net45) (>= netstandard1.6)) (&& (== net462) (< portable-net45+win8+wp8+wpa81)) (== netstandard1.6)
      System.Reflection.TypeExtensions (>= 4.3) - restriction: || (&& (== net45) (< portable-net45+win8+wp8+wpa81)) (&& (== net462) (< net45) (>= netstandard1.6)) (&& (== net462) (< portable-net45+win8+wp8+wpa81)) (== netstandard1.6)
      System.Resources.ResourceManager (>= 4.3) - restriction: || (&& (== net45) (< portable-net45+win8+wp8+wpa81)) (&& (== net462) (< net45) (>= netstandard1.6)) (&& (== net462) (< portable-net45+win8+wp8+wpa81)) (== netstandard1.6)
      System.Runtime (>= 4.3) - restriction: || (&& (== net45) (< portable-net45+win8+wp8+wpa81)) (&& (== net462) (< net45)) (&& (== net462) (< portable-net45+win8+wp8+wpa81)) (== netstandard1.6)
      System.Runtime.Extensions (>= 4.3) - restriction: || (&& (== net45) (< portable-net45+win8+wp8+wpa81)) (&& (== net462) (< net45) (>= netstandard1.6)) (&& (== net462) (< portable-net45+win8+wp8+wpa81)) (== netstandard1.6)
      System.Threading (>= 4.3) - restriction: || (&& (== net45) (< portable-net45+win8+wp8+wpa81)) (&& (== net462) (< net45) (>= netstandard1.6)) (&& (== net462) (< portable-net45+win8+wp8+wpa81)) (== netstandard1.6)
    System.Linq.Queryable (4.3) - restriction: || (&& (== net462) (< net45) (>= netstandard1.6)) (== netstandard1.6)
      System.Collections (>= 4.3) - restriction: || (&& (== net45) (< portable-net45+win8+wp8+wpa81)) (&& (== net462) (< net45)) (&& (== net462) (< portable-net45+win8+wp8+wpa81)) (== netstandard1.6)
      System.Diagnostics.Debug (>= 4.3) - restriction: || (&& (== net45) (< portable-net45+win8+wp8+wpa81)) (&& (== net462) (< net45)) (&& (== net462) (< portable-net45+win8+wp8+wpa81)) (== netstandard1.6)
      System.Linq (>= 4.3) - restriction: || (&& (== net45) (< portable-net45+win8+wp8+wpa81)) (&& (== net462) (< net45)) (&& (== net462) (< portable-net45+win8+wp8+wpa81)) (== netstandard1.6)
      System.Linq.Expressions (>= 4.3) - restriction: || (&& (== net45) (< portable-net45+win8+wp8+wpa81)) (&& (== net462) (< net45)) (&& (== net462) (< portable-net45+win8+wp8+wpa81)) (== netstandard1.6)
      System.Reflection (>= 4.3) - restriction: || (&& (== net45) (< portable-net45+win8+wp8+wpa81)) (&& (== net462) (< net45)) (&& (== net462) (< portable-net45+win8+wp8+wpa81)) (== netstandard1.6)
      System.Reflection.Extensions (>= 4.3) - restriction: || (&& (== net45) (< portable-net45+win8+wp8+wpa81)) (&& (== net462) (< net45)) (&& (== net462) (< portable-net45+win8+wp8+wpa81)) (== netstandard1.6)
      System.Resources.ResourceManager (>= 4.3) - restriction: || (&& (== net45) (< portable-net45+win8+wp8+wpa81)) (&& (== net462) (< net45)) (&& (== net462) (< portable-net45+win8+wp8+wpa81)) (== netstandard1.6)
      System.Runtime (>= 4.3) - restriction: || (&& (== net45) (< portable-net45+win8+wp8+wpa81)) (&& (== net462) (< net45)) (&& (== net462) (< portable-net45+win8+wp8+wpa81)) (== netstandard1.6)
    System.Net.Http (4.3.3) - restriction: || (&& (== net45) (== net462) (>= netstandard1.6)) (&& (== net45) (>= net46) (>= netstandard1.6)) (&& (== net45) (>= netstandard1.6) (>= uap10.0)) (&& (== net462) (< net45) (>= netstandard1.6)) (&& (== net462) (< netstandard1.4) (>= netstandard1.6)) (&& (== net462) (>= netstandard1.6) (>= uap10.0)) (== netstandard1.6)
      Microsoft.NETCore.Platforms (>= 1.1) - restriction: || (&& (== net45) (< portable-net45+win8+wpa81)) (&& (== net462) (< net45)) (&& (== net462) (< portable-net45+win8+wpa81)) (== netstandard1.6)
      runtime.native.System (>= 4.3) - restriction: || (&& (== net462) (< net45) (>= netstandard1.6)) (== netstandard1.6)
      runtime.native.System.Net.Http (>= 4.3) - restriction: || (&& (== net462) (< net45) (>= netstandard1.6)) (== netstandard1.6)
      runtime.native.System.Security.Cryptography.OpenSsl (>= 4.3.2) - restriction: || (&& (== net462) (< net45) (>= netstandard1.6)) (== netstandard1.6)
      System.Collections (>= 4.3) - restriction: || (&& (== net45) (< portable-net45+win8+wpa81)) (&& (== net462) (< net45)) (&& (== net462) (< portable-net45+win8+wpa81)) (== netstandard1.6)
      System.Diagnostics.Debug (>= 4.3) - restriction: || (&& (== net45) (< portable-net45+win8+wpa81)) (&& (== net462) (< net45)) (&& (== net462) (< portable-net45+win8+wpa81)) (== netstandard1.6)
      System.Diagnostics.DiagnosticSource (>= 4.3) - restriction: || (&& (== net45) (< portable-net45+win8+wpa81)) (&& (== net462) (< net45)) (&& (== net462) (< portable-net45+win8+wpa81)) (== netstandard1.6)
      System.Diagnostics.Tracing (>= 4.3) - restriction: || (&& (== net45) (< portable-net45+win8+wpa81)) (&& (== net462) (< net45)) (&& (== net462) (< portable-net45+win8+wpa81)) (== netstandard1.6)
      System.Globalization (>= 4.3) - restriction: || (&& (== net45) (< portable-net45+win8+wpa81)) (&& (== net462) (< net45)) (&& (== net462) (< portable-net45+win8+wpa81)) (== netstandard1.6)
      System.Globalization.Extensions (>= 4.3) - restriction: || (&& (== net462) (< net45) (>= netstandard1.6)) (== netstandard1.6)
      System.IO (>= 4.3) - restriction: || (&& (== net45) (< portable-net45+win8+wpa81)) (&& (== net462) (< net45)) (&& (== net462) (< portable-net45+win8+wpa81)) (== netstandard1.6)
      System.IO.FileSystem (>= 4.3) - restriction: || (&& (== net462) (< net45) (>= netstandard1.6)) (== netstandard1.6)
      System.Net.Primitives (>= 4.3) - restriction: || (&& (== net45) (< portable-net45+win8+wpa81)) (&& (== net462) (< net45)) (&& (== net462) (< portable-net45+win8+wpa81)) (== netstandard1.6)
      System.Resources.ResourceManager (>= 4.3) - restriction: || (&& (== net45) (< portable-net45+win8+wpa81)) (&& (== net462) (< net45)) (&& (== net462) (< portable-net45+win8+wpa81)) (== netstandard1.6)
      System.Runtime (>= 4.3) - restriction: || (&& (== net45) (< portable-net45+win8+wpa81)) (&& (== net462) (< net45)) (&& (== net462) (< portable-net45+win8+wpa81)) (== netstandard1.6)
      System.Runtime.Extensions (>= 4.3) - restriction: || (&& (== net45) (< portable-net45+win8+wpa81)) (&& (== net462) (< net45)) (&& (== net462) (< portable-net45+win8+wpa81)) (== netstandard1.6)
      System.Runtime.Handles (>= 4.3) - restriction: || (&& (== net462) (< net45)) (== netstandard1.6)
      System.Runtime.InteropServices (>= 4.3) - restriction: || (&& (== net45) (< portable-net45+win8+wpa81)) (&& (== net462) (< net45)) (&& (== net462) (< portable-net45+win8+wpa81)) (== netstandard1.6)
      System.Security.Cryptography.Algorithms (>= 4.3) - restriction: || (&& (== net462) (< net45) (>= netstandard1.6)) (== netstandard1.6)
      System.Security.Cryptography.Encoding (>= 4.3) - restriction: || (&& (== net462) (< net45)) (== netstandard1.6)
      System.Security.Cryptography.OpenSsl (>= 4.3) - restriction: || (&& (== net462) (< net45) (>= netstandard1.6)) (== netstandard1.6)
      System.Security.Cryptography.Primitives (>= 4.3) - restriction: || (&& (== net462) (< net45) (>= netstandard1.6)) (== netstandard1.6)
      System.Security.Cryptography.X509Certificates (>= 4.3) - restriction: || (&& (== net45) (>= net46)) (&& (== net45) (< portable-net45+win8+wpa81)) (== net462) (== netstandard1.6)
      System.Text.Encoding (>= 4.3) - restriction: || (&& (== net45) (< portable-net45+win8+wpa81)) (&& (== net462) (< net45)) (&& (== net462) (< portable-net45+win8+wpa81)) (== netstandard1.6)
      System.Threading (>= 4.3) - restriction: || (&& (== net45) (< portable-net45+win8+wpa81)) (&& (== net462) (< net45)) (&& (== net462) (< portable-net45+win8+wpa81)) (== netstandard1.6)
      System.Threading.Tasks (>= 4.3) - restriction: || (&& (== net45) (< portable-net45+win8+wpa81)) (&& (== net462) (< net45)) (&& (== net462) (< portable-net45+win8+wpa81)) (== netstandard1.6)
    System.Net.Primitives (4.3) - restriction: || (&& (== net45) (>= netstandard1.6) (< portable-net45+win8+wpa81)) (&& (== net45) (>= netstandard1.6) (>= uap10.0)) (&& (== net462) (< net45) (>= netstandard1.6)) (&& (== net462) (>= netstandard1.6) (< portable-net45+win8+wpa81)) (&& (== net462) (>= netstandard1.6) (>= uap10.0)) (== netstandard1.6)
      Microsoft.NETCore.Platforms (>= 1.1) - restriction: || (&& (== net45) (< netstandard1.1)) (&& (== net45) (< portable-net45+win8+wp8+wpa81)) (&& (== net462) (< net45)) (&& (== net462) (< netstandard1.1)) (&& (== net462) (< portable-net45+win8+wp8+wpa81)) (== netstandard1.6)
      Microsoft.NETCore.Targets (>= 1.1) - restriction: || (&& (== net45) (< netstandard1.1)) (&& (== net45) (< portable-net45+win8+wp8+wpa81)) (&& (== net462) (< net45)) (&& (== net462) (< netstandard1.1)) (&& (== net462) (< portable-net45+win8+wp8+wpa81)) (== netstandard1.6)
      System.Runtime (>= 4.3) - restriction: || (&& (== net45) (< netstandard1.1)) (&& (== net45) (< portable-net45+win8+wp8+wpa81)) (&& (== net462) (< net45)) (&& (== net462) (< netstandard1.1)) (&& (== net462) (< portable-net45+win8+wp8+wpa81)) (== netstandard1.6)
      System.Runtime.Handles (>= 4.3) - restriction: || (&& (== net45) (< portable-net45+win8+wp8+wpa81)) (&& (== net462) (< net45)) (&& (== net462) (< portable-net45+win8+wp8+wpa81)) (== netstandard1.6)
    System.Net.Requests (4.3) - restriction: || (&& (== net462) (< net45) (>= netstandard1.6)) (== netstandard1.6)
      Microsoft.NETCore.Platforms (>= 1.1) - restriction: || (&& (== net462) (< net45)) (== netstandard1.6)
      System.Collections (>= 4.3) - restriction: || (&& (== net45) (< portable-net45+win8+wp8+wpa81)) (&& (== net462) (< net45)) (&& (== net462) (< portable-net45+win8+wp8+wpa81)) (== netstandard1.6)
      System.Diagnostics.Debug (>= 4.3) - restriction: || (&& (== net45) (< portable-net45+win8+wp8+wpa81)) (&& (== net462) (< net45)) (&& (== net462) (< portable-net45+win8+wp8+wpa81)) (== netstandard1.6)
      System.Diagnostics.Tracing (>= 4.3) - restriction: || (&& (== net45) (< portable-net45+win8+wp8+wpa81)) (&& (== net462) (< net45)) (&& (== net462) (< portable-net45+win8+wp8+wpa81)) (== netstandard1.6)
      System.Globalization (>= 4.3) - restriction: || (&& (== net45) (< portable-net45+win8+wp8+wpa81)) (&& (== net462) (< net45)) (&& (== net462) (< portable-net45+win8+wp8+wpa81)) (== netstandard1.6)
      System.IO (>= 4.3) - restriction: || (&& (== net45) (< netstandard1.1)) (&& (== net45) (< portable-net45+win8+wp8+wpa81)) (&& (== net462) (< net45)) (&& (== net462) (< netstandard1.1)) (&& (== net462) (< portable-net45+win8+wp8+wpa81)) (== netstandard1.6)
      System.Net.Http (>= 4.3) - restriction: || (&& (== net45) (< portable-net45+win8+wp8+wpa81)) (&& (== net462) (< net45)) (&& (== net462) (< portable-net45+win8+wp8+wpa81)) (== netstandard1.6)
      System.Net.Primitives (>= 4.3) - restriction: || (&& (== net45) (< netstandard1.1)) (&& (== net45) (< portable-net45+win8+wp8+wpa81)) (&& (== net462) (< net45)) (&& (== net462) (< netstandard1.1)) (&& (== net462) (< portable-net45+win8+wp8+wpa81)) (== netstandard1.6)
      System.Net.WebHeaderCollection (>= 4.3) - restriction: || (&& (== net45) (< portable-net45+win8+wp8+wpa81)) (&& (== net462) (< net45)) (&& (== net462) (< portable-net45+win8+wp8+wpa81)) (== netstandard1.6)
      System.Resources.ResourceManager (>= 4.3) - restriction: || (&& (== net45) (< portable-net45+win8+wp8+wpa81)) (&& (== net462) (< net45)) (&& (== net462) (< portable-net45+win8+wp8+wpa81)) (== netstandard1.6)
      System.Runtime (>= 4.3) - restriction: || (&& (== net45) (< netstandard1.1)) (&& (== net45) (< portable-net45+win8+wp8+wpa81)) (&& (== net462) (< net45)) (&& (== net462) (< netstandard1.1)) (&& (== net462) (< portable-net45+win8+wp8+wpa81)) (== netstandard1.6)
      System.Threading (>= 4.3) - restriction: || (&& (== net45) (< portable-net45+win8+wp8+wpa81)) (&& (== net462) (< net45)) (&& (== net462) (< portable-net45+win8+wp8+wpa81)) (== netstandard1.6)
      System.Threading.Tasks (>= 4.3) - restriction: || (&& (== net45) (< portable-net45+win8+wp8+wpa81)) (&& (== net462) (< net45)) (&& (== net462) (< portable-net45+win8+wp8+wpa81)) (== netstandard1.6)
    System.Net.Sockets (4.3) - restriction: || (&& (== net45) (== net462) (>= netstandard1.6)) (&& (== net45) (>= net46) (>= netstandard1.6)) (&& (== net45) (>= netstandard1.6) (>= uap10.0)) (&& (== net462) (< net45) (>= netstandard1.6)) (&& (== net462) (< netstandard1.4) (>= netstandard1.6)) (&& (== net462) (>= netstandard1.6) (>= uap10.0)) (== netstandard1.6)
      Microsoft.NETCore.Platforms (>= 1.1) - restriction: || (&& (== net45) (== net462)) (&& (== net45) (>= netstandard1.3)) (&& (== net462) (< net46)) (== netstandard1.6)
      Microsoft.NETCore.Targets (>= 1.1) - restriction: || (&& (== net45) (== net462)) (&& (== net45) (>= netstandard1.3)) (&& (== net462) (< net46)) (== netstandard1.6)
      System.IO (>= 4.3) - restriction: || (&& (== net45) (== net462)) (&& (== net45) (>= netstandard1.3)) (&& (== net462) (< net46)) (== netstandard1.6)
      System.Net.Primitives (>= 4.3) - restriction: || (&& (== net45) (== net462)) (&& (== net45) (>= netstandard1.3)) (&& (== net462) (< net46)) (== netstandard1.6)
      System.Runtime (>= 4.3) - restriction: || (&& (== net45) (== net462)) (&& (== net45) (>= netstandard1.3)) (&& (== net462) (< net46)) (== netstandard1.6)
      System.Threading.Tasks (>= 4.3) - restriction: || (&& (== net45) (== net462)) (&& (== net45) (>= netstandard1.3)) (&& (== net462) (< net46)) (== netstandard1.6)
    System.Net.WebHeaderCollection (4.3) - restriction: || (&& (== net462) (< net45) (>= netstandard1.6)) (&& (== net462) (>= netstandard1.6) (< portable-net45+win8+wp8+wpa81)) (== netstandard1.6)
      System.Collections (>= 4.3) - restriction: || (&& (== net45) (== net462)) (&& (== net45) (>= netstandard1.3)) (&& (== net462) (< net46)) (== netstandard1.6)
      System.Resources.ResourceManager (>= 4.3) - restriction: || (&& (== net45) (== net462)) (&& (== net45) (>= netstandard1.3)) (&& (== net462) (< net46)) (== netstandard1.6)
      System.Runtime (>= 4.3) - restriction: || (&& (== net45) (== net462)) (&& (== net45) (>= netstandard1.3)) (&& (== net462) (< net46)) (== netstandard1.6)
      System.Runtime.Extensions (>= 4.3) - restriction: || (&& (== net45) (== net462)) (&& (== net45) (>= netstandard1.3)) (&& (== net462) (< net46)) (== netstandard1.6)
    System.ObjectModel (4.3) - restriction: || (&& (== net45) (< net20)) (&& (== net45) (>= netstandard1.6) (< portable-net45+win8+wpa81)) (&& (== net45) (>= netstandard1.6) (>= uap10.0)) (&& (== net462) (< net20)) (&& (== net462) (< net45) (>= netstandard1.6)) (&& (== net462) (>= netstandard1.6) (< portable-net45+win8+wpa81)) (&& (== net462) (>= netstandard1.6) (>= uap10.0)) (== netstandard1.6)
      System.Collections (>= 4.3) - restriction: || (&& (== net45) (< portable-net45+win8+wp8+wpa81)) (&& (== net462) (< net45)) (&& (== net462) (< portable-net45+win8+wp8+wpa81)) (== netstandard1.6)
      System.Diagnostics.Debug (>= 4.3) - restriction: || (&& (== net45) (< portable-net45+win8+wp8+wpa81)) (&& (== net462) (< net45)) (&& (== net462) (< portable-net45+win8+wp8+wpa81)) (== netstandard1.6)
      System.Resources.ResourceManager (>= 4.3) - restriction: || (&& (== net45) (< portable-net45+win8+wp8+wpa81)) (&& (== net462) (< net45)) (&& (== net462) (< portable-net45+win8+wp8+wpa81)) (== netstandard1.6)
      System.Runtime (>= 4.3) - restriction: || (&& (== net45) (< portable-net45+win8+wp8+wpa81)) (&& (== net462) (< net45)) (&& (== net462) (< portable-net45+win8+wp8+wpa81)) (== netstandard1.6)
      System.Threading (>= 4.3) - restriction: || (&& (== net45) (< portable-net45+win8+wp8+wpa81)) (&& (== net462) (< net45)) (&& (== net462) (< portable-net45+win8+wp8+wpa81)) (== netstandard1.6)
    System.Reflection (4.3) - restriction: || (&& (== net45) (< net20)) (&& (== net45) (< net35) (>= net461)) (&& (== net45) (< net35) (>= netstandard1.6)) (&& (== net45) (>= netstandard1.6) (< portable-net45+win8+wp8+wpa81)) (&& (== net45) (>= netstandard1.6) (< portable-net45+win8+wpa81)) (&& (== net45) (>= netstandard1.6) (>= uap10.0)) (&& (== net462) (< net20)) (&& (== net462) (< net35)) (&& (== net462) (< net45) (>= netstandard1.6)) (&& (== net462) (>= netstandard1.6) (< portable-net45+win8+wp8+wpa81)) (&& (== net462) (>= netstandard1.6) (< portable-net45+win8+wpa81)) (&& (== net462) (>= netstandard1.6) (>= uap10.0)) (== netstandard1.6)
      Microsoft.NETCore.Platforms (>= 1.1) - restriction: || (&& (== net45) (< portable-net45+win8+wp8+wpa81)) (&& (== net462) (< net45)) (&& (== net462) (< portable-net45+win8+wp8+wpa81)) (== netstandard1.6)
      Microsoft.NETCore.Targets (>= 1.1) - restriction: || (&& (== net45) (< portable-net45+win8+wp8+wpa81)) (&& (== net462) (< net45)) (&& (== net462) (< portable-net45+win8+wp8+wpa81)) (== netstandard1.6)
      System.IO (>= 4.3) - restriction: || (&& (== net45) (< portable-net45+win8+wp8+wpa81)) (&& (== net462) (< net45)) (&& (== net462) (< portable-net45+win8+wp8+wpa81)) (== netstandard1.6)
      System.Reflection.Primitives (>= 4.3) - restriction: || (&& (== net45) (< portable-net45+win8+wp8+wpa81)) (&& (== net462) (< net45)) (&& (== net462) (< portable-net45+win8+wp8+wpa81)) (== netstandard1.6)
      System.Runtime (>= 4.3) - restriction: || (&& (== net45) (< portable-net45+win8+wp8+wpa81)) (&& (== net462) (< net45)) (&& (== net462) (< portable-net45+win8+wp8+wpa81)) (== netstandard1.6)
    System.Reflection.Emit (4.3) - restriction: || (&& (== net45) (< net20) (>= netstandard1.3)) (&& (== net45) (>= netstandard1.6) (< portable-net45+win8+wpa81)) (&& (== net45) (>= netstandard1.6) (>= uap10.0)) (&& (== net462) (< net20)) (&& (== net462) (< net45) (>= netstandard1.6)) (&& (== net462) (>= netstandard1.6) (< portable-net45+win8+wpa81)) (&& (== net462) (>= netstandard1.6) (>= uap10.0)) (== netstandard1.6)
      System.IO (>= 4.3) - restriction: || (&& (== net462) (< net45)) (== netstandard1.6)
      System.Reflection (>= 4.3) - restriction: || (&& (== net462) (< net45)) (== netstandard1.6)
      System.Reflection.Emit.ILGeneration (>= 4.3) - restriction: || (&& (== net462) (< net45)) (== netstandard1.6)
      System.Reflection.Primitives (>= 4.3) - restriction: || (&& (== net462) (< net45)) (== netstandard1.6)
      System.Runtime (>= 4.3) - restriction: || (&& (== net462) (< net45)) (== netstandard1.6)
    System.Reflection.Emit.ILGeneration (4.3) - restriction: || (&& (== net45) (< net20) (>= netstandard1.3)) (&& (== net45) (>= netstandard1.6) (< portable-net45+win8+wp8+wpa81)) (&& (== net45) (>= netstandard1.6) (< portable-net45+win8+wpa81)) (&& (== net45) (>= netstandard1.6) (>= uap10.0)) (&& (== net462) (< net20)) (&& (== net462) (< net45) (>= netstandard1.6)) (&& (== net462) (>= netstandard1.6) (< portable-net45+win8+wp8+wpa81)) (&& (== net462) (>= netstandard1.6) (< portable-net45+win8+wpa81)) (&& (== net462) (>= netstandard1.6) (>= uap10.0)) (== netstandard1.6)
      System.Reflection (>= 4.3) - restriction: || (&& (== net462) (< net45)) (== netstandard1.6)
      System.Reflection.Primitives (>= 4.3) - restriction: || (&& (== net462) (< net45)) (== netstandard1.6)
      System.Runtime (>= 4.3) - restriction: || (&& (== net462) (< net45)) (== netstandard1.6)
    System.Reflection.Emit.Lightweight (4.3) - restriction: || (&& (== net45) (>= netstandard1.6) (< portable-net45+win8+wp8+wpa81)) (&& (== net45) (>= netstandard1.6) (< portable-net45+win8+wpa81)) (&& (== net45) (>= netstandard1.6) (>= uap10.0)) (&& (== net462) (< net45) (>= netstandard1.6)) (&& (== net462) (>= netstandard1.6) (< portable-net45+win8+wp8+wpa81)) (&& (== net462) (>= netstandard1.6) (< portable-net45+win8+wpa81)) (&& (== net462) (>= netstandard1.6) (>= uap10.0)) (== netstandard1.6)
      System.Reflection (>= 4.3) - restriction: || (&& (== net462) (< net45)) (== netstandard1.6)
      System.Reflection.Emit.ILGeneration (>= 4.3) - restriction: || (&& (== net462) (< net45)) (== netstandard1.6)
      System.Reflection.Primitives (>= 4.3) - restriction: || (&& (== net462) (< net45)) (== netstandard1.6)
      System.Runtime (>= 4.3) - restriction: || (&& (== net462) (< net45)) (== netstandard1.6)
    System.Reflection.Extensions (4.3) - restriction: || (&& (== net45) (< net20)) (&& (== net45) (>= netstandard1.6) (< portable-net45+win8+wp8+wpa81)) (&& (== net45) (>= netstandard1.6) (< portable-net45+win8+wpa81)) (&& (== net45) (>= netstandard1.6) (>= uap10.0)) (&& (== net462) (< net20)) (&& (== net462) (< net45) (>= netstandard1.6)) (&& (== net462) (>= netstandard1.6) (< portable-net45+win8+wp8+wpa81)) (&& (== net462) (>= netstandard1.6) (< portable-net45+win8+wpa81)) (&& (== net462) (>= netstandard1.6) (>= uap10.0)) (== netstandard1.6)
      Microsoft.NETCore.Platforms (>= 1.1) - restriction: || (&& (== net45) (< portable-net45+win8+wp8+wpa81)) (&& (== net462) (< net45)) (&& (== net462) (< portable-net45+win8+wp8+wpa81)) (== netstandard1.6)
      Microsoft.NETCore.Targets (>= 1.1) - restriction: || (&& (== net45) (< portable-net45+win8+wp8+wpa81)) (&& (== net462) (< net45)) (&& (== net462) (< portable-net45+win8+wp8+wpa81)) (== netstandard1.6)
      System.Reflection (>= 4.3) - restriction: || (&& (== net45) (< portable-net45+win8+wp8+wpa81)) (&& (== net462) (< net45)) (&& (== net462) (< portable-net45+win8+wp8+wpa81)) (== netstandard1.6)
      System.Runtime (>= 4.3) - restriction: || (&& (== net45) (< portable-net45+win8+wp8+wpa81)) (&& (== net462) (< net45)) (&& (== net462) (< portable-net45+win8+wp8+wpa81)) (== netstandard1.6)
    System.Reflection.Metadata (1.5) - restriction: || (&& (== net45) (>= netstandard1.6)) (&& (== net45) (>= netstandard2.0)) (&& (== net462) (< net46) (>= netstandard1.6)) (&& (== net462) (< net46) (>= netstandard2.0)) (&& (== net462) (< netstandard1.3) (>= netstandard1.6)) (&& (== net462) (< netstandard1.3) (>= netstandard2.0)) (== netstandard1.6)
      NETStandard.Library (>= 1.6.1)
      System.Collections.Immutable (>= 1.4)
    System.Reflection.Primitives (4.3) - restriction: || (&& (== net45) (< net20)) (&& (== net45) (>= netstandard1.6) (< portable-net45+win8+wp8+wpa81)) (&& (== net45) (>= netstandard1.6) (< portable-net45+win8+wpa81)) (&& (== net45) (>= netstandard1.6) (>= uap10.0)) (&& (== net462) (< net20)) (&& (== net462) (< net45) (>= netstandard1.6)) (&& (== net462) (>= netstandard1.6) (< portable-net45+win8+wp8+wpa81)) (&& (== net462) (>= netstandard1.6) (< portable-net45+win8+wpa81)) (&& (== net462) (>= netstandard1.6) (>= uap10.0)) (== netstandard1.6)
      Microsoft.NETCore.Platforms (>= 1.1) - restriction: || (&& (== net45) (< portable-net45+win8+wp8+wpa81)) (&& (== net462) (< net45)) (&& (== net462) (< portable-net45+win8+wp8+wpa81)) (== netstandard1.6)
      Microsoft.NETCore.Targets (>= 1.1) - restriction: || (&& (== net45) (< portable-net45+win8+wp8+wpa81)) (&& (== net462) (< net45)) (&& (== net462) (< portable-net45+win8+wp8+wpa81)) (== netstandard1.6)
      System.Runtime (>= 4.3) - restriction: || (&& (== net45) (< portable-net45+win8+wp8+wpa81)) (&& (== net462) (< net45)) (&& (== net462) (< portable-net45+win8+wp8+wpa81)) (== netstandard1.6)
    System.Reflection.TypeExtensions (4.4) - restriction: || (&& (== net45) (< net20) (>= netstandard1.3)) (&& (== net45) (< net20) (>= netstandard1.5)) (&& (== net45) (< net20) (< portable-net45+win8+wp8+wpa81)) (&& (== net462) (< net20)) (== netstandard1.6)
      System.Reflection (>= 4.3) - restriction: || (== net45) (&& (== net462) (< net46)) (&& (== net462) (< netstandard1.3)) (== netstandard1.6)
      System.Resources.ResourceManager (>= 4.3) - restriction: || (== net45) (&& (== net462) (< net46)) (&& (== net462) (< netstandard1.3)) (== netstandard1.6)
      System.Runtime (>= 4.3) - restriction: || (== net45) (&& (== net462) (< net46)) (&& (== net462) (< netstandard1.3)) (== netstandard1.6)
    System.Resources.ResourceManager (4.3) - restriction: || (&& (== net45) (== net462) (>= netstandard1.6)) (&& (== net45) (< net20)) (&& (== net45) (>= net46) (>= netstandard1.6)) (&& (== net45) (>= netstandard1.6) (< portable-net45+win8+wp8+wpa81)) (&& (== net45) (>= netstandard1.6) (< portable-net45+win8+wpa81)) (&& (== net45) (>= netstandard1.6) (>= uap10.0)) (&& (== net462) (< net20)) (&& (== net462) (< net45) (>= netstandard1.6)) (&& (== net462) (< net46) (< netstandard1.4) (>= netstandard1.6)) (&& (== net462) (>= netstandard1.6) (< portable-net45+win8+wp8+wpa81)) (&& (== net462) (>= netstandard1.6) (< portable-net45+win8+wpa81)) (&& (== net462) (>= netstandard1.6) (>= uap10.0)) (== netstandard1.6)
      Microsoft.NETCore.Platforms (>= 1.1) - restriction: || (&& (== net45) (< portable-net45+win8+wp8+wpa81)) (&& (== net462) (< net45)) (&& (== net462) (< portable-net45+win8+wp8+wpa81)) (== netstandard1.6)
      Microsoft.NETCore.Targets (>= 1.1) - restriction: || (&& (== net45) (< portable-net45+win8+wp8+wpa81)) (&& (== net462) (< net45)) (&& (== net462) (< portable-net45+win8+wp8+wpa81)) (== netstandard1.6)
      System.Globalization (>= 4.3) - restriction: || (&& (== net45) (< portable-net45+win8+wp8+wpa81)) (&& (== net462) (< net45)) (&& (== net462) (< portable-net45+win8+wp8+wpa81)) (== netstandard1.6)
      System.Reflection (>= 4.3) - restriction: || (&& (== net45) (< portable-net45+win8+wp8+wpa81)) (&& (== net462) (< net45)) (&& (== net462) (< portable-net45+win8+wp8+wpa81)) (== netstandard1.6)
      System.Runtime (>= 4.3) - restriction: || (&& (== net45) (< portable-net45+win8+wp8+wpa81)) (&& (== net462) (< net45)) (&& (== net462) (< portable-net45+win8+wp8+wpa81)) (== netstandard1.6)
    System.Runtime (4.3) - restriction: || (&& (== net45) (< net20)) (&& (== net45) (>= netstandard1.6)) (&& (== net45) (>= netstandard2.0)) (&& (== net462) (< net20)) (&& (== net462) (< net45) (>= netstandard1.6)) (&& (== net462) (< net46) (>= netstandard1.6)) (&& (== net462) (< net46) (>= netstandard2.0)) (&& (== net462) (< netstandard1.1) (>= netstandard1.6)) (&& (== net462) (< netstandard1.3) (>= netstandard1.6)) (&& (== net462) (< netstandard1.3) (>= netstandard2.0)) (&& (== net462) (>= netstandard1.6) (< portable-net45+win8+wp8+wpa81)) (&& (== net462) (>= netstandard1.6) (< portable-net45+win8+wpa81)) (&& (== net462) (>= netstandard1.6) (>= uap10.0)) (== netstandard1.6)
      Microsoft.NETCore.Platforms (>= 1.1) - restriction: || (&& (== net45) (< portable-net45+win8+wp8+wpa81)) (&& (== net462) (< net45)) (&& (== net462) (< portable-net45+win8+wp8+wpa81)) (== netstandard1.6)
      Microsoft.NETCore.Targets (>= 1.1) - restriction: || (&& (== net45) (< portable-net45+win8+wp8+wpa81)) (&& (== net462) (< net45)) (&& (== net462) (< portable-net45+win8+wp8+wpa81)) (== netstandard1.6)
    System.Runtime.Extensions (4.3) - restriction: || (&& (== net45) (< net20)) (&& (== net45) (< net35) (>= net461)) (&& (== net45) (>= netstandard1.6)) (&& (== net45) (>= netstandard2.0)) (&& (== net462) (< net20)) (&& (== net462) (< net35)) (&& (== net462) (< net45) (>= netstandard1.6)) (&& (== net462) (< net46) (>= netstandard1.6)) (&& (== net462) (< net46) (>= netstandard2.0)) (&& (== net462) (< netstandard1.3) (>= netstandard1.6)) (&& (== net462) (< netstandard1.3) (>= netstandard2.0)) (&& (== net462) (>= netstandard1.6) (< portable-net45+win8+wp8+wpa81)) (&& (== net462) (>= netstandard1.6) (< portable-net45+win8+wpa81)) (&& (== net462) (>= netstandard1.6) (>= uap10.0)) (== netstandard1.6)
      Microsoft.NETCore.Platforms (>= 1.1) - restriction: || (&& (== net45) (< portable-net45+win8+wp8+wpa81)) (&& (== net462) (< net45)) (&& (== net462) (< portable-net45+win8+wp8+wpa81)) (== netstandard1.6)
      Microsoft.NETCore.Targets (>= 1.1) - restriction: || (&& (== net45) (< portable-net45+win8+wp8+wpa81)) (&& (== net462) (< net45)) (&& (== net462) (< portable-net45+win8+wp8+wpa81)) (== netstandard1.6)
      System.Runtime (>= 4.3) - restriction: || (&& (== net45) (< portable-net45+win8+wp8+wpa81)) (&& (== net462) (< net45)) (&& (== net462) (< portable-net45+win8+wp8+wpa81)) (== netstandard1.6)
    System.Runtime.Handles (4.3) - restriction: || (&& (== net45) (== net462) (>= netstandard1.6)) (&& (== net45) (>= net46) (>= netstandard1.6)) (&& (== net45) (>= netstandard1.6) (< portable-net45+win8+wp8+wpa81)) (&& (== net45) (>= netstandard1.6) (< portable-net45+win8+wpa81)) (&& (== net45) (>= netstandard1.6) (>= uap10.0)) (&& (== net462) (< net45) (>= netstandard1.6)) (&& (== net462) (< net46) (< netstandard1.4) (>= netstandard1.6)) (&& (== net462) (>= netstandard1.6) (< portable-net45+win8+wp8+wpa81)) (&& (== net462) (>= netstandard1.6) (< portable-net45+win8+wpa81)) (&& (== net462) (>= netstandard1.6) (>= uap10.0)) (== netstandard1.6)
      Microsoft.NETCore.Platforms (>= 1.1) - restriction: || (&& (== net45) (== net462)) (&& (== net45) (>= netstandard1.3)) (&& (== net462) (< net46)) (== netstandard1.6)
      Microsoft.NETCore.Targets (>= 1.1) - restriction: || (&& (== net45) (== net462)) (&& (== net45) (>= netstandard1.3)) (&& (== net462) (< net46)) (== netstandard1.6)
      System.Runtime (>= 4.3) - restriction: || (&& (== net45) (== net462)) (&& (== net45) (>= netstandard1.3)) (&& (== net462) (< net46)) (== netstandard1.6)
    System.Runtime.InteropServices (4.3) - restriction: || (&& (== net45) (>= netstandard1.6)) (&& (== net45) (>= netstandard2.0)) (&& (== net462) (< net45) (>= netstandard1.6)) (&& (== net462) (< net46) (>= netstandard1.6)) (&& (== net462) (< net46) (>= netstandard2.0)) (&& (== net462) (>= netstandard1.6) (< portable-net45+win8+wpa81)) (&& (== net462) (>= netstandard1.6) (>= uap10.0)) (== netstandard1.6)
      Microsoft.NETCore.Platforms (>= 1.1) - restriction: || (&& (== net45) (>= netcoreapp1.1)) (&& (== net45) (< portable-net45+win8+wpa81)) (&& (== net462) (< net45)) (&& (== net462) (>= netcoreapp1.1)) (&& (== net462) (< portable-net45+win8+wpa81)) (== netstandard1.6)
      Microsoft.NETCore.Targets (>= 1.1) - restriction: || (&& (== net45) (>= netcoreapp1.1)) (&& (== net45) (< portable-net45+win8+wpa81)) (&& (== net462) (< net45)) (&& (== net462) (>= netcoreapp1.1)) (&& (== net462) (< portable-net45+win8+wpa81)) (== netstandard1.6)
      System.Reflection (>= 4.3) - restriction: || (&& (== net45) (>= netcoreapp1.1)) (&& (== net45) (< portable-net45+win8+wpa81)) (&& (== net462) (< net45)) (&& (== net462) (>= netcoreapp1.1)) (&& (== net462) (< portable-net45+win8+wpa81)) (== netstandard1.6)
      System.Reflection.Primitives (>= 4.3) - restriction: || (&& (== net45) (>= netcoreapp1.1)) (&& (== net45) (< portable-net45+win8+wpa81)) (&& (== net462) (< net45)) (&& (== net462) (>= netcoreapp1.1)) (&& (== net462) (< portable-net45+win8+wpa81)) (== netstandard1.6)
      System.Runtime (>= 4.3) - restriction: || (&& (== net45) (>= net462)) (&& (== net45) (>= netcoreapp1.1)) (&& (== net45) (< portable-net45+win8+wpa81)) (== net462) (== netstandard1.6)
      System.Runtime.Handles (>= 4.3) - restriction: || (&& (== net45) (>= netcoreapp1.1)) (&& (== net45) (< portable-net45+win8+wpa81)) (&& (== net462) (< net45)) (&& (== net462) (>= netcoreapp1.1)) (&& (== net462) (< portable-net45+win8+wpa81)) (== netstandard1.6)
    System.Runtime.InteropServices.RuntimeInformation (4.3) - restriction: || (&& (== net45) (>= netstandard1.6)) (&& (== net462) (< net45) (>= netstandard1.6)) (&& (== net462) (< netstandard1.0) (>= netstandard1.6)) (&& (== net462) (< netstandard1.3) (>= netstandard1.6)) (&& (== net462) (< netstandard1.4) (>= netstandard1.6)) (&& (== net462) (>= netstandard1.6) (< portable-net451+win81+wpa81)) (&& (== net462) (>= netstandard1.6) (>= uap10.0)) (== netstandard1.6)
      runtime.native.System (>= 4.3) - restriction: || (&& (== net462) (< net45)) (== netstandard1.6)
      System.Reflection (>= 4.3) - restriction: || (&& (== net45) (< netstandard1.1)) (&& (== net462) (< net45)) (&& (== net462) (< netstandard1.1)) (== netstandard1.6)
      System.Reflection.Extensions (>= 4.3) - restriction: || (&& (== net45) (< netstandard1.1)) (&& (== net462) (< net45)) (&& (== net462) (< netstandard1.1)) (== netstandard1.6)
      System.Resources.ResourceManager (>= 4.3) - restriction: || (&& (== net45) (< netstandard1.1)) (&& (== net462) (< net45)) (&& (== net462) (< netstandard1.1)) (== netstandard1.6)
      System.Runtime (>= 4.3) - restriction: || (&& (== net45) (< netstandard1.1)) (&& (== net462) (< net45)) (&& (== net462) (< netstandard1.1)) (== netstandard1.6)
      System.Runtime.InteropServices (>= 4.3) - restriction: || (&& (== net462) (< net45)) (== netstandard1.6)
      System.Threading (>= 4.3) - restriction: || (&& (== net45) (< netstandard1.1)) (&& (== net462) (< net45)) (&& (== net462) (< netstandard1.1)) (== netstandard1.6)
    System.Runtime.Numerics (4.3) - restriction: || (&& (== net45) (>= netstandard1.6) (>= uap10.0)) (&& (== net462) (< net45) (>= netstandard1.6)) (&& (== net462) (>= netstandard1.6) (>= uap10.0)) (== netstandard1.6)
      System.Globalization (>= 4.3) - restriction: || (&& (== net45) (< portable-net45+win8+wpa81)) (&& (== net462) (< net45)) (&& (== net462) (< portable-net45+win8+wpa81)) (== netstandard1.6)
      System.Resources.ResourceManager (>= 4.3) - restriction: || (&& (== net45) (< portable-net45+win8+wpa81)) (&& (== net462) (< net45)) (&& (== net462) (< portable-net45+win8+wpa81)) (== netstandard1.6)
      System.Runtime (>= 4.3) - restriction: || (&& (== net45) (< portable-net45+win8+wpa81)) (&& (== net462) (< net45)) (&& (== net462) (< portable-net45+win8+wpa81)) (== netstandard1.6)
      System.Runtime.Extensions (>= 4.3) - restriction: || (&& (== net45) (< portable-net45+win8+wpa81)) (&& (== net462) (< net45)) (&& (== net462) (< portable-net45+win8+wpa81)) (== netstandard1.6)
    System.Runtime.Serialization.Formatters (4.3) - restriction: || (&& (== net45) (< net20) (>= netstandard1.3)) (&& (== net462) (< net20)) (== netstandard1.6)
      System.Collections (>= 4.3) - restriction: || (&& (== net45) (== net462)) (&& (== net45) (>= netstandard1.4)) (&& (== net462) (< net46)) (== netstandard1.6)
      System.Reflection (>= 4.3) - restriction: || (&& (== net45) (== net462)) (&& (== net45) (>= netstandard1.4)) (&& (== net462) (< net46)) (== netstandard1.6)
      System.Resources.ResourceManager (>= 4.3) - restriction: || (&& (== net45) (== net462)) (&& (== net45) (>= netstandard1.4)) (&& (== net462) (< net46)) (== netstandard1.6)
      System.Runtime (>= 4.3) - restriction: || (&& (== net45) (== net462)) (&& (== net45) (>= netstandard1.3)) (&& (== net45) (>= netstandard1.4)) (&& (== net462) (< net46)) (== netstandard1.6)
      System.Runtime.Serialization.Primitives (>= 4.3) - restriction: || (&& (== net45) (>= net46)) (&& (== net45) (>= netstandard1.3)) (&& (== net45) (>= netstandard1.4)) (== net462) (== netstandard1.6)
    System.Runtime.Serialization.Primitives (4.3) - restriction: || (&& (== net45) (< net20)) (&& (== net462) (< net20)) (== netstandard1.6)
      System.Resources.ResourceManager (>= 4.3) - restriction: || (&& (== net45) (< portable-net45+win8+wp8+wpa81)) (&& (== net462) (< net45)) (&& (== net462) (< portable-net45+win8+wp8+wpa81)) (== netstandard1.6)
      System.Runtime (>= 4.3) - restriction: || (&& (== net45) (< portable-net45+win8+wp8+wpa81)) (&& (== net462) (< net45)) (&& (== net462) (< portable-net45+win8+wp8+wpa81)) (== netstandard1.6)
    System.Security.Cryptography.Algorithms (4.3.1) - restriction: || (&& (== net45) (== net462) (>= netstandard1.6)) (&& (== net45) (< net35) (>= net461)) (&& (== net45) (< net35) (>= netstandard1.6)) (&& (== net45) (>= net46) (>= netstandard1.6)) (&& (== net45) (>= netstandard1.6) (>= uap10.0)) (&& (== net462) (< net35)) (&& (== net462) (< net45) (>= netstandard1.6)) (&& (== net462) (< netstandard1.4) (>= netstandard1.6)) (&& (== net462) (>= netstandard1.6) (>= uap10.0)) (== netstandard1.6)
      Microsoft.NETCore.Platforms (>= 1.1) - restriction: || (== net45) (&& (== net462) (< net46) (>= netstandard1.6)) (&& (== net462) (< netstandard1.3)) (== netstandard1.6)
      runtime.native.System.Security.Cryptography.Apple (>= 4.3.1) - restriction: || (&& (== net45) (>= netstandard1.6)) (&& (== net462) (< net46) (>= netstandard1.6)) (== netstandard1.6)
      runtime.native.System.Security.Cryptography.OpenSsl (>= 4.3.2) - restriction: || (&& (== net45) (>= netstandard1.6)) (&& (== net462) (< net46) (>= netstandard1.6)) (== netstandard1.6)
      System.Collections (>= 4.3) - restriction: || (&& (== net45) (>= netstandard1.6)) (&& (== net462) (< net46) (>= netstandard1.6)) (== netstandard1.6)
      System.IO (>= 4.3) - restriction: || (== net45) (&& (== net462) (< net46)) (&& (== net462) (>= net463)) (&& (== net462) (< netstandard1.3)) (== netstandard1.6)
      System.Resources.ResourceManager (>= 4.3) - restriction: || (== net45) (&& (== net462) (< net46) (>= netstandard1.6)) (&& (== net462) (< netstandard1.3)) (== netstandard1.6)
      System.Runtime (>= 4.3) - restriction: || (== net45) (&& (== net462) (< net46)) (&& (== net462) (>= net463)) (&& (== net462) (< netstandard1.3)) (== netstandard1.6)
      System.Runtime.Extensions (>= 4.3) - restriction: || (== net45) (&& (== net462) (< net46) (>= netstandard1.6)) (&& (== net462) (< netstandard1.3)) (== netstandard1.6)
      System.Runtime.Handles (>= 4.3) - restriction: || (== net45) (&& (== net462) (< net46) (>= netstandard1.6)) (&& (== net462) (< netstandard1.3)) (== netstandard1.6)
      System.Runtime.InteropServices (>= 4.3) - restriction: || (== net45) (&& (== net462) (< net46) (>= netstandard1.6)) (&& (== net462) (< netstandard1.3)) (== netstandard1.6)
      System.Runtime.Numerics (>= 4.3) - restriction: || (&& (== net45) (>= netstandard1.6)) (&& (== net462) (< net46) (>= netstandard1.6)) (== netstandard1.6)
      System.Security.Cryptography.Encoding (>= 4.3) - restriction: || (== net45) (&& (== net462) (< net46) (>= netstandard1.6)) (&& (== net462) (>= net463)) (&& (== net462) (< netstandard1.3)) (== netstandard1.6)
      System.Security.Cryptography.Primitives (>= 4.3)
      System.Text.Encoding (>= 4.3) - restriction: || (== net45) (&& (== net462) (< net46) (>= netstandard1.6)) (&& (== net462) (< netstandard1.3)) (== netstandard1.6)
    System.Security.Cryptography.Cng (4.4) - restriction: || (&& (== net45) (== net462) (>= netstandard1.6)) (&& (== net45) (>= net46) (>= netstandard1.6)) (&& (== net45) (>= netstandard1.6) (>= uap10.0)) (&& (== net462) (< net45) (>= netstandard1.6)) (&& (== net462) (< net46) (< netstandard1.4) (>= netstandard1.6)) (&& (== net462) (< netstandard1.3) (>= netstandard1.6)) (&& (== net462) (>= netstandard1.6) (>= uap10.0)) (== netstandard1.6)
      System.IO (>= 4.3) - restriction: || (&& (== net45) (== net462)) (&& (== net45) (>= netstandard1.3)) (&& (== net45) (>= netstandard1.4)) (&& (== net45) (>= netstandard1.6)) (&& (== net462) (< net46)) (== netstandard1.6)
      System.Resources.ResourceManager (>= 4.3) - restriction: || (&& (== net45) (== net462)) (&& (== net45) (>= netstandard1.3)) (&& (== net45) (>= netstandard1.4)) (&& (== net45) (>= netstandard1.6)) (&& (== net462) (< net46)) (== netstandard1.6)
      System.Runtime (>= 4.3) - restriction: || (&& (== net45) (== net462)) (&& (== net45) (>= netstandard1.3)) (&& (== net45) (>= netstandard1.4)) (&& (== net45) (>= netstandard1.6)) (&& (== net462) (< net46)) (== netstandard1.6)
      System.Runtime.Extensions (>= 4.3) - restriction: || (&& (== net45) (== net462)) (&& (== net45) (>= netstandard1.4)) (&& (== net45) (>= netstandard1.6)) (&& (== net462) (< net46)) (== netstandard1.6)
      System.Runtime.Handles (>= 4.3) - restriction: || (&& (== net45) (== net462)) (&& (== net45) (>= netstandard1.3)) (&& (== net45) (>= netstandard1.4)) (&& (== net45) (>= netstandard1.6)) (&& (== net462) (< net46)) (== netstandard1.6)
      System.Runtime.InteropServices (>= 4.3) - restriction: || (&& (== net45) (== net462)) (&& (== net45) (>= netstandard1.3)) (&& (== net45) (>= netstandard1.4)) (&& (== net45) (>= netstandard1.6)) (&& (== net462) (< net46)) (== netstandard1.6)
      System.Security.Cryptography.Algorithms (>= 4.3) - restriction: || (&& (== net45) (== net462)) (&& (== net45) (>= net46)) (&& (== net45) (>= netstandard1.3)) (&& (== net45) (>= netstandard1.4)) (&& (== net45) (>= netstandard1.6)) (&& (== net462) (< net46)) (&& (== net462) (< netstandard1.4)) (== netstandard1.6)
      System.Security.Cryptography.Encoding (>= 4.3) - restriction: || (&& (== net45) (== net462)) (&& (== net45) (>= netstandard1.4)) (&& (== net45) (>= netstandard1.6)) (&& (== net462) (< net46)) (== netstandard1.6)
      System.Security.Cryptography.Primitives (>= 4.3) - restriction: || (&& (== net45) (== net462)) (&& (== net45) (>= net46)) (&& (== net45) (>= netstandard1.3)) (&& (== net45) (>= netstandard1.4)) (&& (== net45) (>= netstandard1.6)) (&& (== net462) (< net46)) (&& (== net462) (< netstandard1.4)) (== netstandard1.6)
      System.Text.Encoding (>= 4.3) - restriction: || (&& (== net45) (== net462)) (&& (== net45) (>= netstandard1.4)) (&& (== net45) (>= netstandard1.6)) (&& (== net462) (< net46)) (== netstandard1.6)
    System.Security.Cryptography.Csp (4.3) - restriction: || (&& (== net45) (== net462) (>= netstandard1.6)) (&& (== net45) (< net35) (>= net461)) (&& (== net45) (< net35) (>= netstandard1.6)) (&& (== net45) (>= net46) (>= netstandard1.6)) (&& (== net45) (>= netstandard1.6) (>= uap10.0)) (&& (== net462) (< net35)) (&& (== net462) (< net45) (>= netstandard1.6)) (&& (== net462) (< net46) (< netstandard1.4) (>= netstandard1.6)) (&& (== net462) (>= netstandard1.6) (>= uap10.0)) (== netstandard1.6)
      Microsoft.NETCore.Platforms (>= 1.1) - restriction: || (&& (== net45) (== net462)) (&& (== net45) (>= netstandard1.3)) (&& (== net462) (< net46)) (== netstandard1.6)
      System.IO (>= 4.3) - restriction: || (&& (== net45) (== net462)) (&& (== net45) (>= netstandard1.3)) (&& (== net462) (< net46)) (== netstandard1.6)
      System.Reflection (>= 4.3) - restriction: || (&& (== net45) (== net462)) (&& (== net45) (>= netstandard1.3)) (&& (== net462) (< net46)) (== netstandard1.6)
      System.Resources.ResourceManager (>= 4.3) - restriction: || (&& (== net45) (== net462)) (&& (== net45) (>= netstandard1.3)) (&& (== net462) (< net46)) (== netstandard1.6)
      System.Runtime (>= 4.3) - restriction: || (&& (== net45) (== net462)) (&& (== net45) (>= netstandard1.3)) (&& (== net462) (< net46)) (== netstandard1.6)
      System.Runtime.Extensions (>= 4.3) - restriction: || (&& (== net45) (== net462)) (&& (== net45) (>= netstandard1.3)) (&& (== net462) (< net46)) (== netstandard1.6)
      System.Runtime.Handles (>= 4.3) - restriction: || (&& (== net45) (== net462)) (&& (== net45) (>= netstandard1.3)) (&& (== net462) (< net46)) (== netstandard1.6)
      System.Runtime.InteropServices (>= 4.3) - restriction: || (&& (== net45) (== net462)) (&& (== net45) (>= netstandard1.3)) (&& (== net462) (< net46)) (== netstandard1.6)
      System.Security.Cryptography.Algorithms (>= 4.3) - restriction: || (&& (== net45) (>= net46)) (&& (== net45) (>= netstandard1.3)) (== net462) (== netstandard1.6)
      System.Security.Cryptography.Encoding (>= 4.3) - restriction: || (&& (== net45) (== net462)) (&& (== net45) (>= netstandard1.3)) (&& (== net462) (< net46)) (== netstandard1.6)
      System.Security.Cryptography.Primitives (>= 4.3) - restriction: || (&& (== net45) (>= net46)) (&& (== net45) (>= netstandard1.3)) (== net462) (== netstandard1.6)
      System.Text.Encoding (>= 4.3) - restriction: || (&& (== net45) (== net462)) (&& (== net45) (>= netstandard1.3)) (&& (== net462) (< net46)) (== netstandard1.6)
      System.Threading (>= 4.3) - restriction: || (&& (== net45) (== net462)) (&& (== net45) (>= netstandard1.3)) (&& (== net462) (< net46)) (== netstandard1.6)
    System.Security.Cryptography.Encoding (4.3) - restriction: || (&& (== net45) (== net462) (>= netstandard1.6)) (&& (== net45) (>= net46) (>= netstandard1.6)) (&& (== net45) (>= net463) (>= netstandard1.6)) (&& (== net45) (>= netstandard1.6) (>= uap10.0)) (&& (== net462) (< net45) (>= netstandard1.6)) (&& (== net462) (< netstandard1.3) (>= netstandard1.6)) (&& (== net462) (< netstandard1.4) (>= netstandard1.6)) (&& (== net462) (>= netstandard1.6) (>= uap10.0)) (== netstandard1.6)
      Microsoft.NETCore.Platforms (>= 1.1) - restriction: || (&& (== net45) (== net462)) (&& (== net45) (>= netstandard1.3)) (&& (== net462) (< net46)) (== netstandard1.6)
      runtime.native.System.Security.Cryptography.OpenSsl (>= 4.3) - restriction: || (&& (== net45) (== net462)) (&& (== net45) (>= netstandard1.3)) (&& (== net462) (< net46)) (== netstandard1.6)
      System.Collections (>= 4.3) - restriction: || (&& (== net45) (== net462)) (&& (== net45) (>= netstandard1.3)) (&& (== net462) (< net46)) (== netstandard1.6)
      System.Collections.Concurrent (>= 4.3) - restriction: || (&& (== net45) (== net462)) (&& (== net45) (>= netstandard1.3)) (&& (== net462) (< net46)) (== netstandard1.6)
      System.Linq (>= 4.3) - restriction: || (&& (== net45) (== net462)) (&& (== net45) (>= netstandard1.3)) (&& (== net462) (< net46)) (== netstandard1.6)
      System.Resources.ResourceManager (>= 4.3) - restriction: || (&& (== net45) (== net462)) (&& (== net45) (>= netstandard1.3)) (&& (== net462) (< net46)) (== netstandard1.6)
      System.Runtime (>= 4.3) - restriction: || (&& (== net45) (== net462)) (&& (== net45) (>= netstandard1.3)) (&& (== net462) (< net46)) (== netstandard1.6)
      System.Runtime.Extensions (>= 4.3) - restriction: || (&& (== net45) (== net462)) (&& (== net45) (>= netstandard1.3)) (&& (== net462) (< net46)) (== netstandard1.6)
      System.Runtime.Handles (>= 4.3) - restriction: || (&& (== net45) (== net462)) (&& (== net45) (>= netstandard1.3)) (&& (== net462) (< net46)) (== netstandard1.6)
      System.Runtime.InteropServices (>= 4.3) - restriction: || (&& (== net45) (== net462)) (&& (== net45) (>= netstandard1.3)) (&& (== net462) (< net46)) (== netstandard1.6)
      System.Security.Cryptography.Primitives (>= 4.3) - restriction: || (&& (== net45) (== net462)) (&& (== net45) (>= netstandard1.3)) (&& (== net462) (< net46)) (== netstandard1.6)
      System.Text.Encoding (>= 4.3) - restriction: || (&& (== net45) (== net462)) (&& (== net45) (>= netstandard1.3)) (&& (== net462) (< net46)) (== netstandard1.6)
    System.Security.Cryptography.OpenSsl (4.4) - restriction: || (&& (== net45) (== net462) (>= netstandard1.6)) (&& (== net45) (>= net46) (>= netstandard1.6)) (&& (== net45) (>= netstandard1.6) (>= uap10.0)) (&& (== net462) (< net45) (>= netstandard1.6)) (&& (== net462) (< net46) (< netstandard1.4) (>= netstandard1.6)) (&& (== net462) (>= netstandard1.6) (>= uap10.0)) (== netstandard1.6)
      System.Collections (>= 4.3) - restriction: || (&& (== net45) (>= netstandard1.6)) (&& (== net462) (< net461) (>= netstandard1.6)) (== netstandard1.6)
      System.IO (>= 4.3) - restriction: || (&& (== net45) (>= netstandard1.6)) (&& (== net462) (< net461) (>= netstandard1.6)) (== netstandard1.6)
      System.Resources.ResourceManager (>= 4.3) - restriction: || (&& (== net45) (>= netstandard1.6)) (&& (== net462) (< net461) (>= netstandard1.6)) (== netstandard1.6)
      System.Runtime (>= 4.3) - restriction: || (&& (== net45) (>= netstandard1.6)) (&& (== net462) (< net461) (>= netstandard1.6)) (== netstandard1.6)
      System.Runtime.Extensions (>= 4.3) - restriction: || (&& (== net45) (>= netstandard1.6)) (&& (== net462) (< net461) (>= netstandard1.6)) (== netstandard1.6)
      System.Runtime.Handles (>= 4.3) - restriction: || (&& (== net45) (>= netstandard1.6)) (&& (== net462) (< net461) (>= netstandard1.6)) (== netstandard1.6)
      System.Runtime.InteropServices (>= 4.3) - restriction: || (&& (== net45) (>= netstandard1.6)) (&& (== net462) (< net461) (>= netstandard1.6)) (== netstandard1.6)
      System.Runtime.Numerics (>= 4.3) - restriction: || (&& (== net45) (>= netstandard1.6)) (&& (== net462) (< net461) (>= netstandard1.6)) (== netstandard1.6)
      System.Security.Cryptography.Algorithms (>= 4.3) - restriction: || (&& (== net45) (>= netstandard1.6)) (&& (== net462) (< net461) (>= netstandard1.6)) (== netstandard1.6)
      System.Security.Cryptography.Encoding (>= 4.3) - restriction: || (&& (== net45) (>= netstandard1.6)) (&& (== net462) (< net461) (>= netstandard1.6)) (== netstandard1.6)
      System.Security.Cryptography.Primitives (>= 4.3) - restriction: || (&& (== net45) (>= netstandard1.6)) (&& (== net462) (< net461) (>= netstandard1.6)) (== netstandard1.6)
      System.Text.Encoding (>= 4.3) - restriction: || (&& (== net45) (>= netstandard1.6)) (&& (== net462) (< net461) (>= netstandard1.6)) (== netstandard1.6)
    System.Security.Cryptography.Primitives (4.3) - restriction: || (&& (== net45) (== net462) (>= netstandard1.6)) (&& (== net45) (>= net46) (>= netstandard1.6)) (&& (== net45) (>= net461) (>= netstandard1.6)) (&& (== net45) (>= net463) (>= netstandard1.6)) (&& (== net45) (>= netstandard1.6) (>= uap10.0)) (&& (== net462) (< net45) (>= netstandard1.6)) (&& (== net462) (< netstandard1.3) (>= netstandard1.6)) (&& (== net462) (< netstandard1.4) (>= netstandard1.6)) (&& (== net462) (>= netstandard1.6) (>= uap10.0)) (== netstandard1.6)
      System.Diagnostics.Debug (>= 4.3) - restriction: || (&& (== net45) (== net462)) (&& (== net45) (>= netstandard1.3)) (&& (== net462) (< net46)) (== netstandard1.6)
      System.Globalization (>= 4.3) - restriction: || (&& (== net45) (== net462)) (&& (== net45) (>= netstandard1.3)) (&& (== net462) (< net46)) (== netstandard1.6)
      System.IO (>= 4.3) - restriction: || (&& (== net45) (== net462)) (&& (== net45) (>= netstandard1.3)) (&& (== net462) (< net46)) (== netstandard1.6)
      System.Resources.ResourceManager (>= 4.3) - restriction: || (&& (== net45) (== net462)) (&& (== net45) (>= netstandard1.3)) (&& (== net462) (< net46)) (== netstandard1.6)
      System.Runtime (>= 4.3) - restriction: || (&& (== net45) (== net462)) (&& (== net45) (>= netstandard1.3)) (&& (== net462) (< net46)) (== netstandard1.6)
      System.Threading (>= 4.3) - restriction: || (&& (== net45) (== net462)) (&& (== net45) (>= netstandard1.3)) (&& (== net462) (< net46)) (== netstandard1.6)
      System.Threading.Tasks (>= 4.3) - restriction: || (&& (== net45) (== net462)) (&& (== net45) (>= netstandard1.3)) (&& (== net462) (< net46)) (== netstandard1.6)
    System.Security.Cryptography.X509Certificates (4.3.2) - restriction: || (&& (== net45) (== net462) (>= netstandard1.6)) (&& (== net45) (>= net46) (>= netstandard1.6)) (&& (== net45) (>= netstandard1.6) (>= uap10.0)) (&& (== net462) (< net45) (>= netstandard1.6)) (&& (== net462) (< netstandard1.4) (>= netstandard1.6)) (&& (== net462) (>= netstandard1.6) (< portable-net45+win8+wpa81)) (&& (== net462) (>= netstandard1.6) (>= uap10.0)) (== netstandard1.6)
      Microsoft.NETCore.Platforms (>= 1.1) - restriction: || (== net45) (&& (== net462) (< net46) (>= netstandard1.6)) (&& (== net462) (< netstandard1.3)) (== netstandard1.6)
      runtime.native.System (>= 4.3) - restriction: || (&& (== net45) (>= netstandard1.6)) (&& (== net462) (< net46) (>= netstandard1.6)) (== netstandard1.6)
      runtime.native.System.Net.Http (>= 4.3) - restriction: || (&& (== net45) (>= netstandard1.6)) (&& (== net462) (< net46) (>= netstandard1.6)) (== netstandard1.6)
      runtime.native.System.Security.Cryptography.OpenSsl (>= 4.3.2) - restriction: || (&& (== net45) (>= netstandard1.6)) (&& (== net462) (< net46) (>= netstandard1.6)) (== netstandard1.6)
      System.Collections (>= 4.3) - restriction: || (== net45) (&& (== net462) (< net46) (>= netstandard1.6)) (&& (== net462) (< netstandard1.3)) (== netstandard1.6)
      System.Diagnostics.Debug (>= 4.3) - restriction: || (&& (== net45) (>= netstandard1.6)) (&& (== net462) (< net46) (>= netstandard1.6)) (== netstandard1.6)
      System.Globalization (>= 4.3) - restriction: || (== net45) (&& (== net462) (< net46) (>= netstandard1.6)) (&& (== net462) (< netstandard1.3)) (== netstandard1.6)
      System.Globalization.Calendars (>= 4.3) - restriction: || (== net45) (&& (== net462) (< net46) (>= netstandard1.6)) (&& (== net462) (< netstandard1.3)) (== netstandard1.6)
      System.IO (>= 4.3) - restriction: || (== net45) (&& (== net462) (< net46) (>= netstandard1.6)) (&& (== net462) (< netstandard1.3)) (== netstandard1.6)
      System.IO.FileSystem (>= 4.3) - restriction: || (== net45) (&& (== net462) (< net46) (>= netstandard1.6)) (&& (== net462) (< netstandard1.3)) (== netstandard1.6)
      System.IO.FileSystem.Primitives (>= 4.3) - restriction: || (&& (== net45) (>= netstandard1.6)) (&& (== net462) (< net46) (>= netstandard1.6)) (== netstandard1.6)
      System.Resources.ResourceManager (>= 4.3) - restriction: || (== net45) (&& (== net462) (< net46) (>= netstandard1.6)) (&& (== net462) (< netstandard1.3)) (== netstandard1.6)
      System.Runtime (>= 4.3) - restriction: || (== net45) (&& (== net462) (< net46)) (&& (== net462) (< netstandard1.3)) (== netstandard1.6)
      System.Runtime.Extensions (>= 4.3) - restriction: || (== net45) (&& (== net462) (< net46) (>= netstandard1.6)) (&& (== net462) (< netstandard1.3)) (== netstandard1.6)
      System.Runtime.Handles (>= 4.3) - restriction: || (== net45) (&& (== net462) (< net46)) (&& (== net462) (< netstandard1.3)) (== netstandard1.6)
      System.Runtime.InteropServices (>= 4.3) - restriction: || (== net45) (&& (== net462) (< net46) (>= netstandard1.6)) (&& (== net462) (< netstandard1.3)) (== netstandard1.6)
      System.Runtime.Numerics (>= 4.3) - restriction: || (== net45) (&& (== net462) (< net46) (>= netstandard1.6)) (&& (== net462) (< netstandard1.3)) (== netstandard1.6)
      System.Security.Cryptography.Algorithms (>= 4.3)
      System.Security.Cryptography.Cng (>= 4.3) - restriction: || (== net45) (&& (== net462) (< net46) (>= netstandard1.6)) (&& (== net462) (< netstandard1.3)) (== netstandard1.6)
      System.Security.Cryptography.Csp (>= 4.3) - restriction: || (&& (== net45) (>= netstandard1.6)) (&& (== net462) (< net46) (>= netstandard1.6)) (== netstandard1.6)
      System.Security.Cryptography.Encoding (>= 4.3)
      System.Security.Cryptography.OpenSsl (>= 4.3) - restriction: || (&& (== net45) (>= netstandard1.6)) (&& (== net462) (< net46) (>= netstandard1.6)) (== netstandard1.6)
      System.Security.Cryptography.Primitives (>= 4.3) - restriction: || (== net45) (&& (== net462) (< net46) (>= netstandard1.6)) (&& (== net462) (< netstandard1.3)) (== netstandard1.6)
      System.Text.Encoding (>= 4.3) - restriction: || (== net45) (&& (== net462) (< net46) (>= netstandard1.6)) (&& (== net462) (< netstandard1.3)) (== netstandard1.6)
      System.Threading (>= 4.3) - restriction: || (== net45) (&& (== net462) (< net46) (>= netstandard1.6)) (&& (== net462) (< netstandard1.3)) (== netstandard1.6)
    System.Text.Encoding (4.3) - restriction: || (&& (== net45) (== net462) (>= netstandard1.6)) (&& (== net45) (< net20) (>= netstandard1.3)) (&& (== net45) (>= net46) (>= netstandard1.6)) (&& (== net45) (>= netstandard1.6) (< portable-net45+win8+wp8+wpa81)) (&& (== net45) (>= netstandard1.6) (< portable-net45+win8+wpa81)) (&& (== net45) (>= netstandard1.6) (>= uap10.0)) (&& (== net462) (< net20)) (&& (== net462) (< net45) (>= netstandard1.6)) (&& (== net462) (< net46) (< netstandard1.4) (>= netstandard1.6)) (&& (== net462) (< netstandard1.3) (>= netstandard1.6)) (&& (== net462) (>= netstandard1.6) (< portable-net45+win8+wp8+wpa81)) (&& (== net462) (>= netstandard1.6) (< portable-net45+win8+wpa81)) (&& (== net462) (>= netstandard1.6) (>= uap10.0)) (== netstandard1.6)
      Microsoft.NETCore.Platforms (>= 1.1) - restriction: || (&& (== net45) (< portable-net45+win8+wp8+wpa81)) (&& (== net462) (< net45)) (&& (== net462) (< portable-net45+win8+wp8+wpa81)) (== netstandard1.6)
      Microsoft.NETCore.Targets (>= 1.1) - restriction: || (&& (== net45) (< portable-net45+win8+wp8+wpa81)) (&& (== net462) (< net45)) (&& (== net462) (< portable-net45+win8+wp8+wpa81)) (== netstandard1.6)
      System.Runtime (>= 4.3) - restriction: || (&& (== net45) (< portable-net45+win8+wp8+wpa81)) (&& (== net462) (< net45)) (&& (== net462) (< portable-net45+win8+wp8+wpa81)) (== netstandard1.6)
    System.Text.Encoding.Extensions (4.3) - restriction: || (&& (== net45) (>= netstandard1.6) (< portable-net45+win8+wpa81)) (&& (== net45) (>= netstandard1.6) (>= uap10.0)) (&& (== net462) (< net45) (>= netstandard1.6)) (&& (== net462) (>= netstandard1.6) (< portable-net45+win8+wpa81)) (&& (== net462) (>= netstandard1.6) (>= uap10.0)) (== netstandard1.6)
      Microsoft.NETCore.Platforms (>= 1.1) - restriction: || (&& (== net45) (< portable-net45+win8+wp8+wpa81)) (&& (== net462) (< net45)) (&& (== net462) (< portable-net45+win8+wp8+wpa81)) (== netstandard1.6)
      Microsoft.NETCore.Targets (>= 1.1) - restriction: || (&& (== net45) (< portable-net45+win8+wp8+wpa81)) (&& (== net462) (< net45)) (&& (== net462) (< portable-net45+win8+wp8+wpa81)) (== netstandard1.6)
      System.Runtime (>= 4.3) - restriction: || (&& (== net45) (< portable-net45+win8+wp8+wpa81)) (&& (== net462) (< net45)) (&& (== net462) (< portable-net45+win8+wp8+wpa81)) (== netstandard1.6)
      System.Text.Encoding (>= 4.3) - restriction: || (&& (== net45) (< portable-net45+win8+wp8+wpa81)) (&& (== net462) (< net45)) (&& (== net462) (< portable-net45+win8+wp8+wpa81)) (== netstandard1.6)
    System.Text.RegularExpressions (4.3) - restriction: || (&& (== net45) (>= netstandard1.6) (< portable-net45+win8+wpa81)) (&& (== net45) (>= netstandard1.6) (>= uap10.0)) (&& (== net462) (< net45) (>= netstandard1.6)) (&& (== net462) (>= netstandard1.6) (< portable-net45+win8+wpa81)) (&& (== net462) (>= netstandard1.6) (>= uap10.0)) (== netstandard1.6)
      System.Collections (>= 4.3) - restriction: || (&& (== net45) (< portable-net45+win8+wp8+wpa81)) (&& (== net462) (< net45) (>= netstandard1.6)) (&& (== net462) (< portable-net45+win8+wp8+wpa81)) (== netstandard1.6)
      System.Globalization (>= 4.3) - restriction: || (&& (== net45) (< portable-net45+win8+wp8+wpa81)) (&& (== net462) (< net45) (>= netstandard1.6)) (&& (== net462) (< portable-net45+win8+wp8+wpa81)) (== netstandard1.6)
      System.Resources.ResourceManager (>= 4.3) - restriction: || (&& (== net45) (< portable-net45+win8+wp8+wpa81)) (&& (== net462) (< net45) (>= netstandard1.6)) (&& (== net462) (< portable-net45+win8+wp8+wpa81)) (== netstandard1.6)
      System.Runtime (>= 4.3) - restriction: || (&& (== net45) (>= netcoreapp1.1)) (&& (== net45) (< portable-net45+win8+wp8+wpa81)) (&& (== net462) (< net45)) (&& (== net462) (>= netcoreapp1.1)) (&& (== net462) (< portable-net45+win8+wp8+wpa81)) (== netstandard1.6)
      System.Runtime.Extensions (>= 4.3) - restriction: || (&& (== net45) (< portable-net45+win8+wp8+wpa81)) (&& (== net462) (< net45) (>= netstandard1.6)) (&& (== net462) (< portable-net45+win8+wp8+wpa81)) (== netstandard1.6)
      System.Threading (>= 4.3) - restriction: || (&& (== net45) (< portable-net45+win8+wp8+wpa81)) (&& (== net462) (< net45) (>= netstandard1.6)) (&& (== net462) (< portable-net45+win8+wp8+wpa81)) (== netstandard1.6)
    System.Threading (4.3) - restriction: || (&& (== net45) (== net462) (>= netstandard1.6)) (&& (== net45) (< net20)) (&& (== net45) (< net35) (>= net461)) (&& (== net45) (< net35) (>= netstandard1.6)) (&& (== net45) (>= net46) (>= netstandard1.6)) (&& (== net45) (< netstandard1.1) (>= netstandard1.6)) (&& (== net45) (>= netstandard1.6) (< portable-net45+win8+wp8+wpa81)) (&& (== net45) (>= netstandard1.6) (< portable-net45+win8+wpa81)) (&& (== net45) (>= netstandard1.6) (>= uap10.0)) (&& (== net462) (< net20)) (&& (== net462) (< net35)) (&& (== net462) (< net45) (>= netstandard1.6)) (&& (== net462) (< net46) (< netstandard1.4) (>= netstandard1.6)) (&& (== net462) (< netstandard1.0) (>= netstandard1.6)) (&& (== net462) (< netstandard1.1) (>= netstandard1.6)) (&& (== net462) (< netstandard1.3) (>= netstandard1.6)) (&& (== net462) (>= netstandard1.6) (< portable-net45+win8+wp8+wpa81)) (&& (== net462) (>= netstandard1.6) (< portable-net45+win8+wpa81)) (&& (== net462) (>= netstandard1.6) (>= uap10.0)) (== netstandard1.6)
      System.Runtime (>= 4.3) - restriction: || (&& (== net45) (< portable-net45+win8+wp8+wpa81)) (&& (== net462) (< net45)) (&& (== net462) (< portable-net45+win8+wp8+wpa81)) (== netstandard1.6)
      System.Threading.Tasks (>= 4.3) - restriction: || (&& (== net45) (< portable-net45+win8+wp8+wpa81)) (&& (== net462) (< net45)) (&& (== net462) (< portable-net45+win8+wp8+wpa81)) (== netstandard1.6)
    System.Threading.Tasks (4.3) - restriction: || (&& (== net45) (== net462) (>= netstandard1.6)) (&& (== net45) (>= net46) (>= netstandard1.6)) (&& (== net45) (>= netstandard1.6) (< portable-net45+win8+wp8+wpa81)) (&& (== net45) (>= netstandard1.6) (< portable-net45+win8+wpa81)) (&& (== net45) (>= netstandard1.6) (>= uap10.0)) (&& (== net462) (< net45) (>= netstandard1.6)) (&& (== net462) (< net46) (< netstandard1.4) (>= netstandard1.6)) (&& (== net462) (>= netstandard1.6) (< portable-net45+win8+wp8+wpa81)) (&& (== net462) (>= netstandard1.6) (< portable-net45+win8+wpa81)) (&& (== net462) (>= netstandard1.6) (>= uap10.0)) (== netstandard1.6)
      Microsoft.NETCore.Platforms (>= 1.1) - restriction: || (&& (== net45) (< portable-net45+win8+wp8+wpa81)) (&& (== net462) (< net45)) (&& (== net462) (< portable-net45+win8+wp8+wpa81)) (== netstandard1.6)
      Microsoft.NETCore.Targets (>= 1.1) - restriction: || (&& (== net45) (< portable-net45+win8+wp8+wpa81)) (&& (== net462) (< net45)) (&& (== net462) (< portable-net45+win8+wp8+wpa81)) (== netstandard1.6)
      System.Runtime (>= 4.3) - restriction: || (&& (== net45) (< portable-net45+win8+wp8+wpa81)) (&& (== net462) (< net45)) (&& (== net462) (< portable-net45+win8+wp8+wpa81)) (== netstandard1.6)
    System.Threading.Tasks.Extensions (4.4) - restriction: || (&& (== net45) (>= netstandard1.6) (< portable-net45+win8+wp8+wpa81)) (&& (== net45) (>= netstandard1.6) (< portable-net45+win8+wpa81)) (&& (== net45) (>= netstandard1.6) (>= uap10.0)) (&& (== net462) (< net45) (>= netstandard1.6)) (&& (== net462) (>= netstandard1.6) (< portable-net45+win8+wp8+wpa81)) (&& (== net462) (>= netstandard1.6) (< portable-net45+win8+wpa81)) (&& (== net462) (>= netstandard1.6) (>= uap10.0)) (== netstandard1.6)
      System.Collections (>= 4.3)
      System.Runtime (>= 4.3)
      System.Threading.Tasks (>= 4.3)
    System.Threading.Tasks.Parallel (4.3) - restriction: || (&& (== net462) (< net45) (>= netstandard1.6)) (== netstandard1.6)
      System.Collections.Concurrent (>= 4.3) - restriction: || (&& (== net45) (< portable-net45+win8+wpa81)) (&& (== net462) (< net45)) (&& (== net462) (< portable-net45+win8+wpa81)) (== netstandard1.6)
      System.Diagnostics.Debug (>= 4.3) - restriction: || (&& (== net45) (< portable-net45+win8+wpa81)) (&& (== net462) (< net45)) (&& (== net462) (< portable-net45+win8+wpa81)) (== netstandard1.6)
      System.Diagnostics.Tracing (>= 4.3) - restriction: || (&& (== net45) (< portable-net45+win8+wpa81)) (&& (== net462) (< net45)) (&& (== net462) (< portable-net45+win8+wpa81)) (== netstandard1.6)
      System.Resources.ResourceManager (>= 4.3) - restriction: || (&& (== net45) (< portable-net45+win8+wpa81)) (&& (== net462) (< net45)) (&& (== net462) (< portable-net45+win8+wpa81)) (== netstandard1.6)
      System.Runtime (>= 4.3) - restriction: || (&& (== net45) (< portable-net45+win8+wpa81)) (&& (== net462) (< net45)) (&& (== net462) (< portable-net45+win8+wpa81)) (== netstandard1.6)
      System.Runtime.Extensions (>= 4.3) - restriction: || (&& (== net45) (< portable-net45+win8+wpa81)) (&& (== net462) (< net45)) (&& (== net462) (< portable-net45+win8+wpa81)) (== netstandard1.6)
      System.Threading (>= 4.3) - restriction: || (&& (== net45) (< portable-net45+win8+wpa81)) (&& (== net462) (< net45)) (&& (== net462) (< portable-net45+win8+wpa81)) (== netstandard1.6)
      System.Threading.Tasks (>= 4.3) - restriction: || (&& (== net45) (< portable-net45+win8+wpa81)) (&& (== net462) (< net45)) (&& (== net462) (< portable-net45+win8+wpa81)) (== netstandard1.6)
    System.Threading.Thread (4.3) - restriction: || (&& (== net462) (< net45) (>= netstandard1.6)) (== netstandard1.6)
      System.Runtime (>= 4.3) - restriction: || (&& (== net45) (== net462)) (&& (== net45) (>= netstandard1.3)) (&& (== net462) (< net46)) (== netstandard1.6)
    System.Threading.ThreadPool (4.3) - restriction: || (&& (== net462) (< net45) (>= netstandard1.6)) (== netstandard1.6)
      System.Runtime (>= 4.3) - restriction: || (&& (== net45) (== net462)) (&& (== net45) (>= netstandard1.3)) (&& (== net462) (< net46)) (== netstandard1.6)
      System.Runtime.Handles (>= 4.3) - restriction: || (&& (== net45) (== net462)) (&& (== net45) (>= netstandard1.3)) (&& (== net462) (< net46)) (== netstandard1.6)
    System.Threading.Timer (4.3) - restriction: || (&& (== net45) (>= netstandard1.6) (>= uap10.0)) (&& (== net462) (< net45) (>= netstandard1.6)) (&& (== net462) (>= netstandard1.6) (>= uap10.0)) (== netstandard1.6)
      Microsoft.NETCore.Platforms (>= 1.1) - restriction: || (== net45) (&& (== net462) (< net451)) (&& (== net462) (< portable-net451+win81+wpa81)) (== netstandard1.6)
      Microsoft.NETCore.Targets (>= 1.1) - restriction: || (== net45) (&& (== net462) (< net451)) (&& (== net462) (< portable-net451+win81+wpa81)) (== netstandard1.6)
      System.Runtime (>= 4.3) - restriction: || (== net45) (&& (== net462) (< net451)) (&& (== net462) (< portable-net451+win81+wpa81)) (== netstandard1.6)
    System.ValueTuple (4.4) - restriction: || (&& (== net45) (>= net461)) (&& (== net45) (>= netstandard1.6)) (== net462) (== netstandard1.6)
      NETStandard.Library (>= 1.6.1) - restriction: || (== net45) (&& (== net462) (< net461)) (== netstandard1.6)
    System.Xml.ReaderWriter (4.3.1) - restriction: || (&& (== net45) (== net462) (>= netstandard1.6)) (&& (== net45) (< net20) (>= netstandard1.3)) (&& (== net45) (>= net46) (>= netstandard1.6)) (&& (== net45) (>= netstandard1.6) (< portable-net45+win8+wpa81)) (&& (== net45) (>= netstandard1.6) (>= uap10.0)) (&& (== net462) (< net20)) (&& (== net462) (< net45) (>= netstandard1.6)) (&& (== net462) (< netstandard1.4) (>= netstandard1.6)) (&& (== net462) (>= netstandard1.6) (< portable-net45+win8+wpa81)) (&& (== net462) (>= netstandard1.6) (>= uap10.0)) (== netstandard1.6)
      System.Collections (>= 4.3) - restriction: || (&& (== net45) (< portable-net45+win8+wp8+wpa81)) (&& (== net462) (< net45)) (&& (== net462) (< portable-net45+win8+wp8+wpa81)) (== netstandard1.6)
      System.Diagnostics.Debug (>= 4.3) - restriction: || (&& (== net45) (< portable-net45+win8+wp8+wpa81)) (&& (== net462) (< net45)) (&& (== net462) (< portable-net45+win8+wp8+wpa81)) (== netstandard1.6)
      System.Globalization (>= 4.3) - restriction: || (&& (== net45) (< portable-net45+win8+wp8+wpa81)) (&& (== net462) (< net45)) (&& (== net462) (< portable-net45+win8+wp8+wpa81)) (== netstandard1.6)
      System.IO (>= 4.3) - restriction: || (&& (== net45) (< portable-net45+win8+wp8+wpa81)) (&& (== net462) (< net45)) (&& (== net462) (< portable-net45+win8+wp8+wpa81)) (== netstandard1.6)
      System.IO.FileSystem (>= 4.3) - restriction: || (&& (== net45) (< portable-net45+win8+wp8+wpa81)) (&& (== net462) (< net45)) (&& (== net462) (< portable-net45+win8+wp8+wpa81)) (== netstandard1.6)
      System.IO.FileSystem.Primitives (>= 4.3) - restriction: || (&& (== net45) (< portable-net45+win8+wp8+wpa81)) (&& (== net462) (< net45)) (&& (== net462) (< portable-net45+win8+wp8+wpa81)) (== netstandard1.6)
      System.Resources.ResourceManager (>= 4.3) - restriction: || (&& (== net45) (< portable-net45+win8+wp8+wpa81)) (&& (== net462) (< net45)) (&& (== net462) (< portable-net45+win8+wp8+wpa81)) (== netstandard1.6)
      System.Runtime (>= 4.3) - restriction: || (&& (== net45) (< portable-net45+win8+wp8+wpa81)) (&& (== net462) (< net45)) (&& (== net462) (< portable-net45+win8+wp8+wpa81)) (== netstandard1.6)
      System.Runtime.Extensions (>= 4.3) - restriction: || (&& (== net45) (< portable-net45+win8+wp8+wpa81)) (&& (== net462) (< net45)) (&& (== net462) (< portable-net45+win8+wp8+wpa81)) (== netstandard1.6)
      System.Runtime.InteropServices (>= 4.3) - restriction: || (&& (== net45) (< portable-net45+win8+wp8+wpa81)) (&& (== net462) (< net45)) (&& (== net462) (< portable-net45+win8+wp8+wpa81)) (== netstandard1.6)
      System.Text.Encoding (>= 4.3) - restriction: || (&& (== net45) (< portable-net45+win8+wp8+wpa81)) (&& (== net462) (< net45)) (&& (== net462) (< portable-net45+win8+wp8+wpa81)) (== netstandard1.6)
      System.Text.Encoding.Extensions (>= 4.3) - restriction: || (&& (== net45) (< portable-net45+win8+wp8+wpa81)) (&& (== net462) (< net45)) (&& (== net462) (< portable-net45+win8+wp8+wpa81)) (== netstandard1.6)
      System.Text.RegularExpressions (>= 4.3) - restriction: || (&& (== net45) (< portable-net45+win8+wp8+wpa81)) (&& (== net462) (< net45)) (&& (== net462) (< portable-net45+win8+wp8+wpa81)) (== netstandard1.6)
      System.Threading.Tasks (>= 4.3) - restriction: || (&& (== net45) (< portable-net45+win8+wp8+wpa81)) (&& (== net462) (< net45)) (&& (== net462) (< portable-net45+win8+wp8+wpa81)) (== netstandard1.6)
      System.Threading.Tasks.Extensions (>= 4.3) - restriction: || (&& (== net45) (< portable-net45+win8+wp8+wpa81)) (&& (== net462) (< net45)) (&& (== net462) (< portable-net45+win8+wp8+wpa81)) (== netstandard1.6)
    System.Xml.XDocument (4.3) - restriction: || (&& (== net45) (>= netstandard1.6) (< portable-net45+win8+wpa81)) (&& (== net45) (>= netstandard1.6) (>= uap10.0)) (&& (== net462) (< net45) (>= netstandard1.6)) (&& (== net462) (>= netstandard1.6) (< portable-net45+win8+wpa81)) (&& (== net462) (>= netstandard1.6) (>= uap10.0)) (== netstandard1.6)
      System.Collections (>= 4.3) - restriction: || (&& (== net45) (< portable-net45+win8+wp8+wpa81)) (&& (== net462) (< net45)) (&& (== net462) (< portable-net45+win8+wp8+wpa81)) (== netstandard1.6)
      System.Diagnostics.Debug (>= 4.3) - restriction: || (&& (== net45) (< portable-net45+win8+wp8+wpa81)) (&& (== net462) (< net45)) (&& (== net462) (< portable-net45+win8+wp8+wpa81)) (== netstandard1.6)
      System.Diagnostics.Tools (>= 4.3) - restriction: || (&& (== net45) (< portable-net45+win8+wp8+wpa81)) (&& (== net462) (< net45)) (&& (== net462) (< portable-net45+win8+wp8+wpa81)) (== netstandard1.6)
      System.Globalization (>= 4.3) - restriction: || (&& (== net45) (< portable-net45+win8+wp8+wpa81)) (&& (== net462) (< net45)) (&& (== net462) (< portable-net45+win8+wp8+wpa81)) (== netstandard1.6)
      System.IO (>= 4.3) - restriction: || (&& (== net45) (< portable-net45+win8+wp8+wpa81)) (&& (== net462) (< net45)) (&& (== net462) (< portable-net45+win8+wp8+wpa81)) (== netstandard1.6)
      System.Reflection (>= 4.3) - restriction: || (&& (== net45) (< portable-net45+win8+wp8+wpa81)) (&& (== net462) (< net45)) (&& (== net462) (< portable-net45+win8+wp8+wpa81)) (== netstandard1.6)
      System.Resources.ResourceManager (>= 4.3) - restriction: || (&& (== net45) (< portable-net45+win8+wp8+wpa81)) (&& (== net462) (< net45)) (&& (== net462) (< portable-net45+win8+wp8+wpa81)) (== netstandard1.6)
      System.Runtime (>= 4.3) - restriction: || (&& (== net45) (< portable-net45+win8+wp8+wpa81)) (&& (== net462) (< net45)) (&& (== net462) (< portable-net45+win8+wp8+wpa81)) (== netstandard1.6)
      System.Runtime.Extensions (>= 4.3) - restriction: || (&& (== net45) (< portable-net45+win8+wp8+wpa81)) (&& (== net462) (< net45)) (&& (== net462) (< portable-net45+win8+wp8+wpa81)) (== netstandard1.6)
      System.Text.Encoding (>= 4.3) - restriction: || (&& (== net45) (< portable-net45+win8+wp8+wpa81)) (&& (== net462) (< net45)) (&& (== net462) (< portable-net45+win8+wp8+wpa81)) (== netstandard1.6)
      System.Threading (>= 4.3) - restriction: || (&& (== net45) (< portable-net45+win8+wp8+wpa81)) (&& (== net462) (< net45)) (&& (== net462) (< portable-net45+win8+wp8+wpa81)) (== netstandard1.6)
      System.Xml.ReaderWriter (>= 4.3) - restriction: || (&& (== net45) (< portable-net45+win8+wp8+wpa81)) (&& (== net462) (< net45)) (&& (== net462) (< portable-net45+win8+wp8+wpa81)) (== netstandard1.6)
    System.Xml.XmlDocument (4.3) - restriction: || (&& (== net45) (< net20) (>= netstandard1.3)) (&& (== net462) (< net20)) (== netstandard1.6)
      System.Collections (>= 4.3) - restriction: || (&& (== net45) (== net462)) (&& (== net45) (>= netstandard1.3)) (&& (== net462) (< net46)) (== netstandard1.6)
      System.Diagnostics.Debug (>= 4.3) - restriction: || (&& (== net45) (== net462)) (&& (== net45) (>= netstandard1.3)) (&& (== net462) (< net46)) (== netstandard1.6)
      System.Globalization (>= 4.3) - restriction: || (&& (== net45) (== net462)) (&& (== net45) (>= netstandard1.3)) (&& (== net462) (< net46)) (== netstandard1.6)
      System.IO (>= 4.3) - restriction: || (&& (== net45) (== net462)) (&& (== net45) (>= netstandard1.3)) (&& (== net462) (< net46)) (== netstandard1.6)
      System.Resources.ResourceManager (>= 4.3) - restriction: || (&& (== net45) (== net462)) (&& (== net45) (>= netstandard1.3)) (&& (== net462) (< net46)) (== netstandard1.6)
      System.Runtime (>= 4.3) - restriction: || (&& (== net45) (== net462)) (&& (== net45) (>= netstandard1.3)) (&& (== net462) (< net46)) (== netstandard1.6)
      System.Runtime.Extensions (>= 4.3) - restriction: || (&& (== net45) (== net462)) (&& (== net45) (>= netstandard1.3)) (&& (== net462) (< net46)) (== netstandard1.6)
      System.Text.Encoding (>= 4.3) - restriction: || (&& (== net45) (== net462)) (&& (== net45) (>= netstandard1.3)) (&& (== net462) (< net46)) (== netstandard1.6)
      System.Threading (>= 4.3) - restriction: || (&& (== net45) (== net462)) (&& (== net45) (>= netstandard1.3)) (&& (== net462) (< net46)) (== netstandard1.6)
      System.Xml.ReaderWriter (>= 4.3) - restriction: || (&& (== net45) (== net462)) (&& (== net45) (>= netstandard1.3)) (&& (== net462) (< net46)) (== netstandard1.6)
